{
  "aor": 0.0006091358024691359,
  "aqi": 0.008038435524691356,
  "bids_meta": {
    "AcquisitionNumber": 1,
    "AcquisitionTime": "10:43:36.310000",
    "BandwidthPerPixelPhaseEncode": 31.888,
    "ConversionSoftware": "dcm2niix",
    "ConversionSoftwareVersion": "v1.0.20170724 (OpenJPEG build) GCC6.1.0",
    "DeviceSerialNumber": "35002",
    "EchoTime": 0.028,
    "EffectiveEchoSpacing": 0.000489996,
    "FlipAngle": 90,
    "ImageType": [
      "ORIGINAL",
      "PRIMARY",
      "M",
      "ND",
      "MOSAIC"
    ],
    "InstitutionAddress": "University_Pkwy_1700_North_685_Provo_UT_US_84601",
    "InstitutionName": "Brigham_Young_University",
    "MagneticFieldStrength": 3,
    "Manufacturer": "Siemens",
    "ManufacturersModelName": "TrioTim",
    "PhaseEncodingDirection": "j-",
    "PhaseEncodingLines": 64,
    "ProcedureStepDescription": "Research_KIRWAN",
    "ProtocolName": "EPI_Run2",
    "RepetitionTime": 2.5,
    "ScanningSequence": "EP",
    "SequenceName": "epfid2d1_64",
    "SequenceVariant": "SK",
    "SeriesDescription": "EPI_Run2",
    "SliceTiming": [
      0,
      1.285,
      0.0575,
      1.3425,
      0.1175,
      1.4,
      0.175,
      1.46,
      0.235,
      1.5175,
      0.2925,
      1.575,
      0.35,
      1.635,
      0.41,
      1.6925,
      0.4675,
      1.7525,
      0.525,
      1.81,
      0.585,
      1.8675,
      0.6425,
      1.9275,
      0.7,
      1.985,
      0.76,
      2.0425,
      0.8175,
      2.1025,
      0.875,
      2.16,
      0.935,
      2.2175,
      0.9925,
      2.2775,
      1.05,
      2.335,
      1.11,
      2.3925,
      1.1675,
      2.4525,
      1.225
    ],
    "SoftwareVersions": "syngo_MR_B17",
    "TaskName": "knowfilt",
    "TotalReadoutTime": 0.0308698,
    "dataset": "ds001353",
    "modality": "bold",
    "run_id": 2,
    "subject_id": "8110",
    "task_id": "knowfilt"
  },
  "dummy_trs": 0,
  "dvars_nstd": 27.48795560136224,
  "dvars_std": 1.0901457898452012,
  "dvars_vstd": 0.9917335333746135,
  "efc": 0.5983634251597881,
  "fber": 388.3961181640625,
  "fd_mean": 0.11353433474990053,
  "fd_num": 47,
  "fd_perc": 14.506172839506172,
  "fwhm_avg": 1.8472677777777777,
  "fwhm_x": 1.73586,
  "fwhm_y": 2.0012866666666667,
  "fwhm_z": 1.8046566666666666,
  "gcor": 0.0686107,
  "gsr_x": 0.0016975111793726683,
  "gsr_y": 0.046838294714689255,
  "provenance": {
    "md5sum": "532416b57478d6aca78c0838dd00d59b",
    "settings": {
      "fd_thres": 0.2,
      "testing": false
    },
    "software": "mriqc",
    "version": "22.0.6",
    "webapi_port": null,
    "webapi_url": "https://mriqc.nimh.nih.gov/api/v1"
  },
  "size_t": 324,
  "size_x": 64,
  "size_y": 64,
  "size_z": 43,
  "snr": 5.549515724015314,
  "spacing_tr": 2.5,
  "spacing_x": 3.0,
  "spacing_y": 3.0,
  "spacing_z": 3.0,
  "summary_bg_k": 21.2718621171615,
  "summary_bg_mad": 19.054182077499885,
  "summary_bg_mean": 75.71551513671875,
  "summary_bg_median": 41.040122985839844,
  "summary_bg_n": 100709.0,
  "summary_bg_p05": 26.58333396911621,
  "summary_bg_p95": 248.57840270996056,
  "summary_bg_stdv": 91.58576965332031,
  "summary_fg_k": 1.3136352205440298,
  "summary_fg_mad": 131.84174154531,
  "summary_fg_mean": 829.9409790039062,
  "summary_fg_median": 824.3641967773438,
  "summary_fg_n": 37865.0,
  "summary_fg_p05": 592.7339477539062,
  "summary_fg_p95": 1073.4882568359371,
  "summary_fg_stdv": 148.5450897216797,
  "tsnr": 51.8688657770399
}