{
  "aor": 0.0003104320987654321,
  "aqi": 0.00891101163580247,
  "bids_meta": {
    "AcquisitionNumber": 1,
    "AcquisitionTime": "10:28:39.790000",
    "BandwidthPerPixelPhaseEncode": 31.888,
    "ConversionSoftware": "dcm2niix",
    "ConversionSoftwareVersion": "v1.0.20170724 (OpenJPEG build) GCC6.1.0",
    "DeviceSerialNumber": "35002",
    "EchoTime": 0.028,
    "EffectiveEchoSpacing": 0.000489996,
    "FlipAngle": 90,
    "ImageType": [
      "ORIGINAL",
      "PRIMARY",
      "M",
      "ND",
      "MOSAIC"
    ],
    "InstitutionAddress": "University_Pkwy_1700_North_685_Provo_UT_US_84601",
    "InstitutionName": "Brigham_Young_University",
    "MagneticFieldStrength": 3,
    "Manufacturer": "Siemens",
    "ManufacturersModelName": "TrioTim",
    "PhaseEncodingDirection": "j-",
    "PhaseEncodingLines": 64,
    "ProcedureStepDescription": "Research_KIRWAN",
    "ProtocolName": "EPI_Run1",
    "RepetitionTime": 2.5,
    "ScanningSequence": "EP",
    "SequenceName": "epfid2d1_64",
    "SequenceVariant": "SK",
    "SeriesDescription": "EPI_Run1",
    "SliceTiming": [
      0,
      1.285,
      0.0575,
      1.3425,
      0.1175,
      1.4,
      0.175,
      1.46,
      0.235,
      1.5175,
      0.2925,
      1.575,
      0.35,
      1.635,
      0.41,
      1.6925,
      0.4675,
      1.75,
      0.525,
      1.81,
      0.585,
      1.8675,
      0.6425,
      1.9275,
      0.7,
      1.985,
      0.76,
      2.0425,
      0.8175,
      2.1025,
      0.875,
      2.16,
      0.935,
      2.2175,
      0.9925,
      2.2775,
      1.05,
      2.335,
      1.11,
      2.3925,
      1.1675,
      2.4525,
      1.225
    ],
    "SoftwareVersions": "syngo_MR_B17",
    "TaskName": "knowfilt",
    "TotalReadoutTime": 0.0308698,
    "dataset": "ds001353",
    "modality": "bold",
    "run_id": 1,
    "subject_id": "8110",
    "task_id": "knowfilt"
  },
  "dummy_trs": 0,
  "dvars_nstd": 27.996254729071218,
  "dvars_std": 1.0815016524148608,
  "dvars_vstd": 0.9707764904024757,
  "efc": 0.599467565734079,
  "fber": 380.708740234375,
  "fd_mean": 0.08430633814360637,
  "fd_num": 21,
  "fd_perc": 6.481481481481482,
  "fwhm_avg": 1.8849144444444443,
  "fwhm_x": 1.7687566666666665,
  "fwhm_y": 2.04133,
  "fwhm_z": 1.8446566666666666,
  "gcor": 0.0990467,
  "gsr_x": 0.0004369818198028952,
  "gsr_y": 0.04690414294600487,
  "provenance": {
    "md5sum": "020bb1119ca0ecdee9c3ba325706c3f6",
    "settings": {
      "fd_thres": 0.2,
      "testing": false
    },
    "software": "mriqc",
    "version": "22.0.6",
    "webapi_port": null,
    "webapi_url": "https://mriqc.nimh.nih.gov/api/v1"
  },
  "size_t": 324,
  "size_x": 64,
  "size_y": 64,
  "size_z": 43,
  "snr": 5.518119331064156,
  "spacing_tr": 2.5,
  "spacing_x": 3.0,
  "spacing_y": 3.0,
  "spacing_z": 3.0,
  "summary_bg_k": 21.266499847430495,
  "summary_bg_mad": 18.875719966202908,
  "summary_bg_mean": 75.08592224121094,
  "summary_bg_median": 41.089508056640625,
  "summary_bg_n": 100464.0,
  "summary_bg_p05": 26.91712923049927,
  "summary_bg_p95": 245.12253189086908,
  "summary_bg_stdv": 90.16911315917969,
  "summary_fg_k": 1.0975205187305752,
  "summary_fg_mad": 133.2877854571581,
  "summary_fg_mean": 825.6386108398438,
  "summary_fg_median": 820.3425903320312,
  "summary_fg_n": 38039.0,
  "summary_fg_p05": 584.6197387695313,
  "summary_fg_p95": 1068.2885375976562,
  "summary_fg_stdv": 148.66148376464844,
  "tsnr": 47.74588211020455
}