{
  "bids_meta": {
    "AcquisitionNumber": 1,
    "AcquisitionTime": "12:32:28.955000",
    "ConversionSoftware": "dcm2niix",
    "ConversionSoftwareVersion": "v1.0.20170724 (OpenJPEG build) GCC6.1.0",
    "DeviceSerialNumber": "35002",
    "EchoTime": 0.00226,
    "FlipAngle": 9,
    "ImageType": [
      "ORIGINAL",
      "PRIMARY",
      "M",
      "ND",
      "NORM"
    ],
    "InstitutionAddress": "University_Pkwy_1700_North_685_Provo_UT_US_84601",
    "InstitutionName": "Brigham_Young_University",
    "InversionTime": 0.9,
    "MagneticFieldStrength": 3,
    "Manufacturer": "Siemens",
    "ManufacturersModelName": "TrioTim",
    "PhaseEncodingDirection": "i-",
    "PhaseEncodingLines": 215,
    "ProcedureStepDescription": "Research_KIRWAN",
    "ProtocolName": "t1_mpr_sag_iso_mprage",
    "RepetitionTime": 1.9,
    "ScanningSequence": "GR_IR",
    "SequenceName": "_tfl3d1_ns",
    "SequenceVariant": "SP_MP_OSP",
    "SeriesDescription": "t1_mpr_sag_iso_mprage",
    "SoftwareVersions": "syngo_MR_B17",
    "dataset": "ds001353",
    "modality": "T1w",
    "run_id": 1,
    "subject_id": "8125"
  },
  "cjv": 0.34757023884276356,
  "cnr": 3.912566432467643,
  "efc": 0.5898174910967503,
  "fber": 20617.882971938776,
  "fwhm_avg": 4.587795706666667,
  "fwhm_x": 4.41695,
  "fwhm_y": 4.884736,
  "fwhm_z": 4.46170112,
  "icvs_csf": 0.23518883823978057,
  "icvs_gm": 0.40710139003663914,
  "icvs_wm": 0.35770977172358026,
  "inu_med": 0.42075470089912415,
  "inu_range": 0.16585434675216676,
  "provenance": {
    "md5sum": "a0c6992c88c4b4372412e7d1ff3a4976",
    "settings": {
      "testing": false
    },
    "software": "mriqc",
    "version": "22.0.6",
    "warnings": {
      "large_rot_frame": true,
      "small_air_mask": false
    },
    "webapi_port": null,
    "webapi_url": "https://mriqc.nimh.nih.gov/api/v1"
  },
  "qi_1": 0.0,
  "qi_2": 0.011304528300577576,
  "rpve_csf": 18.218082946926128,
  "rpve_gm": 10.524217206870704,
  "rpve_wm": 14.026612021857924,
  "size_x": 176,
  "size_y": 224,
  "size_z": 256,
  "snr_csf": 3.1834188876359772,
  "snr_gm": 13.452136745500596,
  "snr_total": 14.642150239731285,
  "snr_wm": 27.290895086057276,
  "snrd_csf": 24.327340487470547,
  "snrd_gm": 61.98669085852587,
  "snrd_total": 56.70563886229335,
  "snrd_wm": 83.80288524088363,
  "spacing_x": 1.0,
  "spacing_y": 0.9765625,
  "spacing_z": 0.9765625,
  "summary_bg_k": 6.662660513245308,
  "summary_bg_mad": 0.0,
  "summary_bg_mean": 4.705388377149879,
  "summary_bg_median": 0.0,
  "summary_bg_n": 2904185.0,
  "summary_bg_p05": 0.0,
  "summary_bg_p95": 20.16468532755971,
  "summary_bg_stdv": 7.817953107173862,
  "summary_csf_k": 1.9186533753477537,
  "summary_csf_mad": 70.33585638732457,
  "summary_csf_mean": 297.6108996943749,
  "summary_csf_median": 290.30596857890487,
  "summary_csf_n": 68339.0,
  "summary_csf_p05": 162.3420919213444,
  "summary_csf_p95": 464.8685148101299,
  "summary_csf_stdv": 91.19247413049042,
  "summary_gm_k": 0.04116704415429062,
  "summary_gm_mad": 55.11029378671535,
  "summary_gm_mean": 739.2751044625805,
  "summary_gm_median": 739.7070936691016,
  "summary_gm_n": 30968.0,
  "summary_gm_p05": 648.7016698526219,
  "summary_gm_p95": 828.155672814697,
  "summary_gm_stdv": 54.987186383766925,
  "summary_wm_k": 0.416261659332136,
  "summary_wm_mad": 35.37602244332893,
  "summary_wm_mean": 1001.0563657895352,
  "summary_wm_median": 1000.0467491336167,
  "summary_wm_n": 241561.0,
  "summary_wm_p05": 942.6405567973852,
  "summary_wm_p95": 1062.5993808805943,
  "summary_wm_stdv": 36.6438944567661,
  "tpm_overlap_csf": 0.16753641181126097,
  "tpm_overlap_gm": 0.45018407563366203,
  "tpm_overlap_wm": 0.515133600135838,
  "wm2max": 0.4179806699730426
}