{
  "aor": 0.00032271604938271603,
  "aqi": 0.006959513086419752,
  "bids_meta": {
    "AcquisitionNumber": 1,
    "AcquisitionTime": "16:39:47.787500",
    "BandwidthPerPixelPhaseEncode": 31.888,
    "ConversionSoftware": "dcm2niix",
    "ConversionSoftwareVersion": "v1.0.20170724 (OpenJPEG build) GCC6.1.0",
    "DeviceSerialNumber": "35002",
    "EchoTime": 0.028,
    "EffectiveEchoSpacing": 0.000489996,
    "FlipAngle": 90,
    "ImageType": [
      "ORIGINAL",
      "PRIMARY",
      "M",
      "ND",
      "MOSAIC"
    ],
    "InstitutionAddress": "University_Pkwy_1700_North_685_Provo_UT_US_84601",
    "InstitutionName": "Brigham_Young_University",
    "MagneticFieldStrength": 3,
    "Manufacturer": "Siemens",
    "ManufacturersModelName": "TrioTim",
    "PhaseEncodingDirection": "j-",
    "PhaseEncodingLines": 64,
    "ProcedureStepDescription": "Research_KIRWAN",
    "ProtocolName": "EPI_Run2",
    "RepetitionTime": 2.5,
    "ScanningSequence": "EP",
    "SequenceName": "epfid2d1_64",
    "SequenceVariant": "SK",
    "SeriesDescription": "EPI_Run2",
    "SliceTiming": [
      0,
      1.2825,
      0.0575,
      1.3425,
      0.1175,
      1.4,
      0.175,
      1.4575,
      0.2325,
      1.5175,
      0.2925,
      1.575,
      0.35,
      1.635,
      0.4075,
      1.6925,
      0.4675,
      1.75,
      0.525,
      1.81,
      0.5825,
      1.8675,
      0.6425,
      1.925,
      0.7,
      1.985,
      0.7575,
      2.0425,
      0.8175,
      2.1,
      0.875,
      2.16,
      0.9325,
      2.2175,
      0.9925,
      2.275,
      1.05,
      2.335,
      1.1075,
      2.3925,
      1.1675,
      2.45,
      1.225
    ],
    "SoftwareVersions": "syngo_MR_B17",
    "TaskName": "knowfilt",
    "TotalReadoutTime": 0.0308698,
    "dataset": "ds001353",
    "modality": "bold",
    "run_id": 2,
    "subject_id": "8109",
    "task_id": "knowfilt"
  },
  "dummy_trs": 0,
  "dvars_nstd": 28.14530691498452,
  "dvars_std": 1.1157466155417946,
  "dvars_vstd": 0.9805739766253864,
  "efc": 0.5994607750239257,
  "fber": 451.4621276855469,
  "fd_mean": 0.10925402143309634,
  "fd_num": 21,
  "fd_perc": 6.481481481481482,
  "fwhm_avg": 1.8859044444444446,
  "fwhm_x": 1.74796,
  "fwhm_y": 2.0449466666666667,
  "fwhm_z": 1.8648066666666667,
  "gcor": 0.0750239,
  "gsr_x": -0.01012046542018652,
  "gsr_y": 0.06775259971618652,
  "provenance": {
    "md5sum": "c9e86815749550d43b5c06ae1e6914c7",
    "settings": {
      "fd_thres": 0.2,
      "testing": false
    },
    "software": "mriqc",
    "version": "22.0.6",
    "webapi_port": null,
    "webapi_url": "https://mriqc.nimh.nih.gov/api/v1"
  },
  "size_t": 324,
  "size_x": 64,
  "size_y": 64,
  "size_z": 43,
  "snr": 5.407275296091218,
  "spacing_tr": 2.5,
  "spacing_x": 3.0,
  "spacing_y": 3.0,
  "spacing_z": 3.0,
  "summary_bg_k": 38.247703744179354,
  "summary_bg_mad": 15.57190156615895,
  "summary_bg_mean": 69.63249206542969,
  "summary_bg_median": 38.3487663269043,
  "summary_bg_n": 97348.0,
  "summary_bg_p05": 26.9135799407959,
  "summary_bg_p95": 209.74768295288078,
  "summary_bg_stdv": 87.71966552734375,
  "summary_fg_k": 1.3324413922986418,
  "summary_fg_mad": 133.67440764823263,
  "summary_fg_mean": 845.527587890625,
  "summary_fg_median": 833.3333129882812,
  "summary_fg_n": 40878.0,
  "summary_fg_p05": 610.9862915039063,
  "summary_fg_p95": 1108.0547973632813,
  "summary_fg_stdv": 154.11146545410156,
  "tsnr": 54.85420941654593
}