{
  "aor": 0.0011279320987654321,
  "aqi": 0.011496111419753086,
  "bids_meta": {
    "AcquisitionNumber": 1,
    "AcquisitionTime": "19:37:22.815000",
    "BandwidthPerPixelPhaseEncode": 31.888,
    "ConversionSoftware": "dcm2niix",
    "ConversionSoftwareVersion": "v1.0.20170724 (OpenJPEG build) GCC6.1.0",
    "DeviceSerialNumber": "35002",
    "EchoTime": 0.028,
    "EffectiveEchoSpacing": 0.000489996,
    "FlipAngle": 90,
    "ImageType": [
      "ORIGINAL",
      "PRIMARY",
      "M",
      "ND",
      "MOSAIC"
    ],
    "InstitutionAddress": "University_Pkwy_1700_North_685_Provo_UT_US_84601",
    "InstitutionName": "Brigham_Young_University",
    "MagneticFieldStrength": 3,
    "Manufacturer": "Siemens",
    "ManufacturersModelName": "TrioTim",
    "PhaseEncodingDirection": "j-",
    "PhaseEncodingLines": 64,
    "ProcedureStepDescription": "Research_KIRWAN",
    "ProtocolName": "EPI_Run1",
    "RepetitionTime": 2.5,
    "ScanningSequence": "EP",
    "SequenceName": "epfid2d1_64",
    "SequenceVariant": "SK",
    "SeriesDescription": "EPI_Run1",
    "SliceTiming": [
      0,
      1.2825,
      0.0575,
      1.3425,
      0.115,
      1.4,
      0.175,
      1.4575,
      0.2325,
      1.5175,
      0.2925,
      1.575,
      0.35,
      1.6325,
      0.4075,
      1.6925,
      0.4675,
      1.75,
      0.525,
      1.8075,
      0.5825,
      1.8675,
      0.6425,
      1.925,
      0.7,
      1.985,
      0.7575,
      2.0425,
      0.8175,
      2.1,
      0.875,
      2.16,
      0.9325,
      2.2175,
      0.9925,
      2.275,
      1.05,
      2.335,
      1.1075,
      2.3925,
      1.1675,
      2.45,
      1.225
    ],
    "SoftwareVersions": "syngo_MR_B17",
    "TaskName": "knowfilt",
    "TotalReadoutTime": 0.0308698,
    "dataset": "ds001353",
    "modality": "bold",
    "run_id": 1,
    "subject_id": "8135",
    "task_id": "knowfilt"
  },
  "dummy_trs": 0,
  "dvars_nstd": 27.17527950517027,
  "dvars_std": 1.0411697471207435,
  "dvars_vstd": 0.9869603990402469,
  "efc": 0.6163535575100101,
  "fber": 408.22320556640625,
  "fd_mean": 0.18220176112772296,
  "fd_num": 103,
  "fd_perc": 31.790123456790123,
  "fwhm_avg": 1.9321066666666669,
  "fwhm_x": 1.8028366666666666,
  "fwhm_y": 2.1029133333333334,
  "fwhm_z": 1.89057,
  "gcor": 0.031121,
  "gsr_x": 0.007171044126152992,
  "gsr_y": 0.06192987784743309,
  "provenance": {
    "md5sum": "bc7f3f73b927aaa3daf6c8348e778b0b",
    "settings": {
      "fd_thres": 0.2,
      "testing": false
    },
    "software": "mriqc",
    "version": "22.0.6",
    "webapi_port": null,
    "webapi_url": "https://mriqc.nimh.nih.gov/api/v1"
  },
  "size_t": 324,
  "size_x": 64,
  "size_y": 64,
  "size_z": 43,
  "snr": 5.562101317186033,
  "spacing_tr": 2.5,
  "spacing_x": 3.0,
  "spacing_y": 3.0,
  "spacing_z": 3.0,
  "summary_bg_k": 18.439855823743677,
  "summary_bg_mad": 17.93765496960987,
  "summary_bg_mean": 79.42955017089844,
  "summary_bg_median": 40.19135665893555,
  "summary_bg_n": 95192.0,
  "summary_bg_p05": 26.351852416992188,
  "summary_bg_p95": 279.51080169677726,
  "summary_bg_stdv": 101.24314880371094,
  "summary_fg_k": 0.7760508608564383,
  "summary_fg_mad": 138.49517237525646,
  "summary_fg_mean": 844.7463989257812,
  "summary_fg_median": 828.8549194335938,
  "summary_fg_n": 41828.0,
  "summary_fg_p05": 620.4706878662109,
  "summary_fg_p95": 1098.9801086425782,
  "summary_fg_stdv": 149.0165252685547,
  "tsnr": 44.93772243941203
}