{
  "aor": 0.0006245061728395063,
  "aqi": 0.008671707592592592,
  "bids_meta": {
    "AcquisitionNumber": 1,
    "AcquisitionTime": "19:51:50.152500",
    "BandwidthPerPixelPhaseEncode": 31.888,
    "ConversionSoftware": "dcm2niix",
    "ConversionSoftwareVersion": "v1.0.20170724 (OpenJPEG build) GCC6.1.0",
    "DeviceSerialNumber": "35002",
    "EchoTime": 0.028,
    "EffectiveEchoSpacing": 0.000489996,
    "FlipAngle": 90,
    "ImageType": [
      "ORIGINAL",
      "PRIMARY",
      "M",
      "ND",
      "MOSAIC"
    ],
    "InstitutionAddress": "University_Pkwy_1700_North_685_Provo_UT_US_84601",
    "InstitutionName": "Brigham_Young_University",
    "MagneticFieldStrength": 3,
    "Manufacturer": "Siemens",
    "ManufacturersModelName": "TrioTim",
    "PhaseEncodingDirection": "j-",
    "PhaseEncodingLines": 64,
    "ProcedureStepDescription": "Research_KIRWAN",
    "ProtocolName": "EPI_Run2",
    "RepetitionTime": 2.5,
    "ScanningSequence": "EP",
    "SequenceName": "epfid2d1_64",
    "SequenceVariant": "SK",
    "SeriesDescription": "EPI_Run2",
    "SliceTiming": [
      0,
      1.285,
      0.06,
      1.3425,
      0.1175,
      1.4025,
      0.175,
      1.46,
      0.235,
      1.5175,
      0.2925,
      1.5775,
      0.35,
      1.635,
      0.41,
      1.6925,
      0.4675,
      1.7525,
      0.525,
      1.81,
      0.585,
      1.8675,
      0.6425,
      1.9275,
      0.7,
      1.985,
      0.76,
      2.0425,
      0.8175,
      2.1025,
      0.875,
      2.16,
      0.935,
      2.2175,
      0.9925,
      2.2775,
      1.0525,
      2.335,
      1.11,
      2.3925,
      1.1675,
      2.4525,
      1.2275
    ],
    "SoftwareVersions": "syngo_MR_B17",
    "TaskName": "knowfilt",
    "TotalReadoutTime": 0.0308698,
    "dataset": "ds001353",
    "modality": "bold",
    "run_id": 2,
    "subject_id": "8135",
    "task_id": "knowfilt"
  },
  "dummy_trs": 0,
  "dvars_nstd": 25.89754047931888,
  "dvars_std": 1.0331227063777095,
  "dvars_vstd": 0.9830587114241494,
  "efc": 0.6159560360801838,
  "fber": 418.7064514160156,
  "fd_mean": 0.14448795149601382,
  "fd_num": 55,
  "fd_perc": 16.97530864197531,
  "fwhm_avg": 1.9011500000000001,
  "fwhm_x": 1.7808599999999999,
  "fwhm_y": 2.0394433333333333,
  "fwhm_z": 1.8831466666666667,
  "gcor": 0.0461939,
  "gsr_x": 0.009357670322060585,
  "gsr_y": 0.06324853748083115,
  "provenance": {
    "md5sum": "0d8522ad11babb0341203a984575b882",
    "settings": {
      "fd_thres": 0.2,
      "testing": false
    },
    "software": "mriqc",
    "version": "22.0.6",
    "webapi_port": null,
    "webapi_url": "https://mriqc.nimh.nih.gov/api/v1"
  },
  "size_t": 324,
  "size_x": 64,
  "size_y": 64,
  "size_z": 43,
  "snr": 5.6167185198771685,
  "spacing_tr": 2.5,
  "spacing_x": 3.0,
  "spacing_y": 3.0,
  "spacing_z": 3.0,
  "summary_bg_k": 17.880298314680214,
  "summary_bg_mad": 16.569450162731894,
  "summary_bg_mean": 79.84801483154297,
  "summary_bg_median": 39.61419677734375,
  "summary_bg_n": 95469.0,
  "summary_bg_p05": 27.757407379150393,
  "summary_bg_p95": 282.6907470703124,
  "summary_bg_stdv": 102.3172378540039,
  "summary_fg_k": 0.8095265059209775,
  "summary_fg_mad": 136.76553011423863,
  "summary_fg_mean": 847.2379150390625,
  "summary_fg_median": 831.1913452148438,
  "summary_fg_n": 41587.0,
  "summary_fg_p05": 625.8546203613281,
  "summary_fg_p95": 1101.0237426757812,
  "summary_fg_stdv": 147.9834442138672,
  "tsnr": 49.675787321524695
}