{
  "aor": 0.00269108024691358,
  "aqi": 0.010495873580246914,
  "bids_meta": {
    "AcquisitionNumber": 1,
    "AcquisitionTime": "11:34:4.542500",
    "BandwidthPerPixelPhaseEncode": 31.888,
    "ConversionSoftware": "dcm2niix",
    "ConversionSoftwareVersion": "v1.0.20170724 (OpenJPEG build) GCC6.1.0",
    "DeviceSerialNumber": "35002",
    "EchoTime": 0.028,
    "EffectiveEchoSpacing": 0.000489996,
    "FlipAngle": 90,
    "ImageType": [
      "ORIGINAL",
      "PRIMARY",
      "M",
      "ND",
      "MOSAIC"
    ],
    "InstitutionAddress": "University_Pkwy_1700_North_685_Provo_UT_US_84601",
    "InstitutionName": "Brigham_Young_University",
    "MagneticFieldStrength": 3,
    "Manufacturer": "Siemens",
    "ManufacturersModelName": "TrioTim",
    "PhaseEncodingDirection": "j-",
    "PhaseEncodingLines": 64,
    "ProcedureStepDescription": "Research_KIRWAN",
    "ProtocolName": "EPI_Run1",
    "RepetitionTime": 2.5,
    "ScanningSequence": "EP",
    "SequenceName": "epfid2d1_64",
    "SequenceVariant": "SK",
    "SeriesDescription": "EPI_Run1",
    "SliceTiming": [
      0,
      1.285,
      0.06,
      1.3425,
      0.1175,
      1.4025,
      0.175,
      1.46,
      0.235,
      1.5175,
      0.2925,
      1.5775,
      0.35,
      1.635,
      0.41,
      1.6925,
      0.4675,
      1.7525,
      0.525,
      1.81,
      0.585,
      1.8675,
      0.6425,
      1.9275,
      0.7,
      1.985,
      0.76,
      2.0425,
      0.8175,
      2.1025,
      0.875,
      2.16,
      0.935,
      2.2175,
      0.9925,
      2.2775,
      1.05,
      2.335,
      1.11,
      2.3925,
      1.1675,
      2.4525,
      1.2275
    ],
    "SoftwareVersions": "syngo_MR_B17",
    "TaskName": "knowfilt",
    "TotalReadoutTime": 0.0308698,
    "dataset": "ds001353",
    "modality": "bold",
    "run_id": 1,
    "subject_id": "8124",
    "task_id": "knowfilt"
  },
  "dummy_trs": 0,
  "dvars_nstd": 24.74819266012385,
  "dvars_std": 1.0123522793188853,
  "dvars_vstd": 0.9856970370588232,
  "efc": 0.6259339010265268,
  "fber": 462.1784362792969,
  "fd_mean": 0.14264102461509015,
  "fd_num": 45,
  "fd_perc": 13.88888888888889,
  "fwhm_avg": 1.984478888888889,
  "fwhm_x": 1.8670333333333333,
  "fwhm_y": 2.1275566666666665,
  "fwhm_z": 1.9588466666666668,
  "gcor": 0.0516941,
  "gsr_x": -0.004260863643139601,
  "gsr_y": 0.07379846274852753,
  "provenance": {
    "md5sum": "6ce8b5ed4538e2ea66f5e590d698996e",
    "settings": {
      "fd_thres": 0.2,
      "testing": false
    },
    "software": "mriqc",
    "version": "22.0.6",
    "webapi_port": null,
    "webapi_url": "https://mriqc.nimh.nih.gov/api/v1"
  },
  "size_t": 324,
  "size_x": 64,
  "size_y": 64,
  "size_z": 43,
  "snr": 5.488687219261457,
  "spacing_tr": 2.5,
  "spacing_x": 3.0,
  "spacing_y": 3.0,
  "spacing_z": 3.0,
  "summary_bg_k": 33.61649494854158,
  "summary_bg_mad": 14.526296668275878,
  "summary_bg_mean": 73.39552307128906,
  "summary_bg_median": 36.682098388671875,
  "summary_bg_n": 91560.0,
  "summary_bg_p05": 25.635648918151855,
  "summary_bg_p95": 237.63888549804688,
  "summary_bg_stdv": 98.14816284179688,
  "summary_fg_k": 1.1472617793215099,
  "summary_fg_mad": 129.80551625717442,
  "summary_fg_mean": 823.2996826171875,
  "summary_fg_median": 814.7654418945312,
  "summary_fg_n": 45505.0,
  "summary_fg_p05": 584.7401489257812,
  "summary_fg_p95": 1071.2765380859373,
  "summary_fg_stdv": 148.44287109375,
  "tsnr": 46.479587216628715
}