{
  "bids_meta": {
    "AcquisitionNumber": 1,
    "AcquisitionTime": "20:51:16.200000",
    "ConversionSoftware": "dcm2niix",
    "ConversionSoftwareVersion": "v1.0.20170724 (OpenJPEG build) GCC6.1.0",
    "DeviceSerialNumber": "35002",
    "EchoTime": 0.00226,
    "FlipAngle": 9,
    "ImageType": [
      "ORIGINAL",
      "PRIMARY",
      "M",
      "ND",
      "NORM"
    ],
    "InstitutionAddress": "University_Pkwy_1700_North_685_Provo_UT_US_84601",
    "InstitutionName": "Brigham_Young_University",
    "InversionTime": 0.9,
    "MagneticFieldStrength": 3,
    "Manufacturer": "Siemens",
    "ManufacturersModelName": "TrioTim",
    "PhaseEncodingDirection": "i-",
    "PhaseEncodingLines": 215,
    "ProcedureStepDescription": "Research_KIRWAN",
    "ProtocolName": "t1_mpr_sag_iso_mprage",
    "RepetitionTime": 1.9,
    "ScanningSequence": "GR_IR",
    "SequenceName": "_tfl3d1_ns",
    "SequenceVariant": "SP_MP_OSP",
    "SeriesDescription": "t1_mpr_sag_iso_mprage",
    "SoftwareVersions": "syngo_MR_B17",
    "dataset": "ds001353",
    "modality": "T1w",
    "run_id": 1,
    "subject_id": "8132"
  },
  "cjv": 0.3290526312838301,
  "cnr": 4.152340243700865,
  "efc": 0.5983160131856081,
  "fber": 13180.994114984154,
  "fwhm_avg": 4.784131013333333,
  "fwhm_x": 4.44933,
  "fwhm_y": 5.23917312,
  "fwhm_z": 4.66388992,
  "icvs_csf": 0.16966437653238056,
  "icvs_gm": 0.4411307791217005,
  "icvs_wm": 0.3892048443459189,
  "inu_med": 0.4062734842300415,
  "inu_range": 0.1764416083693504,
  "provenance": {
    "md5sum": "68ada6eaa9a1e961476835b757d4fa30",
    "settings": {
      "testing": false
    },
    "software": "mriqc",
    "version": "22.0.6",
    "warnings": {
      "large_rot_frame": true,
      "small_air_mask": false
    },
    "webapi_port": null,
    "webapi_url": "https://mriqc.nimh.nih.gov/api/v1"
  },
  "qi_1": 0.0,
  "qi_2": 0.008538463959399887,
  "rpve_csf": 22.424732459756928,
  "rpve_gm": 9.621306408047316,
  "rpve_wm": 12.526856359840025,
  "size_x": 176,
  "size_y": 224,
  "size_z": 256,
  "snr_csf": 2.588805381207458,
  "snr_gm": 13.751586358078294,
  "snr_total": 14.351679438655088,
  "snr_wm": 26.71464657667951,
  "snrd_csf": 25.4163523290287,
  "snrd_gm": 62.009238685419405,
  "snrd_total": 57.50661097839253,
  "snrd_wm": 85.09424192072949,
  "spacing_x": 1.0,
  "spacing_y": 0.9765625,
  "spacing_z": 0.9765625,
  "summary_bg_k": 7.517200375559247,
  "summary_bg_mad": 0.0,
  "summary_bg_mean": 4.508005744349695,
  "summary_bg_median": 0.0,
  "summary_bg_n": 2391683.0,
  "summary_bg_p05": 0.0,
  "summary_bg_p95": 20.661721639335155,
  "summary_bg_stdv": 7.698951175053035,
  "summary_csf_k": 0.4457227763812228,
  "summary_csf_mad": 92.10176448227111,
  "summary_csf_mean": 300.90604194865944,
  "summary_csf_median": 298.6847557686269,
  "summary_csf_n": 29831.0,
  "summary_csf_p05": 86.99312976561487,
  "summary_csf_p95": 500.72817695327103,
  "summary_csf_stdv": 115.37358181249141,
  "summary_gm_k": 0.05530746572973699,
  "summary_gm_mad": 52.494632063887856,
  "summary_gm_mean": 728.148593687662,
  "summary_gm_median": 728.7125261873007,
  "summary_gm_n": 55054.0,
  "summary_gm_p05": 639.3756108172238,
  "summary_gm_p95": 813.6349327489734,
  "summary_gm_stdv": 52.99067969475939,
  "summary_wm_k": 0.1854238063202942,
  "summary_wm_mad": 36.77323197277491,
  "summary_wm_mean": 1001.1151501551435,
  "summary_wm_median": 1000.0000211037695,
  "summary_wm_n": 279474.0,
  "summary_wm_p05": 941.5646673925221,
  "summary_wm_p95": 1064.3062164261937,
  "summary_wm_stdv": 37.4325832519112,
  "tpm_overlap_csf": 0.1443547672214606,
  "tpm_overlap_gm": 0.45828080820025685,
  "tpm_overlap_wm": 0.5143796133715726,
  "wm2max": 0.43082008838016406
}