{
  "aor": 0.0009626851851851852,
  "aqi": 0.007691398611111111,
  "bids_meta": {
    "AcquisitionNumber": 1,
    "AcquisitionTime": "10:25:52.900000",
    "BandwidthPerPixelPhaseEncode": 31.888,
    "ConversionSoftware": "dcm2niix",
    "ConversionSoftwareVersion": "v1.0.20170724 (OpenJPEG build) GCC6.1.0",
    "DeviceSerialNumber": "35002",
    "EchoTime": 0.028,
    "EffectiveEchoSpacing": 0.000489996,
    "FlipAngle": 90,
    "ImageType": [
      "ORIGINAL",
      "PRIMARY",
      "M",
      "ND",
      "MOSAIC"
    ],
    "InstitutionAddress": "University_Pkwy_1700_North_685_Provo_UT_US_84601",
    "InstitutionName": "Brigham_Young_University",
    "MagneticFieldStrength": 3,
    "Manufacturer": "Siemens",
    "ManufacturersModelName": "TrioTim",
    "PhaseEncodingDirection": "j-",
    "PhaseEncodingLines": 64,
    "ProcedureStepDescription": "Research_KIRWAN",
    "ProtocolName": "EPI_Run1",
    "RepetitionTime": 2.5,
    "ScanningSequence": "EP",
    "SequenceName": "epfid2d1_64",
    "SequenceVariant": "SK",
    "SeriesDescription": "EPI_Run1",
    "SliceTiming": [
      0,
      1.285,
      0.06,
      1.3425,
      0.1175,
      1.4025,
      0.175,
      1.46,
      0.235,
      1.5175,
      0.2925,
      1.5775,
      0.35,
      1.635,
      0.41,
      1.6925,
      0.4675,
      1.7525,
      0.5275,
      1.81,
      0.585,
      1.8675,
      0.6425,
      1.9275,
      0.7025,
      1.985,
      0.76,
      2.045,
      0.8175,
      2.1025,
      0.8775,
      2.16,
      0.935,
      2.22,
      0.9925,
      2.2775,
      1.0525,
      2.335,
      1.11,
      2.395,
      1.1675,
      2.4525,
      1.2275
    ],
    "SoftwareVersions": "syngo_MR_B17",
    "TaskName": "knowfilt",
    "TotalReadoutTime": 0.0308698,
    "dataset": "ds001353",
    "modality": "bold",
    "run_id": 1,
    "subject_id": "8123",
    "task_id": "knowfilt"
  },
  "dummy_trs": 0,
  "dvars_nstd": 23.699675256068097,
  "dvars_std": 1.0483746953250777,
  "dvars_vstd": 0.9888699647368416,
  "efc": 0.6378521752783823,
  "fber": 457.4837646484375,
  "fd_mean": 0.0944446713613079,
  "fd_num": 24,
  "fd_perc": 7.407407407407407,
  "fwhm_avg": 1.9573844444444444,
  "fwhm_x": 1.8078,
  "fwhm_y": 2.0905,
  "fwhm_z": 1.9738533333333335,
  "gcor": 0.058994,
  "gsr_x": -0.005971334874629974,
  "gsr_y": 0.06958706676959991,
  "provenance": {
    "md5sum": "0e272442570bc53913d4be7ce430ccf1",
    "settings": {
      "fd_thres": 0.2,
      "testing": false
    },
    "software": "mriqc",
    "version": "22.0.6",
    "webapi_port": null,
    "webapi_url": "https://mriqc.nimh.nih.gov/api/v1"
  },
  "size_t": 324,
  "size_x": 64,
  "size_y": 64,
  "size_z": 43,
  "snr": 5.548121295320578,
  "spacing_tr": 2.5,
  "spacing_x": 3.0,
  "spacing_y": 3.0,
  "spacing_z": 3.0,
  "summary_bg_k": 19.936100178321453,
  "summary_bg_mad": 16.564877546560393,
  "summary_bg_mean": 73.2840576171875,
  "summary_bg_median": 37.66666793823242,
  "summary_bg_n": 87828.0,
  "summary_bg_p05": 24.80246925354004,
  "summary_bg_p95": 235.79120788574184,
  "summary_bg_stdv": 89.49968719482422,
  "summary_fg_k": 1.2435260655021603,
  "summary_fg_mad": 134.59189445813428,
  "summary_fg_mean": 840.0637817382812,
  "summary_fg_median": 827.7515869140625,
  "summary_fg_n": 48814.0,
  "summary_fg_p05": 619.6257751464843,
  "summary_fg_p95": 1093.9057250976562,
  "summary_fg_stdv": 149.1934051513672,
  "tsnr": 54.82827886193991
}