{
  "aor": 0.0006526543209876543,
  "aqi": 0.005947018827160494,
  "bids_meta": {
    "AcquisitionNumber": 1,
    "AcquisitionTime": "15:10:18.190000",
    "BandwidthPerPixelPhaseEncode": 31.888,
    "ConversionSoftware": "dcm2niix",
    "ConversionSoftwareVersion": "v1.0.20170724 (OpenJPEG build) GCC6.1.0",
    "DeviceSerialNumber": "35002",
    "EchoTime": 0.028,
    "EffectiveEchoSpacing": 0.000489996,
    "FlipAngle": 90,
    "ImageType": [
      "ORIGINAL",
      "PRIMARY",
      "M",
      "ND",
      "MOSAIC"
    ],
    "InstitutionAddress": "University_Pkwy_1700_North_685_Provo_UT_US_84601",
    "InstitutionName": "Brigham_Young_University",
    "MagneticFieldStrength": 3,
    "Manufacturer": "Siemens",
    "ManufacturersModelName": "TrioTim",
    "PhaseEncodingDirection": "j-",
    "PhaseEncodingLines": 64,
    "ProcedureStepDescription": "Research_KIRWAN",
    "ProtocolName": "EPI_Run2",
    "RepetitionTime": 2.5,
    "ScanningSequence": "EP",
    "SequenceName": "epfid2d1_64",
    "SequenceVariant": "SK",
    "SeriesDescription": "EPI_Run2",
    "SliceTiming": [
      0,
      1.285,
      0.06,
      1.3425,
      0.1175,
      1.4,
      0.175,
      1.46,
      0.235,
      1.5175,
      0.2925,
      1.575,
      0.35,
      1.635,
      0.41,
      1.6925,
      0.4675,
      1.7525,
      0.525,
      1.81,
      0.585,
      1.8675,
      0.6425,
      1.9275,
      0.7,
      1.985,
      0.76,
      2.0425,
      0.8175,
      2.1025,
      0.875,
      2.16,
      0.935,
      2.2175,
      0.9925,
      2.2775,
      1.05,
      2.335,
      1.11,
      2.3925,
      1.1675,
      2.4525,
      1.225
    ],
    "SoftwareVersions": "syngo_MR_B17",
    "TaskName": "knowfilt",
    "TotalReadoutTime": 0.0308698,
    "dataset": "ds001353",
    "modality": "bold",
    "run_id": 2,
    "subject_id": "8129",
    "task_id": "knowfilt"
  },
  "dummy_trs": 0,
  "dvars_nstd": 28.70517527541795,
  "dvars_std": 1.1731843491021672,
  "dvars_vstd": 1.001638287956656,
  "efc": 0.5785187065217361,
  "fber": 535.3876342773438,
  "fd_mean": 0.11960793258502829,
  "fd_num": 36,
  "fd_perc": 11.11111111111111,
  "fwhm_avg": 1.9487255555555556,
  "fwhm_x": 1.8363833333333333,
  "fwhm_y": 2.0675166666666667,
  "fwhm_z": 1.9422766666666667,
  "gcor": 0.116441,
  "gsr_x": 0.009479492902755737,
  "gsr_y": 0.042239829897880554,
  "provenance": {
    "md5sum": "8616976bfb11743164b14c7507ec1609",
    "settings": {
      "fd_thres": 0.2,
      "testing": false
    },
    "software": "mriqc",
    "version": "22.0.6",
    "webapi_port": null,
    "webapi_url": "https://mriqc.nimh.nih.gov/api/v1"
  },
  "size_t": 324,
  "size_x": 64,
  "size_y": 64,
  "size_z": 43,
  "snr": 5.558914325820886,
  "spacing_tr": 2.5,
  "spacing_x": 3.0,
  "spacing_y": 3.0,
  "spacing_z": 3.0,
  "summary_bg_k": 28.987605541675187,
  "summary_bg_mad": 10.968512847238554,
  "summary_bg_mean": 62.70275115966797,
  "summary_bg_median": 34.27777862548828,
  "summary_bg_n": 102545.0,
  "summary_bg_p05": 26.38888931274414,
  "summary_bg_p95": 197.24567871093726,
  "summary_bg_stdv": 76.87935638427734,
  "summary_fg_k": 1.585765534062853,
  "summary_fg_mad": 128.69587211017583,
  "summary_fg_mean": 820.48046875,
  "summary_fg_median": 814.2994384765625,
  "summary_fg_n": 36078.0,
  "summary_fg_p05": 595.3530700683593,
  "summary_fg_p95": 1062.202490234375,
  "summary_fg_stdv": 146.48330688476562,
  "tsnr": 56.90063428116264
}