{
  "aor": 0.0069968965517241384,
  "aqi": 0.007963906551724138,
  "bids_meta": {
    "AcquisitionNumber": 1,
    "AcquisitionTime": "14:38:17.052500",
    "BandwidthPerPixelPhaseEncode": 31.888,
    "ConversionSoftware": "dcm2niix",
    "ConversionSoftwareVersion": "v1.0.20170724 (OpenJPEG build) GCC6.1.0",
    "DeviceSerialNumber": "35002",
    "EchoTime": 0.028,
    "EffectiveEchoSpacing": 0.000489996,
    "FlipAngle": 90,
    "ImageType": [
      "ORIGINAL",
      "PRIMARY",
      "M",
      "ND",
      "MOSAIC"
    ],
    "InstitutionAddress": "University_Pkwy_1700_North_685_Provo_UT_US_84601",
    "InstitutionName": "Brigham_Young_University",
    "MagneticFieldStrength": 3,
    "Manufacturer": "Siemens",
    "ManufacturersModelName": "TrioTim",
    "PhaseEncodingDirection": "j-",
    "PhaseEncodingLines": 64,
    "ProcedureStepDescription": "Research_KIRWAN",
    "ProtocolName": "EPI_Run1",
    "RepetitionTime": 2.5,
    "ScanningSequence": "EP",
    "SequenceName": "epfid2d1_64",
    "SequenceVariant": "SK",
    "SeriesDescription": "EPI_Run1",
    "SliceTiming": [
      0,
      1.2825,
      0.0575,
      1.3425,
      0.115,
      1.4,
      0.175,
      1.4575,
      0.2325,
      1.5175,
      0.29,
      1.575,
      0.35,
      1.6325,
      0.4075,
      1.6925,
      0.465,
      1.75,
      0.525,
      1.8075,
      0.5825,
      1.8675,
      0.64,
      1.925,
      0.7,
      1.9825,
      0.7575,
      2.0425,
      0.8175,
      2.1,
      0.875,
      2.1575,
      0.9325,
      2.2175,
      0.9925,
      2.275,
      1.05,
      2.335,
      1.1075,
      2.3925,
      1.1675,
      2.45,
      1.225
    ],
    "SoftwareVersions": "syngo_MR_B17",
    "TaskName": "knowfilt",
    "TotalReadoutTime": 0.0308698,
    "dataset": "ds001353",
    "modality": "bold",
    "run_id": 1,
    "subject_id": "8129",
    "task_id": "knowfilt"
  },
  "dummy_trs": 0,
  "dvars_nstd": 27.180572373928566,
  "dvars_std": 1.1318238635714282,
  "dvars_vstd": 1.05491715,
  "efc": 0.5789299056939988,
  "fber": 541.1229858398438,
  "fd_mean": 0.11503142315524482,
  "fd_num": 5,
  "fd_perc": 17.24137931034483,
  "fwhm_avg": 1.9598866666666668,
  "fwhm_x": 1.8378833333333333,
  "fwhm_y": 2.0902066666666665,
  "fwhm_z": 1.95157,
  "gcor": 0.0142144,
  "gsr_x": 0.007226615212857723,
  "gsr_y": 0.04634702578186989,
  "provenance": {
    "md5sum": "279c0cd4dd219c88bbe30cc8164c6130",
    "settings": {
      "fd_thres": 0.2,
      "testing": false
    },
    "software": "mriqc",
    "version": "22.0.6",
    "webapi_port": null,
    "webapi_url": "https://mriqc.nimh.nih.gov/api/v1"
  },
  "size_t": 29,
  "size_x": 64,
  "size_y": 64,
  "size_z": 43,
  "snr": 5.670844729868791,
  "spacing_tr": 2.5,
  "spacing_x": 3.0,
  "spacing_y": 3.0,
  "spacing_z": 3.0,
  "summary_bg_k": 36.756971941464734,
  "summary_bg_mad": 11.349578334060153,
  "summary_bg_mean": 61.81912612915039,
  "summary_bg_median": 33.965518951416016,
  "summary_bg_n": 102137.0,
  "summary_bg_p05": 25.172412872314453,
  "summary_bg_p95": 189.14482116699207,
  "summary_bg_stdv": 77.99983978271484,
  "summary_fg_k": 1.6156177615705518,
  "summary_fg_mad": 124.89647769811008,
  "summary_fg_mean": 815.9336547851562,
  "summary_fg_median": 809.8275756835938,
  "summary_fg_n": 36428.0,
  "summary_fg_p05": 594.9430999755859,
  "summary_fg_p95": 1053.5172119140625,
  "summary_fg_stdv": 142.80349731445312,
  "tsnr": 58.387582117691636
}