{
  "aor": 0.0005849999999999999,
  "aqi": 0.023989600925925926,
  "bids_meta": {
    "AcquisitionNumber": 1,
    "AcquisitionTime": "11:36:40.385000",
    "BandwidthPerPixelPhaseEncode": 31.888,
    "ConversionSoftware": "dcm2niix",
    "ConversionSoftwareVersion": "v1.0.20170724 (OpenJPEG build) GCC6.1.0",
    "DeviceSerialNumber": "35002",
    "EchoTime": 0.028,
    "EffectiveEchoSpacing": 0.000489996,
    "FlipAngle": 90,
    "ImageType": [
      "ORIGINAL",
      "PRIMARY",
      "M",
      "ND",
      "MOSAIC"
    ],
    "InstitutionAddress": "University_Pkwy_1700_North_685_Provo_UT_US_84601",
    "InstitutionName": "Brigham_Young_University",
    "MagneticFieldStrength": 3,
    "Manufacturer": "Siemens",
    "ManufacturersModelName": "TrioTim",
    "PhaseEncodingDirection": "j-",
    "PhaseEncodingLines": 64,
    "ProcedureStepDescription": "Research_KIRWAN",
    "ProtocolName": "EPI_Run1",
    "RepetitionTime": 2.5,
    "ScanningSequence": "EP",
    "SequenceName": "epfid2d1_64",
    "SequenceVariant": "SK",
    "SeriesDescription": "EPI_Run1",
    "SliceTiming": [
      0,
      1.285,
      0.06,
      1.3425,
      0.1175,
      1.4025,
      0.175,
      1.46,
      0.235,
      1.5175,
      0.2925,
      1.5775,
      0.3525,
      1.635,
      0.41,
      1.6925,
      0.4675,
      1.7525,
      0.5275,
      1.81,
      0.585,
      1.87,
      0.6425,
      1.9275,
      0.7025,
      1.985,
      0.76,
      2.045,
      0.8175,
      2.1025,
      0.8775,
      2.16,
      0.935,
      2.22,
      0.9925,
      2.2775,
      1.0525,
      2.335,
      1.11,
      2.395,
      1.1675,
      2.4525,
      1.2275
    ],
    "SoftwareVersions": "syngo_MR_B17",
    "TaskName": "knowfilt",
    "TotalReadoutTime": 0.0308698,
    "dataset": "ds001353",
    "modality": "bold",
    "run_id": 1,
    "subject_id": "8111",
    "task_id": "knowfilt"
  },
  "dummy_trs": 0,
  "dvars_nstd": 29.61245644857584,
  "dvars_std": 0.9983838263157899,
  "dvars_vstd": 0.9266066742724459,
  "efc": 0.6140713972878454,
  "fber": 311.4991455078125,
  "fd_mean": 0.14575244226848913,
  "fd_num": 54,
  "fd_perc": 16.666666666666668,
  "fwhm_avg": 1.9294044444444445,
  "fwhm_x": 1.7943,
  "fwhm_y": 2.12376,
  "fwhm_z": 1.8701533333333333,
  "gcor": 0.0120663,
  "gsr_x": 0.0003096476721111685,
  "gsr_y": 0.046079784631729126,
  "provenance": {
    "md5sum": "17398f779dfde577c898610c78e3ad18",
    "settings": {
      "fd_thres": 0.2,
      "testing": false
    },
    "software": "mriqc",
    "version": "22.0.6",
    "webapi_port": null,
    "webapi_url": "https://mriqc.nimh.nih.gov/api/v1"
  },
  "size_t": 324,
  "size_x": 64,
  "size_y": 64,
  "size_z": 43,
  "snr": 6.041968451087344,
  "spacing_tr": 2.5,
  "spacing_x": 3.0,
  "spacing_y": 3.0,
  "spacing_z": 3.0,
  "summary_bg_k": 23.873607289001644,
  "summary_bg_mad": 23.758241876015465,
  "summary_bg_mean": 76.00387573242188,
  "summary_bg_median": 45.50617218017578,
  "summary_bg_n": 96279.0,
  "summary_bg_p05": 25.895061492919922,
  "summary_bg_p95": 231.3197570800777,
  "summary_bg_stdv": 87.72769165039062,
  "summary_fg_k": 1.6595230496996676,
  "summary_fg_mad": 114.21299125889503,
  "summary_fg_mean": 813.6716918945312,
  "summary_fg_median": 808.4969482421875,
  "summary_fg_n": 40388.0,
  "summary_fg_p05": 604.2662139892578,
  "summary_fg_p95": 1033.609930419922,
  "summary_fg_stdv": 133.8118438720703,
  "tsnr": 34.67245697416365
}