{
  "aor": 0.0011299071207430342,
  "aqi": 0.011628395758513932,
  "bids_meta": {
    "AcquisitionNumber": 1,
    "AcquisitionTime": "11:51:15.107500",
    "BandwidthPerPixelPhaseEncode": 31.888,
    "ConversionSoftware": "dcm2niix",
    "ConversionSoftwareVersion": "v1.0.20170724 (OpenJPEG build) GCC6.1.0",
    "DeviceSerialNumber": "35002",
    "EchoTime": 0.028,
    "EffectiveEchoSpacing": 0.000489996,
    "FlipAngle": 90,
    "ImageType": [
      "ORIGINAL",
      "PRIMARY",
      "M",
      "ND",
      "MOSAIC"
    ],
    "InstitutionAddress": "University_Pkwy_1700_North_685_Provo_UT_US_84601",
    "InstitutionName": "Brigham_Young_University",
    "MagneticFieldStrength": 3,
    "Manufacturer": "Siemens",
    "ManufacturersModelName": "TrioTim",
    "PhaseEncodingDirection": "j-",
    "PhaseEncodingLines": 64,
    "ProcedureStepDescription": "Research_KIRWAN",
    "ProtocolName": "EPI_Run2",
    "RepetitionTime": 2.5,
    "ScanningSequence": "EP",
    "SequenceName": "epfid2d1_64",
    "SequenceVariant": "SK",
    "SeriesDescription": "EPI_Run2",
    "SliceTiming": [
      0,
      1.285,
      0.06,
      1.3425,
      0.1175,
      1.4025,
      0.175,
      1.46,
      0.235,
      1.5175,
      0.2925,
      1.5775,
      0.35,
      1.635,
      0.41,
      1.6925,
      0.4675,
      1.7525,
      0.525,
      1.81,
      0.585,
      1.8675,
      0.6425,
      1.9275,
      0.7,
      1.985,
      0.76,
      2.0425,
      0.8175,
      2.1025,
      0.8775,
      2.16,
      0.935,
      2.2175,
      0.9925,
      2.2775,
      1.0525,
      2.335,
      1.11,
      2.395,
      1.1675,
      2.4525,
      1.2275
    ],
    "SoftwareVersions": "syngo_MR_B17",
    "TaskName": "knowfilt",
    "TotalReadoutTime": 0.0308698,
    "dataset": "ds001353",
    "modality": "bold",
    "run_id": 2,
    "subject_id": "8111",
    "task_id": "knowfilt"
  },
  "dummy_trs": 1,
  "dvars_nstd": 30.09864043577641,
  "dvars_std": 1.1225739936335404,
  "dvars_vstd": 1.0100746054968948,
  "efc": 0.6078705156965659,
  "fber": 347.12115478515625,
  "fd_mean": 0.14906593761400078,
  "fd_num": 59,
  "fd_perc": 18.26625386996904,
  "fwhm_avg": 1.7999333333333334,
  "fwhm_x": 1.6706133333333335,
  "fwhm_y": 1.9566633333333332,
  "fwhm_z": 1.7725233333333332,
  "gcor": 0.0177896,
  "gsr_x": 0.0074273063801229,
  "gsr_y": 0.047439079731702805,
  "provenance": {
    "md5sum": "0433d46d04b85783f553bd54df4cd7ce",
    "settings": {
      "fd_thres": 0.2,
      "testing": false
    },
    "software": "mriqc",
    "version": "22.0.6",
    "webapi_port": null,
    "webapi_url": "https://mriqc.nimh.nih.gov/api/v1"
  },
  "size_t": 323,
  "size_x": 64,
  "size_y": 64,
  "size_z": 43,
  "snr": 6.198575902931863,
  "spacing_tr": 2.5,
  "spacing_x": 3.0,
  "spacing_y": 3.0,
  "spacing_z": 3.0,
  "summary_bg_k": 20.44398344606515,
  "summary_bg_mad": 20.52692644815524,
  "summary_bg_mean": 77.3909683227539,
  "summary_bg_median": 42.72755432128906,
  "summary_bg_n": 99163.0,
  "summary_bg_p05": 27.43653106689453,
  "summary_bg_p95": 252.00927734375,
  "summary_bg_stdv": 96.31486511230469,
  "summary_fg_k": 2.0230509248143926,
  "summary_fg_mad": 109.62080643933858,
  "summary_fg_mean": 813.81689453125,
  "summary_fg_median": 808.0804443359375,
  "summary_fg_n": 39415.0,
  "summary_fg_p05": 611.0519958496094,
  "summary_fg_p95": 1026.4838623046876,
  "summary_fg_stdv": 130.3638458251953,
  "tsnr": 50.0337321809493
}