{
  "bids_meta": {
    "AcquisitionNumber": 1,
    "AcquisitionTime": "13:42:35.812500",
    "ConversionSoftware": "dcm2niix",
    "ConversionSoftwareVersion": "v1.0.20170724 (OpenJPEG build) GCC6.1.0",
    "DeviceSerialNumber": "35002",
    "EchoTime": 0.00226,
    "FlipAngle": 9,
    "ImageType": [
      "ORIGINAL",
      "PRIMARY",
      "M",
      "ND",
      "NORM"
    ],
    "InstitutionAddress": "University_Pkwy_1700_North_685_Provo_UT_US_84601",
    "InstitutionName": "Brigham_Young_University",
    "InversionTime": 0.9,
    "MagneticFieldStrength": 3,
    "Manufacturer": "Siemens",
    "ManufacturersModelName": "TrioTim",
    "PhaseEncodingDirection": "i-",
    "PhaseEncodingLines": 215,
    "ProcedureStepDescription": "Research_KIRWAN",
    "ProtocolName": "t1_mpr_sag_iso_mprage",
    "RepetitionTime": 1.9,
    "ScanningSequence": "GR_IR",
    "SequenceName": "_tfl3d1_ns",
    "SequenceVariant": "SP_MP_OSP",
    "SeriesDescription": "t1_mpr_sag_iso_mprage",
    "SoftwareVersions": "syngo_MR_B17",
    "dataset": "ds001353",
    "modality": "T1w",
    "run_id": 1,
    "subject_id": "8120"
  },
  "cjv": 0.34842981445210763,
  "cnr": 3.9270754050318253,
  "efc": 0.6013901442733619,
  "fber": 12332.966976227188,
  "fwhm_avg": 4.679977813333333,
  "fwhm_x": 4.35744,
  "fwhm_y": 5.01202944,
  "fwhm_z": 4.670464,
  "icvs_csf": 0.1695141083043918,
  "icvs_gm": 0.4440958909343336,
  "icvs_wm": 0.3863900007612746,
  "inu_med": 0.44281113147735596,
  "inu_range": 0.20049896836280823,
  "provenance": {
    "md5sum": "dcaaf32cc04d24427bf83a81b304cda9",
    "settings": {
      "testing": false
    },
    "software": "mriqc",
    "version": "22.0.6",
    "warnings": {
      "large_rot_frame": true,
      "small_air_mask": false
    },
    "webapi_port": null,
    "webapi_url": "https://mriqc.nimh.nih.gov/api/v1"
  },
  "qi_1": 0.0,
  "qi_2": 0.0036457046690014264,
  "rpve_csf": 20.848593208535412,
  "rpve_gm": 8.759193066120305,
  "rpve_wm": 11.561824408814294,
  "size_x": 176,
  "size_y": 224,
  "size_z": 256,
  "snr_csf": 2.820302462091173,
  "snr_gm": 13.121308363755196,
  "snr_total": 13.563509326439371,
  "snr_wm": 24.748917153471744,
  "snrd_csf": 18.9792224308246,
  "snrd_gm": 45.61263728474443,
  "snrd_total": 42.43041794617309,
  "snrd_wm": 62.69939412295021,
  "spacing_x": 1.0,
  "spacing_y": 0.9765625,
  "spacing_z": 0.9765625,
  "summary_bg_k": 15.909316224781854,
  "summary_bg_mad": 0.0,
  "summary_bg_mean": 5.6683414122870595,
  "summary_bg_median": 0.0,
  "summary_bg_n": 2279650.0,
  "summary_bg_p05": 0.0,
  "summary_bg_p95": 26.228340167552233,
  "summary_bg_stdv": 10.44926046542996,
  "summary_csf_k": 0.5723261370185408,
  "summary_csf_mad": 94.60547971549589,
  "summary_csf_mean": 305.1973637107758,
  "summary_csf_median": 302.7138144224882,
  "summary_csf_n": 30615.0,
  "summary_csf_p05": 126.71492668278516,
  "summary_csf_p95": 492.4558776888996,
  "summary_csf_stdv": 107.33205908595347,
  "summary_gm_k": -0.07362001200090962,
  "summary_gm_mad": 56.305803178472445,
  "summary_gm_mean": 728.3005332920593,
  "summary_gm_median": 727.5100689008832,
  "summary_gm_n": 52788.0,
  "summary_gm_p05": 638.2625041678548,
  "summary_gm_p95": 819.4872798956931,
  "summary_gm_stdv": 55.444408273478224,
  "summary_wm_k": 0.48791345094731575,
  "summary_wm_mad": 38.6515878068889,
  "summary_wm_mean": 1001.6883422535153,
  "summary_wm_median": 1000.0395340807736,
  "summary_wm_n": 269944.0,
  "summary_wm_p05": 938.6422732360661,
  "summary_wm_p95": 1070.6879221474742,
  "summary_wm_stdv": 40.407330776067035,
  "tpm_overlap_csf": 0.16266189732595535,
  "tpm_overlap_gm": 0.46761665914661543,
  "tpm_overlap_wm": 0.5083385977960085,
  "wm2max": 0.4851177339806943
}