{
  "aor": 0.0006889814814814815,
  "aqi": 0.008373131635802469,
  "bids_meta": {
    "AcquisitionNumber": 1,
    "AcquisitionTime": "09:44:15.880000",
    "BandwidthPerPixelPhaseEncode": 31.888,
    "ConversionSoftware": "dcm2niix",
    "ConversionSoftwareVersion": "v1.0.20170724 (OpenJPEG build) GCC6.1.0",
    "DeviceSerialNumber": "35002",
    "EchoTime": 0.028,
    "EffectiveEchoSpacing": 0.000489996,
    "FlipAngle": 90,
    "ImageType": [
      "ORIGINAL",
      "PRIMARY",
      "M",
      "ND",
      "MOSAIC"
    ],
    "InstitutionAddress": "University_Pkwy_1700_North_685_Provo_UT_US_84601",
    "InstitutionName": "Brigham_Young_University",
    "MagneticFieldStrength": 3,
    "Manufacturer": "Siemens",
    "ManufacturersModelName": "TrioTim",
    "PhaseEncodingDirection": "j-",
    "PhaseEncodingLines": 64,
    "ProcedureStepDescription": "Research_KIRWAN",
    "ProtocolName": "EPI_Run1",
    "RepetitionTime": 2.5,
    "ScanningSequence": "EP",
    "SequenceName": "epfid2d1_64",
    "SequenceVariant": "SK",
    "SeriesDescription": "EPI_Run1",
    "SliceTiming": [
      0,
      1.285,
      0.0575,
      1.3425,
      0.1175,
      1.4,
      0.175,
      1.46,
      0.2325,
      1.5175,
      0.2925,
      1.575,
      0.35,
      1.635,
      0.4075,
      1.6925,
      0.4675,
      1.75,
      0.525,
      1.81,
      0.5825,
      1.8675,
      0.6425,
      1.925,
      0.7,
      1.985,
      0.7575,
      2.0425,
      0.8175,
      2.1,
      0.875,
      2.16,
      0.9325,
      2.2175,
      0.9925,
      2.275,
      1.05,
      2.335,
      1.1075,
      2.3925,
      1.1675,
      2.45,
      1.225
    ],
    "SoftwareVersions": "syngo_MR_B17",
    "TaskName": "knowfilt",
    "TotalReadoutTime": 0.0308698,
    "dataset": "ds001353",
    "modality": "bold",
    "run_id": 1,
    "subject_id": "8107",
    "task_id": "knowfilt"
  },
  "dummy_trs": 0,
  "dvars_nstd": 24.692811351702776,
  "dvars_std": 1.0607842131888543,
  "dvars_vstd": 0.9858248691021666,
  "efc": 0.6363809992283578,
  "fber": 415.6713562011719,
  "fd_mean": 0.09462957275702429,
  "fd_num": 9,
  "fd_perc": 2.7777777777777777,
  "fwhm_avg": 1.8803133333333333,
  "fwhm_x": 1.7568966666666668,
  "fwhm_y": 2.0205966666666666,
  "fwhm_z": 1.8634466666666667,
  "gcor": 0.0526143,
  "gsr_x": -0.011469528079032898,
  "gsr_y": 0.0725117102265358,
  "provenance": {
    "md5sum": "73d804e03109986e74f628ddc4adb3ec",
    "settings": {
      "fd_thres": 0.2,
      "testing": false
    },
    "software": "mriqc",
    "version": "22.0.6",
    "webapi_port": null,
    "webapi_url": "https://mriqc.nimh.nih.gov/api/v1"
  },
  "size_t": 324,
  "size_x": 64,
  "size_y": 64,
  "size_z": 43,
  "snr": 5.47377794410372,
  "spacing_tr": 2.5,
  "spacing_x": 3.0,
  "spacing_y": 3.0,
  "spacing_z": 3.0,
  "summary_bg_k": 25.97330342279004,
  "summary_bg_mad": 19.488897331795638,
  "summary_bg_mean": 78.69110107421875,
  "summary_bg_median": 41.206790924072266,
  "summary_bg_n": 88045.0,
  "summary_bg_p05": 26.040740585327146,
  "summary_bg_p95": 257.01729125976567,
  "summary_bg_stdv": 99.74188232421875,
  "summary_fg_k": 2.3562115021628944,
  "summary_fg_mad": 130.89909827686682,
  "summary_fg_mean": 874.632080078125,
  "summary_fg_median": 859.7345581054688,
  "summary_fg_n": 48801.0,
  "summary_fg_p05": 649.8117065429688,
  "summary_fg_p95": 1142.1666259765625,
  "summary_fg_stdv": 157.06259155273438,
  "tsnr": 54.01236892514862
}