{
  "aor": 0.00039277777777777775,
  "aqi": 0.005616088888888889,
  "bids_meta": {
    "AcquisitionNumber": 1,
    "AcquisitionTime": "10:40:20.960000",
    "BandwidthPerPixelPhaseEncode": 31.888,
    "ConversionSoftware": "dcm2niix",
    "ConversionSoftwareVersion": "v1.0.20170724 (OpenJPEG build) GCC6.1.0",
    "DeviceSerialNumber": "35002",
    "EchoTime": 0.028,
    "EffectiveEchoSpacing": 0.000489996,
    "FlipAngle": 90,
    "ImageType": [
      "ORIGINAL",
      "PRIMARY",
      "M",
      "ND",
      "MOSAIC"
    ],
    "InstitutionAddress": "University_Pkwy_1700_North_685_Provo_UT_US_84601",
    "InstitutionName": "Brigham_Young_University",
    "MagneticFieldStrength": 3,
    "Manufacturer": "Siemens",
    "ManufacturersModelName": "TrioTim",
    "PhaseEncodingDirection": "j-",
    "PhaseEncodingLines": 64,
    "ProcedureStepDescription": "Research_KIRWAN",
    "ProtocolName": "EPI_Run2",
    "RepetitionTime": 2.5,
    "ScanningSequence": "EP",
    "SequenceName": "epfid2d1_64",
    "SequenceVariant": "SK",
    "SeriesDescription": "EPI_Run2",
    "SliceTiming": [
      0,
      1.285,
      0.06,
      1.3425,
      0.1175,
      1.4025,
      0.175,
      1.46,
      0.235,
      1.5175,
      0.2925,
      1.5775,
      0.35,
      1.635,
      0.41,
      1.6925,
      0.4675,
      1.7525,
      0.525,
      1.81,
      0.585,
      1.8675,
      0.6425,
      1.9275,
      0.7025,
      1.985,
      0.76,
      2.0425,
      0.8175,
      2.1025,
      0.8775,
      2.16,
      0.935,
      2.22,
      0.9925,
      2.2775,
      1.0525,
      2.335,
      1.11,
      2.395,
      1.1675,
      2.4525,
      1.2275
    ],
    "SoftwareVersions": "syngo_MR_B17",
    "TaskName": "knowfilt",
    "TotalReadoutTime": 0.0308698,
    "dataset": "ds001353",
    "modality": "bold",
    "run_id": 2,
    "subject_id": "8123",
    "task_id": "knowfilt"
  },
  "dummy_trs": 0,
  "dvars_nstd": 23.241355553312687,
  "dvars_std": 1.046987209597522,
  "dvars_vstd": 0.9904942756965944,
  "efc": 0.6379400210607913,
  "fber": 458.8475341796875,
  "fd_mean": 0.081221078862283,
  "fd_num": 11,
  "fd_perc": 3.3950617283950617,
  "fwhm_avg": 1.9479833333333334,
  "fwhm_x": 1.7990233333333334,
  "fwhm_y": 2.08158,
  "fwhm_z": 1.9633466666666666,
  "gcor": 0.0852773,
  "gsr_x": -0.005275659263134003,
  "gsr_y": 0.06934703886508942,
  "provenance": {
    "md5sum": "30609ea6a15c165b434235bac7b5b871",
    "settings": {
      "fd_thres": 0.2,
      "testing": false
    },
    "software": "mriqc",
    "version": "22.0.6",
    "webapi_port": null,
    "webapi_url": "https://mriqc.nimh.nih.gov/api/v1"
  },
  "size_t": 324,
  "size_x": 64,
  "size_y": 64,
  "size_z": 43,
  "snr": 5.554864073424468,
  "spacing_tr": 2.5,
  "spacing_x": 3.0,
  "spacing_y": 3.0,
  "spacing_z": 3.0,
  "summary_bg_k": 19.732263311696798,
  "summary_bg_mad": 15.558169578447876,
  "summary_bg_mean": 74.08203887939453,
  "summary_bg_median": 37.438270568847656,
  "summary_bg_n": 88017.0,
  "summary_bg_p05": 26.13580322265625,
  "summary_bg_p95": 240.80308532714835,
  "summary_bg_stdv": 90.90361022949219,
  "summary_fg_k": 1.2870622375445873,
  "summary_fg_mad": 134.22119865807883,
  "summary_fg_mean": 840.712158203125,
  "summary_fg_median": 828.0617065429688,
  "summary_fg_n": 48687.0,
  "summary_fg_p05": 621.6191589355469,
  "summary_fg_p95": 1094.951220703125,
  "summary_fg_stdv": 149.06813049316406,
  "tsnr": 61.0094828842557
}