{
  "aor": 0.00057929012345679,
  "aqi": 0.012217105277777777,
  "bids_meta": {
    "AcquisitionNumber": 1,
    "AcquisitionTime": "15:21:13.837500",
    "BandwidthPerPixelPhaseEncode": 31.888,
    "ConversionSoftware": "dcm2niix",
    "ConversionSoftwareVersion": "v1.0.20170724 (OpenJPEG build) GCC6.1.0",
    "DeviceSerialNumber": "35002",
    "EchoTime": 0.028,
    "EffectiveEchoSpacing": 0.000489996,
    "FlipAngle": 90,
    "ImageType": [
      "ORIGINAL",
      "PRIMARY",
      "M",
      "ND",
      "MOSAIC"
    ],
    "InstitutionAddress": "University_Pkwy_1700_North_685_Provo_UT_US_84601",
    "InstitutionName": "Brigham_Young_University",
    "MagneticFieldStrength": 3,
    "Manufacturer": "Siemens",
    "ManufacturersModelName": "TrioTim",
    "PhaseEncodingDirection": "j-",
    "PhaseEncodingLines": 64,
    "ProcedureStepDescription": "Research_KIRWAN",
    "ProtocolName": "EPI_Run2",
    "RepetitionTime": 2.5,
    "ScanningSequence": "EP",
    "SequenceName": "epfid2d1_64",
    "SequenceVariant": "SK",
    "SeriesDescription": "EPI_Run2",
    "SliceTiming": [
      0,
      1.2825,
      0.0575,
      1.3425,
      0.115,
      1.4,
      0.175,
      1.4575,
      0.2325,
      1.5175,
      0.29,
      1.575,
      0.35,
      1.6325,
      0.4075,
      1.6925,
      0.465,
      1.75,
      0.525,
      1.8075,
      0.5825,
      1.8675,
      0.64,
      1.925,
      0.7,
      1.9825,
      0.7575,
      2.0425,
      0.815,
      2.1,
      0.875,
      2.1575,
      0.9325,
      2.2175,
      0.9925,
      2.275,
      1.05,
      2.3325,
      1.1075,
      2.3925,
      1.1675,
      2.45,
      1.225
    ],
    "SoftwareVersions": "syngo_MR_B17",
    "TaskName": "knowfilt",
    "TotalReadoutTime": 0.0308698,
    "dataset": "ds001353",
    "modality": "bold",
    "run_id": 2,
    "subject_id": "8121",
    "task_id": "knowfilt"
  },
  "dummy_trs": 0,
  "dvars_nstd": 28.91451659065017,
  "dvars_std": 1.0592276760681112,
  "dvars_vstd": 0.9563054738699684,
  "efc": 0.6437213716155773,
  "fber": 395.3183288574219,
  "fd_mean": 0.1312297218752136,
  "fd_num": 49,
  "fd_perc": 15.123456790123457,
  "fwhm_avg": 2.05233210961122,
  "fwhm_x": 1.9060733333333333,
  "fwhm_y": 2.219216490299186,
  "fwhm_z": 2.0317065052011407,
  "gcor": 0.0223334,
  "gsr_x": -0.016079163178801537,
  "gsr_y": 0.08537455648183823,
  "provenance": {
    "md5sum": "efb246dcfbfdc4e6b93213077c5d7b38",
    "settings": {
      "fd_thres": 0.2,
      "testing": false
    },
    "software": "mriqc",
    "version": "22.0.6",
    "webapi_port": null,
    "webapi_url": "https://mriqc.nimh.nih.gov/api/v1"
  },
  "size_t": 324,
  "size_x": 64,
  "size_y": 64,
  "size_z": 43,
  "snr": 4.805898410562432,
  "spacing_tr": 2.5,
  "spacing_x": 3.0,
  "spacing_y": 3.000000238418579,
  "spacing_z": 3.000000238418579,
  "summary_bg_k": 23.129199846718503,
  "summary_bg_mad": 18.770476270436223,
  "summary_bg_mean": 85.65824890136719,
  "summary_bg_median": 41.453704833984375,
  "summary_bg_n": 86781.0,
  "summary_bg_p05": 27.669754028320312,
  "summary_bg_p95": 297.1604919433594,
  "summary_bg_stdv": 105.86847686767578,
  "summary_fg_k": 1.607140534478832,
  "summary_fg_mad": 149.87095912408313,
  "summary_fg_mean": 873.2714233398438,
  "summary_fg_median": 851.158935546875,
  "summary_fg_n": 49306.0,
  "summary_fg_p05": 618.7330474853516,
  "summary_fg_p95": 1189.0022888183594,
  "summary_fg_stdv": 177.1053466796875,
  "tsnr": 43.515768084093
}