{
  "aor": 0.0012425,
  "aqi": 0.00955270037037037,
  "bids_meta": {
    "AcquisitionNumber": 1,
    "AcquisitionTime": "15:48:23.512500",
    "BandwidthPerPixelPhaseEncode": 31.888,
    "ConversionSoftware": "dcm2niix",
    "ConversionSoftwareVersion": "v1.0.20170724 (OpenJPEG build) GCC6.1.0",
    "DeviceSerialNumber": "35002",
    "EchoTime": 0.028,
    "EffectiveEchoSpacing": 0.000489996,
    "FlipAngle": 90,
    "ImageType": [
      "ORIGINAL",
      "PRIMARY",
      "M",
      "ND",
      "MOSAIC"
    ],
    "InstitutionAddress": "University_Pkwy_1700_North_685_Provo_UT_US_84601",
    "InstitutionName": "Brigham_Young_University",
    "MagneticFieldStrength": 3,
    "Manufacturer": "Siemens",
    "ManufacturersModelName": "TrioTim",
    "PhaseEncodingDirection": "j-",
    "PhaseEncodingLines": 64,
    "ProcedureStepDescription": "Research_KIRWAN",
    "ProtocolName": "EPI_Run1",
    "RepetitionTime": 2.5,
    "ScanningSequence": "EP",
    "SequenceName": "epfid2d1_64",
    "SequenceVariant": "SK",
    "SeriesDescription": "EPI_Run1",
    "SliceTiming": [
      0,
      1.285,
      0.06,
      1.3425,
      0.1175,
      1.4025,
      0.175,
      1.46,
      0.235,
      1.5175,
      0.2925,
      1.5775,
      0.35,
      1.635,
      0.41,
      1.6925,
      0.4675,
      1.7525,
      0.525,
      1.81,
      0.585,
      1.8675,
      0.6425,
      1.9275,
      0.7,
      1.985,
      0.76,
      2.0425,
      0.8175,
      2.1025,
      0.8775,
      2.16,
      0.935,
      2.2175,
      0.9925,
      2.2775,
      1.0525,
      2.335,
      1.11,
      2.3925,
      1.1675,
      2.4525,
      1.2275
    ],
    "SoftwareVersions": "syngo_MR_B17",
    "TaskName": "knowfilt",
    "TotalReadoutTime": 0.0308698,
    "dataset": "ds001353",
    "modality": "bold",
    "run_id": 1,
    "subject_id": "8115",
    "task_id": "knowfilt"
  },
  "dummy_trs": 0,
  "dvars_nstd": 24.40308260235292,
  "dvars_std": 1.081608160804953,
  "dvars_vstd": 0.9721047322600612,
  "efc": 0.5726223955049928,
  "fber": 696.3167114257812,
  "fd_mean": 0.0829132824528698,
  "fd_num": 23,
  "fd_perc": 7.098765432098766,
  "fwhm_avg": 2.002744444444444,
  "fwhm_x": 1.8699033333333333,
  "fwhm_y": 2.17245,
  "fwhm_z": 1.96588,
  "gcor": 0.0320671,
  "gsr_x": -0.008758988231420517,
  "gsr_y": 0.0450630709528923,
  "provenance": {
    "md5sum": "c3456da3175ab9ff1a413aef512a717d",
    "settings": {
      "fd_thres": 0.2,
      "testing": false
    },
    "software": "mriqc",
    "version": "22.0.6",
    "webapi_port": null,
    "webapi_url": "https://mriqc.nimh.nih.gov/api/v1"
  },
  "size_t": 324,
  "size_x": 64,
  "size_y": 64,
  "size_z": 43,
  "snr": 5.540864593460182,
  "spacing_tr": 2.5,
  "spacing_x": 3.0,
  "spacing_y": 3.0,
  "spacing_z": 3.0,
  "summary_bg_k": 31.780448236166933,
  "summary_bg_mad": 10.918177307440963,
  "summary_bg_mean": 53.79877853393555,
  "summary_bg_median": 32.66358184814453,
  "summary_bg_n": 98955.0,
  "summary_bg_p05": 23.83024787902832,
  "summary_bg_p95": 143.59444427490226,
  "summary_bg_stdv": 62.98774337768555,
  "summary_fg_k": 1.0522988723934228,
  "summary_fg_mad": 144.76419804015092,
  "summary_fg_mean": 892.620361328125,
  "summary_fg_median": 880.2963256835938,
  "summary_fg_n": 39731.0,
  "summary_fg_p05": 645.2345886230469,
  "summary_fg_p95": 1165.6882934570312,
  "summary_fg_stdv": 158.8714599609375,
  "tsnr": 52.49922990426421
}