{
  "aor": 0.0008940432098765432,
  "aqi": 0.015887780679012347,
  "bids_meta": {
    "AcquisitionNumber": 1,
    "AcquisitionTime": "16:41:51.635000",
    "BandwidthPerPixelPhaseEncode": 31.888,
    "ConversionSoftware": "dcm2niix",
    "ConversionSoftwareVersion": "v1.0.20170724 (OpenJPEG build) GCC6.1.0",
    "DeviceSerialNumber": "35002",
    "EchoTime": 0.028,
    "EffectiveEchoSpacing": 0.000489996,
    "FlipAngle": 90,
    "ImageType": [
      "ORIGINAL",
      "PRIMARY",
      "M",
      "ND",
      "MOSAIC"
    ],
    "InstitutionAddress": "University_Pkwy_1700_North_685_Provo_UT_US_84601",
    "InstitutionName": "Brigham_Young_University",
    "MagneticFieldStrength": 3,
    "Manufacturer": "Siemens",
    "ManufacturersModelName": "TrioTim",
    "PhaseEncodingDirection": "j-",
    "PhaseEncodingLines": 64,
    "ProcedureStepDescription": "Research_KIRWAN",
    "ProtocolName": "EPI_Run2",
    "RepetitionTime": 2.5,
    "ScanningSequence": "EP",
    "SequenceName": "epfid2d1_64",
    "SequenceVariant": "SK",
    "SeriesDescription": "EPI_Run2",
    "SliceTiming": [
      0,
      1.285,
      0.0575,
      1.3425,
      0.1175,
      1.4,
      0.175,
      1.46,
      0.235,
      1.5175,
      0.2925,
      1.575,
      0.35,
      1.635,
      0.41,
      1.6925,
      0.4675,
      1.75,
      0.525,
      1.81,
      0.585,
      1.8675,
      0.6425,
      1.9275,
      0.7,
      1.985,
      0.76,
      2.0425,
      0.8175,
      2.1025,
      0.875,
      2.16,
      0.935,
      2.2175,
      0.9925,
      2.2775,
      1.05,
      2.335,
      1.11,
      2.3925,
      1.1675,
      2.4525,
      1.225
    ],
    "SoftwareVersions": "syngo_MR_B17",
    "TaskName": "knowfilt",
    "TotalReadoutTime": 0.0308698,
    "dataset": "ds001353",
    "modality": "bold",
    "run_id": 2,
    "subject_id": "8130",
    "task_id": "knowfilt"
  },
  "dummy_trs": 0,
  "dvars_nstd": 25.508484825572737,
  "dvars_std": 0.9918281193808038,
  "dvars_vstd": 0.9365242752012383,
  "efc": 0.6023883416770452,
  "fber": 542.966064453125,
  "fd_mean": 0.15853057177568733,
  "fd_num": 65,
  "fd_perc": 20.061728395061728,
  "fwhm_avg": 1.83173,
  "fwhm_x": 1.7339266666666668,
  "fwhm_y": 2.0135566666666667,
  "fwhm_z": 1.7477066666666667,
  "gcor": 0.0150291,
  "gsr_x": -0.0013766598422080278,
  "gsr_y": 0.063556969165802,
  "provenance": {
    "md5sum": "6f672596f7b75585bf61d86698e2271c",
    "settings": {
      "fd_thres": 0.2,
      "testing": false
    },
    "software": "mriqc",
    "version": "22.0.6",
    "webapi_port": null,
    "webapi_url": "https://mriqc.nimh.nih.gov/api/v1"
  },
  "size_t": 324,
  "size_x": 64,
  "size_y": 64,
  "size_z": 43,
  "snr": 6.1362836049306475,
  "spacing_tr": 2.5,
  "spacing_x": 3.0,
  "spacing_y": 3.0,
  "spacing_z": 3.0,
  "summary_bg_k": 22.6501367602441,
  "summary_bg_mad": 15.462076770702822,
  "summary_bg_mean": 71.2561264038086,
  "summary_bg_median": 36.64197540283203,
  "summary_bg_n": 95967.0,
  "summary_bg_p05": 24.459877014160156,
  "summary_bg_p95": 235.17716217041013,
  "summary_bg_stdv": 90.3338851928711,
  "summary_fg_k": 1.2488558683275102,
  "summary_fg_mad": 123.93455987689947,
  "summary_fg_mean": 875.138916015625,
  "summary_fg_median": 863.0216064453125,
  "summary_fg_n": 41584.0,
  "summary_fg_p05": 666.41142578125,
  "summary_fg_p95": 1121.9809020996092,
  "summary_fg_stdv": 140.6407012939453,
  "tsnr": 44.69819494988769
}