{
  "aor": 0.0051768209876543216,
  "aqi": 0.015858468765432097,
  "bids_meta": {
    "AcquisitionNumber": 1,
    "AcquisitionTime": "16:27:25.517500",
    "BandwidthPerPixelPhaseEncode": 31.888,
    "ConversionSoftware": "dcm2niix",
    "ConversionSoftwareVersion": "v1.0.20170724 (OpenJPEG build) GCC6.1.0",
    "DeviceSerialNumber": "35002",
    "EchoTime": 0.028,
    "EffectiveEchoSpacing": 0.000489996,
    "FlipAngle": 90,
    "ImageType": [
      "ORIGINAL",
      "PRIMARY",
      "M",
      "ND",
      "MOSAIC"
    ],
    "InstitutionAddress": "University_Pkwy_1700_North_685_Provo_UT_US_84601",
    "InstitutionName": "Brigham_Young_University",
    "MagneticFieldStrength": 3,
    "Manufacturer": "Siemens",
    "ManufacturersModelName": "TrioTim",
    "PhaseEncodingDirection": "j-",
    "PhaseEncodingLines": 64,
    "ProcedureStepDescription": "Research_KIRWAN",
    "ProtocolName": "EPI_Run1",
    "RepetitionTime": 2.5,
    "ScanningSequence": "EP",
    "SequenceName": "epfid2d1_64",
    "SequenceVariant": "SK",
    "SeriesDescription": "EPI_Run1",
    "SliceTiming": [
      0,
      1.2825,
      0.0575,
      1.3425,
      0.1175,
      1.4,
      0.175,
      1.4575,
      0.2325,
      1.5175,
      0.2925,
      1.575,
      0.35,
      1.635,
      0.4075,
      1.6925,
      0.4675,
      1.75,
      0.525,
      1.81,
      0.5825,
      1.8675,
      0.6425,
      1.925,
      0.7,
      1.985,
      0.7575,
      2.0425,
      0.8175,
      2.1,
      0.875,
      2.16,
      0.9325,
      2.2175,
      0.9925,
      2.275,
      1.05,
      2.335,
      1.1075,
      2.3925,
      1.1675,
      2.45,
      1.225
    ],
    "SoftwareVersions": "syngo_MR_B17",
    "TaskName": "knowfilt",
    "TotalReadoutTime": 0.0308698,
    "dataset": "ds001353",
    "modality": "bold",
    "run_id": 1,
    "subject_id": "8130",
    "task_id": "knowfilt"
  },
  "dummy_trs": 0,
  "dvars_nstd": 25.303818646594426,
  "dvars_std": 1.0554501850464397,
  "dvars_vstd": 0.9876322586996904,
  "efc": 0.6039306997810174,
  "fber": 528.9999389648438,
  "fd_mean": 0.14754347082350924,
  "fd_num": 61,
  "fd_perc": 18.82716049382716,
  "fwhm_avg": 1.8447611111111109,
  "fwhm_x": 1.7428933333333332,
  "fwhm_y": 2.0370466666666665,
  "fwhm_z": 1.7543433333333331,
  "gcor": 0.0203513,
  "gsr_x": -0.0020006573759019375,
  "gsr_y": 0.0626533254981041,
  "provenance": {
    "md5sum": "99638919b4cee30ccc91051c74b3c9c0",
    "settings": {
      "fd_thres": 0.2,
      "testing": false
    },
    "software": "mriqc",
    "version": "22.0.6",
    "webapi_port": null,
    "webapi_url": "https://mriqc.nimh.nih.gov/api/v1"
  },
  "size_t": 324,
  "size_x": 64,
  "size_y": 64,
  "size_z": 43,
  "snr": 6.065994777670494,
  "spacing_tr": 2.5,
  "spacing_x": 3.0,
  "spacing_y": 3.0,
  "spacing_z": 3.0,
  "summary_bg_k": 22.208698672796928,
  "summary_bg_mad": 16.491661958869415,
  "summary_bg_mean": 71.12104797363281,
  "summary_bg_median": 37.13580322265625,
  "summary_bg_n": 95512.0,
  "summary_bg_p05": 23.577159881591797,
  "summary_bg_p95": 234.95509185791013,
  "summary_bg_stdv": 89.27664947509766,
  "summary_fg_k": 1.2164372244226236,
  "summary_fg_mad": 127.06219540413392,
  "summary_fg_mean": 873.9114990234375,
  "summary_fg_median": 861.7515869140625,
  "summary_fg_n": 41936.0,
  "summary_fg_p05": 663.4992370605469,
  "summary_fg_p95": 1121.0215759277344,
  "summary_fg_stdv": 142.06100463867188,
  "tsnr": 44.42504425824154
}