{
  "aor": 0.0009707407407407407,
  "aqi": 0.008066278117283951,
  "bids_meta": {
    "AcquisitionNumber": 1,
    "AcquisitionTime": "19:52:29.907500",
    "BandwidthPerPixelPhaseEncode": 31.888,
    "ConversionSoftware": "dcm2niix",
    "ConversionSoftwareVersion": "v1.0.20170724 (OpenJPEG build) GCC6.1.0",
    "DeviceSerialNumber": "35002",
    "EchoTime": 0.028,
    "EffectiveEchoSpacing": 0.000489996,
    "FlipAngle": 90,
    "ImageType": [
      "ORIGINAL",
      "PRIMARY",
      "M",
      "ND",
      "MOSAIC"
    ],
    "InstitutionAddress": "University_Pkwy_1700_North_685_Provo_UT_US_84601",
    "InstitutionName": "Brigham_Young_University",
    "MagneticFieldStrength": 3,
    "Manufacturer": "Siemens",
    "ManufacturersModelName": "TrioTim",
    "PhaseEncodingDirection": "j-",
    "PhaseEncodingLines": 64,
    "ProcedureStepDescription": "Research_KIRWAN",
    "ProtocolName": "EPI_Run1",
    "RepetitionTime": 2.5,
    "ScanningSequence": "EP",
    "SequenceName": "epfid2d1_64",
    "SequenceVariant": "SK",
    "SeriesDescription": "EPI_Run1",
    "SliceTiming": [
      0,
      1.285,
      0.0575,
      1.3425,
      0.1175,
      1.4,
      0.175,
      1.46,
      0.2325,
      1.5175,
      0.2925,
      1.575,
      0.35,
      1.635,
      0.41,
      1.6925,
      0.4675,
      1.75,
      0.525,
      1.81,
      0.585,
      1.8675,
      0.6425,
      1.9275,
      0.7,
      1.985,
      0.76,
      2.0425,
      0.8175,
      2.1025,
      0.875,
      2.16,
      0.935,
      2.2175,
      0.9925,
      2.2775,
      1.05,
      2.335,
      1.11,
      2.3925,
      1.1675,
      2.4525,
      1.225
    ],
    "SoftwareVersions": "syngo_MR_B17",
    "TaskName": "knowfilt",
    "TotalReadoutTime": 0.0308698,
    "dataset": "ds001353",
    "modality": "bold",
    "run_id": 1,
    "subject_id": "8131",
    "task_id": "knowfilt"
  },
  "dummy_trs": 0,
  "dvars_nstd": 23.10074249368422,
  "dvars_std": 1.068520072910216,
  "dvars_vstd": 0.9790142944272444,
  "efc": 0.5998784759399522,
  "fber": 566.8065795898438,
  "fd_mean": 0.06500403605453434,
  "fd_num": 5,
  "fd_perc": 1.5432098765432098,
  "fwhm_avg": 1.9286722222222223,
  "fwhm_x": 1.7846566666666668,
  "fwhm_y": 2.11937,
  "fwhm_z": 1.88199,
  "gcor": 0.0623279,
  "gsr_x": -0.007928955368697643,
  "gsr_y": 0.07018330693244934,
  "provenance": {
    "md5sum": "8a79f45f97d85f5e758861da0ef275a9",
    "settings": {
      "fd_thres": 0.2,
      "testing": false
    },
    "software": "mriqc",
    "version": "22.0.6",
    "webapi_port": null,
    "webapi_url": "https://mriqc.nimh.nih.gov/api/v1"
  },
  "size_t": 324,
  "size_x": 64,
  "size_y": 64,
  "size_z": 43,
  "snr": 5.4942328104251414,
  "spacing_tr": 2.5,
  "spacing_x": 3.0,
  "spacing_y": 3.0,
  "spacing_z": 3.0,
  "summary_bg_k": 20.269171488404194,
  "summary_bg_mad": 12.69821166504267,
  "summary_bg_mean": 73.14362335205078,
  "summary_bg_median": 35.61728286743164,
  "summary_bg_n": 97862.0,
  "summary_bg_p05": 26.03719120025635,
  "summary_bg_p95": 258.91745300292956,
  "summary_bg_stdv": 91.7376708984375,
  "summary_fg_k": 0.9110362117769499,
  "summary_fg_mad": 149.001522959813,
  "summary_fg_mean": 874.9259033203125,
  "summary_fg_median": 868.3827514648438,
  "summary_fg_n": 40309.0,
  "summary_fg_p05": 627.1240966796875,
  "summary_fg_p95": 1134.6432617187497,
  "summary_fg_stdv": 158.05154418945312,
  "tsnr": 52.36983408452943
}