{
  "bids_meta": {
    "AcquisitionNumber": 1,
    "AcquisitionTime": "11:23:54.927500",
    "ConversionSoftware": "dcm2niix",
    "ConversionSoftwareVersion": "v1.0.20170724 (OpenJPEG build) GCC6.1.0",
    "DeviceSerialNumber": "35002",
    "EchoTime": 0.00226,
    "FlipAngle": 9,
    "ImageType": [
      "ORIGINAL",
      "PRIMARY",
      "M",
      "ND",
      "NORM"
    ],
    "InstitutionAddress": "University_Pkwy_1700_North_685_Provo_UT_US_84601",
    "InstitutionName": "Brigham_Young_University",
    "InversionTime": 0.9,
    "MagneticFieldStrength": 3,
    "Manufacturer": "Siemens",
    "ManufacturersModelName": "TrioTim",
    "PhaseEncodingDirection": "i-",
    "PhaseEncodingLines": 215,
    "ProcedureStepDescription": "Research_KIRWAN",
    "ProtocolName": "t1_mpr_sag_iso_mprage",
    "RepetitionTime": 1.9,
    "ScanningSequence": "GR_IR",
    "SequenceName": "_tfl3d1_ns",
    "SequenceVariant": "SP_MP_OSP",
    "SeriesDescription": "t1_mpr_sag_iso_mprage",
    "SoftwareVersions": "syngo_MR_B17",
    "dataset": "ds001353",
    "modality": "T1w",
    "run_id": 1,
    "subject_id": "8124"
  },
  "cjv": 0.3544069048220562,
  "cnr": 3.883294024215697,
  "efc": 0.6012160195262892,
  "fber": 21723.20221462545,
  "fwhm_avg": 4.679272213333333,
  "fwhm_x": 4.45204,
  "fwhm_y": 5.06968064,
  "fwhm_z": 4.516095999999999,
  "icvs_csf": 0.18396300133565094,
  "icvs_gm": 0.4150132867237665,
  "icvs_wm": 0.4010237119405826,
  "inu_med": 0.405687153339386,
  "inu_range": 0.17181250751018529,
  "provenance": {
    "md5sum": "4c173e8024318b4c102037b0029b1aa2",
    "settings": {
      "testing": false
    },
    "software": "mriqc",
    "version": "22.0.6",
    "warnings": {
      "large_rot_frame": true,
      "small_air_mask": false
    },
    "webapi_port": null,
    "webapi_url": "https://mriqc.nimh.nih.gov/api/v1"
  },
  "qi_1": 0.0,
  "qi_2": 0.0069272429137236,
  "rpve_csf": 19.418940385519146,
  "rpve_gm": 9.257230701924946,
  "rpve_wm": 11.29072904240321,
  "size_x": 176,
  "size_y": 224,
  "size_z": 256,
  "snr_csf": 3.115767197489679,
  "snr_gm": 13.772911580433208,
  "snr_total": 14.495196494939597,
  "snr_wm": 26.5969107068959,
  "snrd_csf": 25.857203148014566,
  "snrd_gm": 67.93821469034664,
  "snrd_total": 61.73970013247091,
  "snrd_wm": 91.4236825590515,
  "spacing_x": 1.0,
  "spacing_y": 0.9765625,
  "spacing_z": 0.9765625,
  "summary_bg_k": 6.329333999104653,
  "summary_bg_mad": 0.0,
  "summary_bg_mean": 4.0478138618773505,
  "summary_bg_median": 0.0,
  "summary_bg_n": 2430582.0,
  "summary_bg_p05": 0.0,
  "summary_bg_p95": 19.357422553002834,
  "summary_bg_stdv": 7.166256428625529,
  "summary_csf_k": 7.474496200675832,
  "summary_csf_mad": 61.159320724720025,
  "summary_csf_mean": 296.48858420353383,
  "summary_csf_median": 282.840868383646,
  "summary_csf_n": 43811.0,
  "summary_csf_p05": 175.46279799193144,
  "summary_csf_p95": 473.4336058422923,
  "summary_csf_stdv": 90.77624304753695,
  "summary_gm_k": -0.011707625323286397,
  "summary_gm_mad": 54.49579171372033,
  "summary_gm_mean": 743.3989553787006,
  "summary_gm_median": 743.1470267474651,
  "summary_gm_n": 44620.0,
  "summary_gm_p05": 656.0608751699328,
  "summary_gm_p95": 833.394890675321,
  "summary_gm_stdv": 53.956543237101606,
  "summary_wm_k": 0.3904227711477479,
  "summary_wm_mad": 36.550446258354796,
  "summary_wm_mean": 1000.7935152878824,
  "summary_wm_median": 1000.0444989278913,
  "summary_wm_n": 317874.0,
  "summary_wm_p05": 940.592736788094,
  "summary_wm_p95": 1063.5012450441718,
  "summary_wm_stdv": 37.59996553460946,
  "tpm_overlap_csf": 0.16583458932694925,
  "tpm_overlap_gm": 0.44489620459781376,
  "tpm_overlap_wm": 0.5106908760985682,
  "wm2max": 0.4500565184111875
}