{
  "aor": 0.013097623456790124,
  "aqi": 0.01615631290123457,
  "bids_meta": {
    "AcquisitionNumber": 1,
    "AcquisitionTime": "10:41:7.425000",
    "BandwidthPerPixelPhaseEncode": 31.888,
    "ConversionSoftware": "dcm2niix",
    "ConversionSoftwareVersion": "v1.0.20170724 (OpenJPEG build) GCC6.1.0",
    "DeviceSerialNumber": "35002",
    "EchoTime": 0.028,
    "EffectiveEchoSpacing": 0.000489996,
    "FlipAngle": 90,
    "ImageType": [
      "ORIGINAL",
      "PRIMARY",
      "M",
      "ND",
      "MOSAIC"
    ],
    "InstitutionAddress": "University_Pkwy_1700_North_685_Provo_UT_US_84601",
    "InstitutionName": "Brigham_Young_University",
    "MagneticFieldStrength": 3,
    "Manufacturer": "Siemens",
    "ManufacturersModelName": "TrioTim",
    "PhaseEncodingDirection": "j-",
    "PhaseEncodingLines": 64,
    "ProcedureStepDescription": "Research_KIRWAN",
    "ProtocolName": "EPI_Run2",
    "RepetitionTime": 2.5,
    "ScanningSequence": "EP",
    "SequenceName": "epfid2d1_64",
    "SequenceVariant": "SK",
    "SeriesDescription": "EPI_Run2",
    "SliceTiming": [
      0,
      1.285,
      0.0575,
      1.3425,
      0.1175,
      1.4,
      0.175,
      1.46,
      0.2325,
      1.5175,
      0.2925,
      1.575,
      0.35,
      1.635,
      0.4075,
      1.6925,
      0.4675,
      1.75,
      0.525,
      1.81,
      0.585,
      1.8675,
      0.6425,
      1.925,
      0.7,
      1.985,
      0.76,
      2.0425,
      0.8175,
      2.1,
      0.875,
      2.16,
      0.935,
      2.2175,
      0.9925,
      2.2775,
      1.05,
      2.335,
      1.11,
      2.3925,
      1.1675,
      2.4525,
      1.225
    ],
    "SoftwareVersions": "syngo_MR_B17",
    "TaskName": "knowfilt",
    "TotalReadoutTime": 0.0308698,
    "dataset": "ds001353",
    "modality": "bold",
    "run_id": 2,
    "subject_id": "8117",
    "task_id": "knowfilt"
  },
  "dummy_trs": 0,
  "dvars_nstd": 25.235137803746127,
  "dvars_std": 1.0311203867801855,
  "dvars_vstd": 1.0261131080804955,
  "efc": 0.600201877490871,
  "fber": 539.1884155273438,
  "fd_mean": 0.19841154007223877,
  "fd_num": 54,
  "fd_perc": 16.666666666666668,
  "fwhm_avg": 2.00716,
  "fwhm_x": 1.89541,
  "fwhm_y": 2.19844,
  "fwhm_z": 1.92763,
  "gcor": 0.0269892,
  "gsr_x": -0.009483534842729568,
  "gsr_y": 0.06626655906438828,
  "provenance": {
    "md5sum": "8897b8ace0cb488ea1db17a585ae54b8",
    "settings": {
      "fd_thres": 0.2,
      "testing": false
    },
    "software": "mriqc",
    "version": "22.0.6",
    "webapi_port": null,
    "webapi_url": "https://mriqc.nimh.nih.gov/api/v1"
  },
  "size_t": 324,
  "size_x": 64,
  "size_y": 64,
  "size_z": 43,
  "snr": 5.454335498980364,
  "spacing_tr": 2.5,
  "spacing_x": 3.0,
  "spacing_y": 3.0,
  "spacing_z": 3.0,
  "summary_bg_k": 45.72570850515198,
  "summary_bg_mad": 14.89465950089687,
  "summary_bg_mean": 67.49296569824219,
  "summary_bg_median": 35.60802459716797,
  "summary_bg_n": 96405.0,
  "summary_bg_p05": 24.38271713256836,
  "summary_bg_p95": 217.44938659667972,
  "summary_bg_stdv": 82.61524200439453,
  "summary_fg_k": 1.2016715923409773,
  "summary_fg_mad": 138.73768787486551,
  "summary_fg_mean": 853.1454467773438,
  "summary_fg_median": 842.399658203125,
  "summary_fg_n": 41368.0,
  "summary_fg_p05": 609.68564453125,
  "summary_fg_p95": 1115.2313720703125,
  "summary_fg_stdv": 154.4440155029297,
  "tsnr": 37.554592627624515
}