{
  "bids_meta": {
    "AcquisitionNumber": 1,
    "AcquisitionTime": "16:09:14.697500",
    "ConversionSoftware": "dcm2niix",
    "ConversionSoftwareVersion": "v1.0.20170724 (OpenJPEG build) GCC6.1.0",
    "DeviceSerialNumber": "35002",
    "EchoTime": 0.00226,
    "FlipAngle": 9,
    "ImageType": [
      "ORIGINAL",
      "PRIMARY",
      "M",
      "ND",
      "NORM"
    ],
    "InstitutionAddress": "University_Pkwy_1700_North_685_Provo_UT_US_84601",
    "InstitutionName": "Brigham_Young_University",
    "InversionTime": 0.9,
    "MagneticFieldStrength": 3,
    "Manufacturer": "Siemens",
    "ManufacturersModelName": "TrioTim",
    "PhaseEncodingDirection": "i-",
    "PhaseEncodingLines": 215,
    "ProcedureStepDescription": "Research_KIRWAN",
    "ProtocolName": "t1_mpr_sag_iso_mprage",
    "RepetitionTime": 1.9,
    "ScanningSequence": "GR_IR",
    "SequenceName": "_tfl3d1_ns",
    "SequenceVariant": "SP_MP_OSP",
    "SeriesDescription": "t1_mpr_sag_iso_mprage",
    "SoftwareVersions": "syngo_MR_B17",
    "dataset": "ds001353",
    "modality": "T1w",
    "run_id": 1,
    "subject_id": "8128"
  },
  "cjv": 0.35002746736441326,
  "cnr": 3.9293377676930246,
  "efc": 0.624228693880873,
  "fber": 12827.5424715145,
  "fwhm_avg": 4.602084133333334,
  "fwhm_x": 4.36103,
  "fwhm_y": 4.90492928,
  "fwhm_z": 4.54029312,
  "icvs_csf": 0.19369131217130267,
  "icvs_gm": 0.4390817886840652,
  "icvs_wm": 0.3672268991446321,
  "inu_med": 0.4658955782651901,
  "inu_range": 0.20680087506771083,
  "provenance": {
    "md5sum": "21ee6693c93ed1b7bdb0a3c2b41e7a96",
    "settings": {
      "testing": false
    },
    "software": "mriqc",
    "version": "22.0.6",
    "warnings": {
      "large_rot_frame": true,
      "small_air_mask": false
    },
    "webapi_port": null,
    "webapi_url": "https://mriqc.nimh.nih.gov/api/v1"
  },
  "qi_1": 0.0,
  "qi_2": 0.01210232444122709,
  "rpve_csf": 19.919731369375075,
  "rpve_gm": 9.395081878593777,
  "rpve_wm": 12.729893227554475,
  "size_x": 176,
  "size_y": 224,
  "size_z": 256,
  "snr_csf": 2.8486635122196473,
  "snr_gm": 15.11288142566416,
  "snr_total": 14.185368549893695,
  "snr_wm": 24.59456071179728,
  "snrd_csf": 21.253300847573172,
  "snrd_gm": 51.091482870646296,
  "snrd_total": 46.94604745816881,
  "snrd_wm": 68.49335865628699,
  "spacing_x": 1.0,
  "spacing_y": 0.9765625,
  "spacing_z": 0.9765625,
  "summary_bg_k": 5.894203858847785,
  "summary_bg_mad": 0.0,
  "summary_bg_mean": 5.584533413177595,
  "summary_bg_median": 0.0,
  "summary_bg_n": 2434287.0,
  "summary_bg_p05": 0.0,
  "summary_bg_p95": 26.337448716163635,
  "summary_bg_stdv": 9.565425536137074,
  "summary_csf_k": 0.8119905411596067,
  "summary_csf_mad": 91.0520903098067,
  "summary_csf_mean": 318.3213986023074,
  "summary_csf_median": 310.31227490119636,
  "summary_csf_n": 35024.0,
  "summary_csf_p05": 141.03122814372182,
  "summary_csf_p95": 515.7104847878218,
  "summary_csf_stdv": 108.93102802197879,
  "summary_gm_k": -0.012879637990982573,
  "summary_gm_mad": 50.10197795525824,
  "summary_gm_mean": 745.318142962824,
  "summary_gm_median": 745.9695033431053,
  "summary_gm_n": 44484.0,
  "summary_gm_p05": 663.9554626718163,
  "summary_gm_p95": 824.5945340692997,
  "summary_gm_stdv": 49.35929142768787,
  "summary_wm_k": 0.532397590267141,
  "summary_wm_mad": 38.83262188222738,
  "summary_wm_mean": 1002.0969540071277,
  "summary_wm_median": 1000.0484203696251,
  "summary_wm_n": 241975.0,
  "summary_wm_p05": 939.1430702134967,
  "summary_wm_p95": 1072.0406744889915,
  "summary_wm_stdv": 40.66128139701145,
  "tpm_overlap_csf": 0.172943931440035,
  "tpm_overlap_gm": 0.47569604677369937,
  "tpm_overlap_wm": 0.5264162928504338,
  "wm2max": 0.4003354592529941
}