{
  "bids_meta": {
    "AcquisitionNumber": 1,
    "AcquisitionTime": "14:51:52.210000",
    "ConversionSoftware": "dcm2niix",
    "ConversionSoftwareVersion": "v1.0.20170724 (OpenJPEG build) GCC6.1.0",
    "DeviceSerialNumber": "35002",
    "EchoTime": 0.00226,
    "FlipAngle": 9,
    "ImageType": [
      "ORIGINAL",
      "PRIMARY",
      "M",
      "ND",
      "NORM"
    ],
    "InstitutionAddress": "University_Pkwy_1700_North_685_Provo_UT_US_84601",
    "InstitutionName": "Brigham_Young_University",
    "InversionTime": 0.9,
    "MagneticFieldStrength": 3,
    "Manufacturer": "Siemens",
    "ManufacturersModelName": "TrioTim",
    "PhaseEncodingDirection": "i-",
    "PhaseEncodingLines": 215,
    "ProcedureStepDescription": "Research_KIRWAN",
    "ProtocolName": "t1_mpr_sag_iso_mprage",
    "RepetitionTime": 1.9,
    "ScanningSequence": "GR_IR",
    "SequenceName": "_tfl3d1_ns",
    "SequenceVariant": "SP_MP_OSP",
    "SeriesDescription": "t1_mpr_sag_iso_mprage",
    "SoftwareVersions": "syngo_MR_B17",
    "dataset": "ds001353",
    "modality": "T1w",
    "run_id": 1,
    "subject_id": "8127"
  },
  "cjv": 0.32356465355008257,
  "cnr": 4.276440874055451,
  "efc": 0.49216273558861284,
  "fber": 22234.699735349717,
  "fwhm_avg": 4.595722346666666,
  "fwhm_x": 4.40148,
  "fwhm_y": 4.8826368,
  "fwhm_z": 4.503050239999999,
  "icvs_csf": 0.18032372310204411,
  "icvs_gm": 0.4786786639586856,
  "icvs_wm": 0.3409976129392703,
  "inu_med": 0.45014384388923645,
  "inu_range": 0.17409395873546596,
  "provenance": {
    "md5sum": "6654d3147a95d762262d3e3d571b7a0b",
    "settings": {
      "testing": false
    },
    "software": "mriqc",
    "version": "22.0.6",
    "warnings": {
      "large_rot_frame": true,
      "small_air_mask": false
    },
    "webapi_port": null,
    "webapi_url": "https://mriqc.nimh.nih.gov/api/v1"
  },
  "qi_1": 0.0,
  "qi_2": 0.013399544665492093,
  "rpve_csf": 26.96829440867794,
  "rpve_gm": 11.412493777656453,
  "rpve_wm": 17.48776932704678,
  "size_x": 176,
  "size_y": 224,
  "size_z": 256,
  "snr_csf": 2.457388755502727,
  "snr_gm": 14.52342077418802,
  "snr_total": 14.436842215026585,
  "snr_wm": 26.32971711538901,
  "snrd_csf": 27.89103970767455,
  "snrd_gm": 67.27426565202768,
  "snrd_total": 62.47874641775015,
  "snrd_wm": 92.2709338935482,
  "spacing_x": 1.0,
  "spacing_y": 0.9765625,
  "spacing_z": 0.9765625,
  "summary_bg_k": 8.952446831592868,
  "summary_bg_mad": 0.0,
  "summary_bg_mean": 4.2228702046352975,
  "summary_bg_median": 0.0,
  "summary_bg_n": 3256612.0,
  "summary_bg_p05": 0.0,
  "summary_bg_p95": 19.246124230325222,
  "summary_bg_stdv": 7.1004370363958484,
  "summary_csf_k": 1.2889688025766635,
  "summary_csf_mad": 95.66482319293813,
  "summary_csf_mean": 294.4949475603854,
  "summary_csf_median": 302.2860145214945,
  "summary_csf_n": 23274.0,
  "summary_csf_p05": 56.25289126839489,
  "summary_csf_p95": 494.0412854555993,
  "summary_csf_stdv": 123.00842498115358,
  "summary_gm_k": 0.005047948815799064,
  "summary_gm_mad": 51.02539250733724,
  "summary_gm_mean": 727.7598299898941,
  "summary_gm_median": 729.1255491711199,
  "summary_gm_n": 55382.0,
  "summary_gm_p05": 644.28501966279,
  "summary_gm_p95": 807.7489081993699,
  "summary_gm_stdv": 50.20297750671546,
  "summary_wm_k": 0.3912103726020226,
  "summary_wm_mad": 36.63361513347289,
  "summary_wm_mean": 1001.12635788671,
  "summary_wm_median": 1000.0420620813966,
  "summary_wm_n": 165425.0,
  "summary_wm_p05": 940.790893599391,
  "summary_wm_p95": 1065.344413727522,
  "summary_wm_stdv": 37.9813818374616,
  "tpm_overlap_csf": 0.14107823185018054,
  "tpm_overlap_gm": 0.4884364804520305,
  "tpm_overlap_wm": 0.5117041132461497,
  "wm2max": 0.42947376019634736
}