{
  "bids_meta": {
    "AcquisitionNumber": 1,
    "AcquisitionTime": "13:27:15.035000",
    "ConversionSoftware": "dcm2niix",
    "ConversionSoftwareVersion": "v1.0.20170724 (OpenJPEG build) GCC6.1.0",
    "DeviceSerialNumber": "35002",
    "EchoTime": 0.00226,
    "FlipAngle": 9,
    "ImageType": [
      "ORIGINAL",
      "PRIMARY",
      "M",
      "ND",
      "NORM"
    ],
    "InstitutionAddress": "University_Pkwy_1700_North_685_Provo_UT_US_84601",
    "InstitutionName": "Brigham_Young_University",
    "InversionTime": 0.9,
    "MagneticFieldStrength": 3,
    "Manufacturer": "Siemens",
    "ManufacturersModelName": "TrioTim",
    "PhaseEncodingDirection": "i-",
    "PhaseEncodingLines": 215,
    "ProcedureStepDescription": "Research_KIRWAN",
    "ProtocolName": "t1_mpr_sag_iso_mprage",
    "RepetitionTime": 1.9,
    "ScanningSequence": "GR_IR",
    "SequenceName": "_tfl3d1_ns",
    "SequenceVariant": "SP_MP_OSP",
    "SeriesDescription": "t1_mpr_sag_iso_mprage",
    "SoftwareVersions": "syngo_MR_B17",
    "dataset": "ds001353",
    "modality": "T1w",
    "run_id": 1,
    "subject_id": "8113"
  },
  "cjv": 0.32693279690123533,
  "cnr": 4.1835273514455995,
  "efc": 0.5727042543853657,
  "fber": 20636.97097554421,
  "fwhm_avg": 4.57557552,
  "fwhm_x": 4.28858,
  "fwhm_y": 4.98486272,
  "fwhm_z": 4.45328384,
  "icvs_csf": 0.218064515979455,
  "icvs_gm": 0.4189645218412631,
  "icvs_wm": 0.36297096217928193,
  "inu_med": 0.41200534999370575,
  "inu_range": 0.15667306184768676,
  "provenance": {
    "md5sum": "b2a846e8790e3ba7e52a67af9bf0974a",
    "settings": {
      "testing": false
    },
    "software": "mriqc",
    "version": "22.0.6",
    "warnings": {
      "large_rot_frame": true,
      "small_air_mask": false
    },
    "webapi_port": null,
    "webapi_url": "https://mriqc.nimh.nih.gov/api/v1"
  },
  "qi_1": 0.0,
  "qi_2": 0.013155362974989636,
  "rpve_csf": 19.50213433956377,
  "rpve_gm": 10.536939428896778,
  "rpve_wm": 14.380693230045141,
  "size_x": 176,
  "size_y": 224,
  "size_z": 256,
  "snr_csf": 3.103389898918351,
  "snr_gm": 13.409117668810596,
  "snr_total": 15.0928903360727,
  "snr_wm": 28.766163440489148,
  "snrd_csf": 29.951406299636087,
  "snrd_gm": 78.19304445267527,
  "snrd_total": 71.80820777945564,
  "snrd_wm": 107.28017258605556,
  "spacing_x": 1.0,
  "spacing_y": 0.9765625,
  "spacing_z": 0.9765625,
  "summary_bg_k": 7.081957569135749,
  "summary_bg_mad": 0.0,
  "summary_bg_mean": 3.592665473992658,
  "summary_bg_median": 0.0,
  "summary_bg_n": 2629087.0,
  "summary_bg_p05": 0.0,
  "summary_bg_p95": 16.481269042938948,
  "summary_bg_stdv": 6.1070294886743195,
  "summary_csf_k": 2.0482903005846813,
  "summary_csf_mad": 57.177075886299235,
  "summary_csf_mean": 293.8877563155677,
  "summary_csf_median": 279.2000589482486,
  "summary_csf_n": 46753.0,
  "summary_csf_p05": 167.4709596298635,
  "summary_csf_p95": 472.6975188732148,
  "summary_csf_stdv": 89.96519358534827,
  "summary_gm_k": 0.0028344246970619658,
  "summary_gm_mad": 54.38795023330903,
  "summary_gm_mean": 727.9598486372192,
  "summary_gm_median": 728.8974147699773,
  "summary_gm_n": 40532.0,
  "summary_gm_p05": 637.2075755782425,
  "summary_gm_p95": 815.4527047598733,
  "summary_gm_stdv": 54.3576722263301,
  "summary_wm_k": 0.17408988571695705,
  "summary_wm_mad": 34.257738998684054,
  "summary_wm_mean": 1000.2369043714103,
  "summary_wm_median": 1000.0408732183278,
  "summary_wm_n": 229547.0,
  "summary_wm_p05": 943.5628768205643,
  "summary_wm_p95": 1057.4594879485667,
  "summary_wm_stdv": 34.76440982450191,
  "tpm_overlap_csf": 0.16627227441491269,
  "tpm_overlap_gm": 0.4528214259885391,
  "tpm_overlap_wm": 0.5005183646581617,
  "wm2max": 0.46894237223127816
}