{
  "aor": 0.0007752469135802468,
  "aqi": 0.007589879228395063,
  "bids_meta": {
    "AcquisitionNumber": 1,
    "AcquisitionTime": "12:56:53.137500",
    "BandwidthPerPixelPhaseEncode": 31.888,
    "ConversionSoftware": "dcm2niix",
    "ConversionSoftwareVersion": "v1.0.20170724 (OpenJPEG build) GCC6.1.0",
    "DeviceSerialNumber": "35002",
    "EchoTime": 0.028,
    "EffectiveEchoSpacing": 0.000489996,
    "FlipAngle": 90,
    "ImageType": [
      "ORIGINAL",
      "PRIMARY",
      "M",
      "ND",
      "MOSAIC"
    ],
    "InstitutionAddress": "University_Pkwy_1700_North_685_Provo_UT_US_84601",
    "InstitutionName": "Brigham_Young_University",
    "MagneticFieldStrength": 3,
    "Manufacturer": "Siemens",
    "ManufacturersModelName": "TrioTim",
    "PhaseEncodingDirection": "j-",
    "PhaseEncodingLines": 64,
    "ProcedureStepDescription": "Research_KIRWAN",
    "ProtocolName": "EPI_Run2",
    "RepetitionTime": 2.5,
    "ScanningSequence": "EP",
    "SequenceName": "epfid2d1_64",
    "SequenceVariant": "SK",
    "SeriesDescription": "EPI_Run2",
    "SliceTiming": [
      0,
      1.285,
      0.0575,
      1.3425,
      0.1175,
      1.4,
      0.175,
      1.46,
      0.2325,
      1.5175,
      0.2925,
      1.575,
      0.35,
      1.635,
      0.41,
      1.6925,
      0.4675,
      1.75,
      0.525,
      1.81,
      0.585,
      1.8675,
      0.6425,
      1.9275,
      0.7,
      1.985,
      0.76,
      2.0425,
      0.8175,
      2.1025,
      0.875,
      2.16,
      0.935,
      2.2175,
      0.9925,
      2.2775,
      1.05,
      2.335,
      1.11,
      2.3925,
      1.1675,
      2.4525,
      1.225
    ],
    "SoftwareVersions": "syngo_MR_B17",
    "TaskName": "knowfilt",
    "TotalReadoutTime": 0.0308698,
    "dataset": "ds001353",
    "modality": "bold",
    "run_id": 2,
    "subject_id": "8125",
    "task_id": "knowfilt"
  },
  "dummy_trs": 0,
  "dvars_nstd": 27.897088431826624,
  "dvars_std": 1.1176367534984524,
  "dvars_vstd": 0.9945136621362233,
  "efc": 0.6129602733591415,
  "fber": 375.55548095703125,
  "fd_mean": 0.06605104635185868,
  "fd_num": 12,
  "fd_perc": 3.7037037037037037,
  "fwhm_avg": 1.8431466666666667,
  "fwhm_x": 1.7439200000000001,
  "fwhm_y": 1.9570533333333333,
  "fwhm_z": 1.8284666666666667,
  "gcor": 0.0468569,
  "gsr_x": -0.0065796589478850365,
  "gsr_y": 0.06267906725406647,
  "provenance": {
    "md5sum": "0597f54cfc5bce999519258f62204f7b",
    "settings": {
      "fd_thres": 0.2,
      "testing": false
    },
    "software": "mriqc",
    "version": "22.0.6",
    "webapi_port": null,
    "webapi_url": "https://mriqc.nimh.nih.gov/api/v1"
  },
  "size_t": 324,
  "size_x": 64,
  "size_y": 64,
  "size_z": 43,
  "snr": 5.273901604121865,
  "spacing_tr": 2.5,
  "spacing_x": 3.0,
  "spacing_y": 3.0,
  "spacing_z": 3.0,
  "summary_bg_k": 20.535454552923017,
  "summary_bg_mad": 18.00171966927922,
  "summary_bg_mean": 75.1217269897461,
  "summary_bg_median": 40.175926208496094,
  "summary_bg_n": 96481.0,
  "summary_bg_p05": 26.870370864868164,
  "summary_bg_p95": 243.9845733642578,
  "summary_bg_stdv": 89.57989501953125,
  "summary_fg_k": 1.4661803853772328,
  "summary_fg_mad": 129.88329314967964,
  "summary_fg_mean": 809.6144409179688,
  "summary_fg_median": 792.5987548828125,
  "summary_fg_n": 41860.0,
  "summary_fg_p05": 594.4851684570312,
  "summary_fg_p95": 1075.5839904785155,
  "summary_fg_stdv": 150.28518676757812,
  "tsnr": 54.185940803494304
}