{
  "aor": 0.002270493827160494,
  "aqi": 0.013230203641975309,
  "bids_meta": {
    "AcquisitionNumber": 1,
    "AcquisitionTime": "12:42:41.620000",
    "BandwidthPerPixelPhaseEncode": 31.888,
    "ConversionSoftware": "dcm2niix",
    "ConversionSoftwareVersion": "v1.0.20170724 (OpenJPEG build) GCC6.1.0",
    "DeviceSerialNumber": "35002",
    "EchoTime": 0.028,
    "EffectiveEchoSpacing": 0.000489996,
    "FlipAngle": 90,
    "ImageType": [
      "ORIGINAL",
      "PRIMARY",
      "M",
      "ND",
      "MOSAIC"
    ],
    "InstitutionAddress": "University_Pkwy_1700_North_685_Provo_UT_US_84601",
    "InstitutionName": "Brigham_Young_University",
    "MagneticFieldStrength": 3,
    "Manufacturer": "Siemens",
    "ManufacturersModelName": "TrioTim",
    "PhaseEncodingDirection": "j-",
    "PhaseEncodingLines": 64,
    "ProcedureStepDescription": "Research_KIRWAN",
    "ProtocolName": "EPI_Run1",
    "RepetitionTime": 2.5,
    "ScanningSequence": "EP",
    "SequenceName": "epfid2d1_64",
    "SequenceVariant": "SK",
    "SeriesDescription": "EPI_Run1",
    "SliceTiming": [
      0,
      1.2825,
      0.0575,
      1.3425,
      0.115,
      1.4,
      0.175,
      1.4575,
      0.2325,
      1.5175,
      0.29,
      1.575,
      0.35,
      1.6325,
      0.4075,
      1.6925,
      0.4675,
      1.75,
      0.525,
      1.8075,
      0.5825,
      1.8675,
      0.6425,
      1.925,
      0.7,
      1.985,
      0.7575,
      2.0425,
      0.8175,
      2.1,
      0.875,
      2.16,
      0.9325,
      2.2175,
      0.9925,
      2.275,
      1.05,
      2.335,
      1.1075,
      2.3925,
      1.1675,
      2.45,
      1.225
    ],
    "SoftwareVersions": "syngo_MR_B17",
    "TaskName": "knowfilt",
    "TotalReadoutTime": 0.0308698,
    "dataset": "ds001353",
    "modality": "bold",
    "run_id": 1,
    "subject_id": "8125",
    "task_id": "knowfilt"
  },
  "dummy_trs": 0,
  "dvars_nstd": 28.816390306656356,
  "dvars_std": 1.106274333900929,
  "dvars_vstd": 0.99283154123839,
  "efc": 0.6129586840439992,
  "fber": 374.3556213378906,
  "fd_mean": 0.10643139358544461,
  "fd_num": 40,
  "fd_perc": 12.345679012345679,
  "fwhm_avg": 1.8621666666666667,
  "fwhm_x": 1.7823233333333333,
  "fwhm_y": 1.9841266666666666,
  "fwhm_z": 1.82005,
  "gcor": 0.0288084,
  "gsr_x": -0.0056608691811561584,
  "gsr_y": 0.06096179038286209,
  "provenance": {
    "md5sum": "f52d7241ac249b5a1874990cb7db09aa",
    "settings": {
      "fd_thres": 0.2,
      "testing": false
    },
    "software": "mriqc",
    "version": "22.0.6",
    "webapi_port": null,
    "webapi_url": "https://mriqc.nimh.nih.gov/api/v1"
  },
  "size_t": 324,
  "size_x": 64,
  "size_y": 64,
  "size_z": 43,
  "snr": 5.2771802602145454,
  "spacing_tr": 2.5,
  "spacing_x": 3.0,
  "spacing_y": 3.0,
  "spacing_z": 3.0,
  "summary_bg_k": 20.359430229445923,
  "summary_bg_mad": 18.930633777850627,
  "summary_bg_mean": 74.98959350585938,
  "summary_bg_median": 40.53395080566406,
  "summary_bg_n": 96236.0,
  "summary_bg_p05": 26.157407760620117,
  "summary_bg_p95": 241.2677459716797,
  "summary_bg_stdv": 89.46223449707031,
  "summary_fg_k": 1.3663351403736446,
  "summary_fg_mad": 129.79406916362944,
  "summary_fg_mean": 811.7455444335938,
  "summary_fg_median": 793.7994384765625,
  "summary_fg_n": 41974.0,
  "summary_fg_p05": 595.7353393554688,
  "summary_fg_p95": 1078.4276306152344,
  "summary_fg_stdv": 150.41934204101562,
  "tsnr": 41.959098149091005
}