{
  "aor": 0.0011663888888888887,
  "aqi": 0.008246336728395061,
  "bids_meta": {
    "AcquisitionNumber": 1,
    "AcquisitionTime": "14:07:22.442500",
    "BandwidthPerPixelPhaseEncode": 31.888,
    "ConversionSoftware": "dcm2niix",
    "ConversionSoftwareVersion": "v1.0.20170724 (OpenJPEG build) GCC6.1.0",
    "DeviceSerialNumber": "35002",
    "EchoTime": 0.028,
    "EffectiveEchoSpacing": 0.000489996,
    "FlipAngle": 90,
    "ImageType": [
      "ORIGINAL",
      "PRIMARY",
      "M",
      "ND",
      "MOSAIC"
    ],
    "InstitutionAddress": "University_Pkwy_1700_North_685_Provo_UT_US_84601",
    "InstitutionName": "Brigham_Young_University",
    "MagneticFieldStrength": 3,
    "Manufacturer": "Siemens",
    "ManufacturersModelName": "TrioTim",
    "PhaseEncodingDirection": "j-",
    "PhaseEncodingLines": 64,
    "ProcedureStepDescription": "Research_KIRWAN",
    "ProtocolName": "EPI_Run2",
    "RepetitionTime": 2.5,
    "ScanningSequence": "EP",
    "SequenceName": "epfid2d1_64",
    "SequenceVariant": "SK",
    "SeriesDescription": "EPI_Run2",
    "SliceTiming": [
      0,
      1.285,
      0.0575,
      1.3425,
      0.1175,
      1.4,
      0.175,
      1.46,
      0.2325,
      1.5175,
      0.2925,
      1.575,
      0.35,
      1.635,
      0.4075,
      1.6925,
      0.4675,
      1.75,
      0.525,
      1.81,
      0.5825,
      1.8675,
      0.6425,
      1.925,
      0.7,
      1.985,
      0.7575,
      2.0425,
      0.8175,
      2.1,
      0.875,
      2.16,
      0.9325,
      2.2175,
      0.9925,
      2.275,
      1.05,
      2.335,
      1.1075,
      2.3925,
      1.1675,
      2.45,
      1.225
    ],
    "SoftwareVersions": "syngo_MR_B17",
    "TaskName": "knowfilt",
    "TotalReadoutTime": 0.0308698,
    "dataset": "ds001353",
    "modality": "bold",
    "run_id": 2,
    "subject_id": "8120",
    "task_id": "knowfilt"
  },
  "dummy_trs": 0,
  "dvars_nstd": 28.809426889628487,
  "dvars_std": 1.1724862438080494,
  "dvars_vstd": 1.0046398184210523,
  "efc": 0.6353478962248197,
  "fber": 450.2364501953125,
  "fd_mean": 0.11748679584020318,
  "fd_num": 34,
  "fd_perc": 10.493827160493828,
  "fwhm_avg": 1.83432,
  "fwhm_x": 1.6955200000000001,
  "fwhm_y": 1.97196,
  "fwhm_z": 1.8354799999999998,
  "gcor": 0.0346404,
  "gsr_x": -0.003795430762693286,
  "gsr_y": 0.07827138155698776,
  "provenance": {
    "md5sum": "7fcac037ca28a8491e9bf0da6c10aa8b",
    "settings": {
      "fd_thres": 0.2,
      "testing": false
    },
    "software": "mriqc",
    "version": "22.0.6",
    "webapi_port": null,
    "webapi_url": "https://mriqc.nimh.nih.gov/api/v1"
  },
  "size_t": 324,
  "size_x": 64,
  "size_y": 64,
  "size_z": 43,
  "snr": 5.984528613973933,
  "spacing_tr": 2.5,
  "spacing_x": 3.0,
  "spacing_y": 3.0,
  "spacing_z": 3.0,
  "summary_bg_k": 16.624451265216614,
  "summary_bg_mad": 16.69757814815094,
  "summary_bg_mean": 82.68130493164062,
  "summary_bg_median": 38.78086471557617,
  "summary_bg_n": 89814.0,
  "summary_bg_p05": 26.623456954956055,
  "summary_bg_p95": 303.01049041748036,
  "summary_bg_stdv": 109.39344787597656,
  "summary_fg_k": 1.7586480664249926,
  "summary_fg_mad": 128.64777621911531,
  "summary_fg_mean": 859.61279296875,
  "summary_fg_median": 850.5216064453125,
  "summary_fg_n": 46711.0,
  "summary_fg_p05": 654.7808532714844,
  "summary_fg_p95": 1095.8827514648438,
  "summary_fg_stdv": 142.11854553222656,
  "tsnr": 57.95731634250842
}