{
  "aor": 0.001678637770897833,
  "aqi": 0.008480383436532507,
  "bids_meta": {
    "AcquisitionNumber": 1,
    "AcquisitionTime": "16:35:58.875000",
    "BandwidthPerPixelPhaseEncode": 31.888,
    "ConversionSoftware": "dcm2niix",
    "ConversionSoftwareVersion": "v1.0.20170724 (OpenJPEG build) GCC6.1.0",
    "DeviceSerialNumber": "35002",
    "EchoTime": 0.028,
    "EffectiveEchoSpacing": 0.000489996,
    "FlipAngle": 90,
    "ImageType": [
      "ORIGINAL",
      "PRIMARY",
      "M",
      "ND",
      "MOSAIC"
    ],
    "InstitutionAddress": "University_Pkwy_1700_North_685_Provo_UT_US_84601",
    "InstitutionName": "Brigham_Young_University",
    "MagneticFieldStrength": 3,
    "Manufacturer": "Siemens",
    "ManufacturersModelName": "TrioTim",
    "PhaseEncodingDirection": "j-",
    "PhaseEncodingLines": 64,
    "ProcedureStepDescription": "Research_KIRWAN",
    "ProtocolName": "EPI_Run2",
    "RepetitionTime": 2.5,
    "ScanningSequence": "EP",
    "SequenceName": "epfid2d1_64",
    "SequenceVariant": "SK",
    "SeriesDescription": "EPI_Run2",
    "SliceTiming": [
      0,
      1.285,
      0.06,
      1.3425,
      0.1175,
      1.4025,
      0.175,
      1.46,
      0.235,
      1.5175,
      0.2925,
      1.5775,
      0.35,
      1.635,
      0.41,
      1.6925,
      0.4675,
      1.7525,
      0.525,
      1.81,
      0.585,
      1.8675,
      0.6425,
      1.9275,
      0.7,
      1.985,
      0.76,
      2.0425,
      0.8175,
      2.1025,
      0.875,
      2.16,
      0.935,
      2.2175,
      0.9925,
      2.2775,
      1.0525,
      2.335,
      1.11,
      2.3925,
      1.1675,
      2.4525,
      1.2275
    ],
    "SoftwareVersions": "syngo_MR_B17",
    "TaskName": "knowfilt",
    "TotalReadoutTime": 0.0308698,
    "dataset": "ds001353",
    "modality": "bold",
    "run_id": 2,
    "subject_id": "8122",
    "task_id": "knowfilt"
  },
  "dummy_trs": 1,
  "dvars_nstd": 29.107066083602472,
  "dvars_std": 1.1158133136024848,
  "dvars_vstd": 1.0088552051242234,
  "efc": 0.6160359352868814,
  "fber": 383.0726318359375,
  "fd_mean": 0.1630843706397509,
  "fd_num": 70,
  "fd_perc": 21.671826625387,
  "fwhm_avg": 1.957252327366855,
  "fwhm_x": 1.90268,
  "fwhm_y": 2.084993499033729,
  "fwhm_z": 1.8840834830668358,
  "gcor": 0.0331146,
  "gsr_x": -0.006414700299501419,
  "gsr_y": 0.05764390155673027,
  "provenance": {
    "md5sum": "c15e5902b9d497845e784e5f6b64f123",
    "settings": {
      "fd_thres": 0.2,
      "testing": false
    },
    "software": "mriqc",
    "version": "22.0.6",
    "webapi_port": null,
    "webapi_url": "https://mriqc.nimh.nih.gov/api/v1"
  },
  "size_t": 323,
  "size_x": 64,
  "size_y": 64,
  "size_z": 43,
  "snr": 4.914500849838211,
  "spacing_tr": 2.5,
  "spacing_x": 3.0,
  "spacing_y": 2.999999761581421,
  "spacing_z": 2.999999761581421,
  "summary_bg_k": 34.16970260034128,
  "summary_bg_mad": 18.016141649783023,
  "summary_bg_mean": 75.39254760742188,
  "summary_bg_median": 40.938079833984375,
  "summary_bg_n": 93501.0,
  "summary_bg_p05": 27.61300277709961,
  "summary_bg_p95": 238.7832794189453,
  "summary_bg_stdv": 92.83422088623047,
  "summary_fg_k": 2.0472445925463756,
  "summary_fg_mad": 145.90316122516197,
  "summary_fg_mean": 845.6486206054688,
  "summary_fg_median": 822.2058715820312,
  "summary_fg_n": 44018.0,
  "summary_fg_p05": 616.5513549804688,
  "summary_fg_p95": 1138.2255004882813,
  "summary_fg_stdv": 167.30010986328125,
  "tsnr": 49.98523288639262
}