{
  "aor": 0.0018485185185185182,
  "aqi": 0.007637094228395063,
  "bids_meta": {
    "AcquisitionNumber": 1,
    "AcquisitionTime": "16:22:3.457500",
    "BandwidthPerPixelPhaseEncode": 31.888,
    "ConversionSoftware": "dcm2niix",
    "ConversionSoftwareVersion": "v1.0.20170724 (OpenJPEG build) GCC6.1.0",
    "DeviceSerialNumber": "35002",
    "EchoTime": 0.028,
    "EffectiveEchoSpacing": 0.000489996,
    "FlipAngle": 90,
    "ImageType": [
      "ORIGINAL",
      "PRIMARY",
      "M",
      "ND",
      "MOSAIC"
    ],
    "InstitutionAddress": "University_Pkwy_1700_North_685_Provo_UT_US_84601",
    "InstitutionName": "Brigham_Young_University",
    "MagneticFieldStrength": 3,
    "Manufacturer": "Siemens",
    "ManufacturersModelName": "TrioTim",
    "PhaseEncodingDirection": "j-",
    "PhaseEncodingLines": 64,
    "ProcedureStepDescription": "Research_KIRWAN",
    "ProtocolName": "EPI_Run1",
    "RepetitionTime": 2.5,
    "ScanningSequence": "EP",
    "SequenceName": "epfid2d1_64",
    "SequenceVariant": "SK",
    "SeriesDescription": "EPI_Run1",
    "SliceTiming": [
      0,
      1.285,
      0.0575,
      1.3425,
      0.1175,
      1.4,
      0.175,
      1.46,
      0.2325,
      1.5175,
      0.2925,
      1.575,
      0.35,
      1.635,
      0.4075,
      1.6925,
      0.4675,
      1.75,
      0.525,
      1.81,
      0.5825,
      1.8675,
      0.6425,
      1.925,
      0.7,
      1.985,
      0.7575,
      2.0425,
      0.8175,
      2.1,
      0.875,
      2.16,
      0.9325,
      2.2175,
      0.9925,
      2.275,
      1.05,
      2.335,
      1.11,
      2.3925,
      1.1675,
      2.45,
      1.225
    ],
    "SoftwareVersions": "syngo_MR_B17",
    "TaskName": "knowfilt",
    "TotalReadoutTime": 0.0308698,
    "dataset": "ds001353",
    "modality": "bold",
    "run_id": 1,
    "subject_id": "8122",
    "task_id": "knowfilt"
  },
  "dummy_trs": 0,
  "dvars_nstd": 31.209357554024756,
  "dvars_std": 1.163557762755419,
  "dvars_vstd": 1.0170467579876161,
  "efc": 0.6144150264860293,
  "fber": 394.96209716796875,
  "fd_mean": 0.1716465213231553,
  "fd_num": 99,
  "fd_perc": 30.555555555555557,
  "fwhm_avg": 1.9651378833860023,
  "fwhm_x": 1.9088366666666667,
  "fwhm_y": 2.0805401653464766,
  "fwhm_z": 1.9060368181448635,
  "gcor": 0.0440531,
  "gsr_x": -0.005736869759857655,
  "gsr_y": 0.05764700472354889,
  "provenance": {
    "md5sum": "877d0eb4f45a1bd849f562f505cc255c",
    "settings": {
      "fd_thres": 0.2,
      "testing": false
    },
    "software": "mriqc",
    "version": "22.0.6",
    "webapi_port": null,
    "webapi_url": "https://mriqc.nimh.nih.gov/api/v1"
  },
  "size_t": 324,
  "size_x": 64,
  "size_y": 64,
  "size_z": 43,
  "snr": 4.8964794734338,
  "spacing_tr": 2.5,
  "spacing_x": 3.0,
  "spacing_y": 2.999999761581421,
  "spacing_z": 2.999999761581421,
  "summary_bg_k": 35.03902359058776,
  "summary_bg_mad": 17.534976306907765,
  "summary_bg_mean": 73.54092407226562,
  "summary_bg_median": 40.12345886230469,
  "summary_bg_n": 93462.0,
  "summary_bg_p05": 26.72222328186035,
  "summary_bg_p95": 232.25710144042955,
  "summary_bg_stdv": 91.55912780761719,
  "summary_fg_k": 1.9692880309420415,
  "summary_fg_mad": 144.90599721473578,
  "summary_fg_mean": 839.9181518554688,
  "summary_fg_median": 816.5401000976562,
  "summary_fg_n": 44081.0,
  "summary_fg_p05": 611.5123291015625,
  "summary_fg_p95": 1130.6142578125,
  "summary_fg_stdv": 166.75875854492188,
  "tsnr": 52.036519947461784
}