{
  "bids_meta": {
    "AcquisitionNumber": 1,
    "AcquisitionTime": "14:31:42.770000",
    "ConversionSoftware": "dcm2niix",
    "ConversionSoftwareVersion": "v1.0.20170724 (OpenJPEG build) GCC6.1.0",
    "DeviceSerialNumber": "35002",
    "EchoTime": 0.00226,
    "FlipAngle": 9,
    "ImageType": [
      "ORIGINAL",
      "PRIMARY",
      "M",
      "ND",
      "NORM"
    ],
    "InstitutionAddress": "University_Pkwy_1700_North_685_Provo_UT_US_84601",
    "InstitutionName": "Brigham_Young_University",
    "InversionTime": 0.9,
    "MagneticFieldStrength": 3,
    "Manufacturer": "Siemens",
    "ManufacturersModelName": "TrioTim",
    "PhaseEncodingDirection": "i-",
    "PhaseEncodingLines": 215,
    "ProcedureStepDescription": "Research_KIRWAN",
    "ProtocolName": "t1_mpr_sag_iso_mprage",
    "RepetitionTime": 1.9,
    "ScanningSequence": "GR_IR",
    "SequenceName": "_tfl3d1_ns",
    "SequenceVariant": "SP_MP_OSP",
    "SeriesDescription": "t1_mpr_sag_iso_mprage",
    "SoftwareVersions": "syngo_MR_B17",
    "dataset": "ds001353",
    "modality": "T1w",
    "run_id": 1,
    "subject_id": "8114"
  },
  "cjv": 0.32024590588465895,
  "cnr": 4.275930370837205,
  "efc": 0.5780183345059321,
  "fber": 16916.25390625,
  "fwhm_avg": 4.854664586666667,
  "fwhm_x": 4.54186,
  "fwhm_y": 5.29055744,
  "fwhm_z": 4.73157632,
  "icvs_csf": 0.20758951312562132,
  "icvs_gm": 0.44938976576893896,
  "icvs_wm": 0.3430207211054397,
  "inu_med": 0.4684861898422241,
  "inu_range": 0.23290538787841797,
  "provenance": {
    "md5sum": "9089808c452818e0db15842f676af87c",
    "settings": {
      "testing": false
    },
    "software": "mriqc",
    "version": "22.0.6",
    "warnings": {
      "large_rot_frame": true,
      "small_air_mask": false
    },
    "webapi_port": null,
    "webapi_url": "https://mriqc.nimh.nih.gov/api/v1"
  },
  "qi_1": 0.0,
  "qi_2": 0.01573254567378411,
  "rpve_csf": 18.455481126314684,
  "rpve_gm": 9.045823071497205,
  "rpve_wm": 13.248346029012387,
  "size_x": 176,
  "size_y": 224,
  "size_z": 256,
  "snr_csf": 2.782316053143204,
  "snr_gm": 14.344573294255165,
  "snr_total": 14.491176117528418,
  "snr_wm": 26.346639005186887,
  "snrd_csf": 22.230881834579108,
  "snrd_gm": 63.40940967723633,
  "snrd_total": 57.60877068002645,
  "snrd_wm": 87.18602052826392,
  "spacing_x": 1.0,
  "spacing_y": 0.9765625,
  "spacing_z": 0.9765625,
  "summary_bg_k": 7.995701818072023,
  "summary_bg_mad": 0.0,
  "summary_bg_mean": 4.2720121083635565,
  "summary_bg_median": 0.0,
  "summary_bg_n": 2610820.0,
  "summary_bg_p05": 0.0,
  "summary_bg_p95": 20.017598066478968,
  "summary_bg_stdv": 7.514567408931463,
  "summary_csf_k": 1.5846489679144007,
  "summary_csf_mad": 74.7497649597415,
  "summary_csf_mean": 269.0470581655977,
  "summary_csf_median": 254.9934030622244,
  "summary_csf_n": 61277.0,
  "summary_csf_p05": 146.59041045606136,
  "summary_csf_p95": 441.6278085954486,
  "summary_csf_stdv": 91.6471448684124,
  "summary_gm_k": 0.09659638635513579,
  "summary_gm_mad": 50.09408332380582,
  "summary_gm_mean": 726.3778684211395,
  "summary_gm_median": 727.3207279890776,
  "summary_gm_n": 66197.0,
  "summary_gm_p05": 641.1790642216802,
  "summary_gm_p95": 808.0510410703719,
  "summary_gm_stdv": 50.70316275296134,
  "summary_wm_k": 0.16402448672193648,
  "summary_wm_mad": 37.24442913788167,
  "summary_wm_mean": 1000.5847696159177,
  "summary_wm_median": 1000.044003624469,
  "summary_wm_n": 245711.0,
  "summary_wm_p05": 939.0233255624771,
  "summary_wm_p95": 1063.8363491110504,
  "summary_wm_stdv": 37.95709837695214,
  "tpm_overlap_csf": 0.16288858782291685,
  "tpm_overlap_gm": 0.4744293419864097,
  "tpm_overlap_wm": 0.5168525816016236,
  "wm2max": 0.44221387975542004
}