{
  "bids_meta": {
    "AcquisitionNumber": 1,
    "AcquisitionTime": "16:10:24.225000",
    "ConversionSoftware": "dcm2niix",
    "ConversionSoftwareVersion": "v1.0.20170724 (OpenJPEG build) GCC6.1.0",
    "DeviceSerialNumber": "35002",
    "EchoTime": 0.00226,
    "FlipAngle": 9,
    "ImageType": [
      "ORIGINAL",
      "PRIMARY",
      "M",
      "ND",
      "NORM"
    ],
    "InstitutionAddress": "University_Pkwy_1700_North_685_Provo_UT_US_84601",
    "InstitutionName": "Brigham_Young_University",
    "InversionTime": 0.9,
    "MagneticFieldStrength": 3,
    "Manufacturer": "Siemens",
    "ManufacturersModelName": "TrioTim",
    "PhaseEncodingDirection": "i-",
    "PhaseEncodingLines": 215,
    "ProcedureStepDescription": "Research_KIRWAN",
    "ProtocolName": "t1_mpr_sag_iso_mprage",
    "RepetitionTime": 1.9,
    "ScanningSequence": "GR_IR",
    "SequenceName": "_tfl3d1_ns",
    "SequenceVariant": "SP_MP_OSP",
    "SeriesDescription": "t1_mpr_sag_iso_mprage",
    "SoftwareVersions": "syngo_MR_B17",
    "dataset": "ds001353",
    "modality": "T1w",
    "run_id": 1,
    "subject_id": "8122"
  },
  "cjv": 0.36205741966597393,
  "cnr": 3.7901241830176864,
  "efc": 0.5701549016871393,
  "fber": 20589.732533087103,
  "fwhm_avg": 4.603405599999999,
  "fwhm_x": 4.36566,
  "fwhm_y": 4.8842547199999995,
  "fwhm_z": 4.5603020800000005,
  "icvs_csf": 0.20797017785844077,
  "icvs_gm": 0.4302549520449812,
  "icvs_wm": 0.361774870096578,
  "inu_med": 0.4327132999897003,
  "inu_range": 0.1842791318893433,
  "provenance": {
    "md5sum": "a70d5fb06f5867e1aff3b42a8db4f5b9",
    "settings": {
      "testing": false
    },
    "software": "mriqc",
    "version": "22.0.6",
    "warnings": {
      "large_rot_frame": true,
      "small_air_mask": false
    },
    "webapi_port": null,
    "webapi_url": "https://mriqc.nimh.nih.gov/api/v1"
  },
  "qi_1": 0.0,
  "qi_2": 0.009233117157565536,
  "rpve_csf": 19.074411232920607,
  "rpve_gm": 9.685207424380854,
  "rpve_wm": 13.302685600060647,
  "size_x": 176,
  "size_y": 224,
  "size_z": 256,
  "snr_csf": 3.0291076921540263,
  "snr_gm": 12.911248598651788,
  "snr_total": 14.016128660335065,
  "snr_wm": 26.10802969019938,
  "snrd_csf": 22.142607363481755,
  "snrd_gm": 57.66704368538588,
  "snrd_total": 52.66986794390738,
  "snrd_wm": 78.19995278285451,
  "spacing_x": 1.0,
  "spacing_y": 0.9765625,
  "spacing_z": 0.9765625,
  "summary_bg_k": 80.22791935935614,
  "summary_bg_mad": 0.0,
  "summary_bg_mean": 4.8001903706692035,
  "summary_bg_median": 0.0,
  "summary_bg_n": 3163147.0,
  "summary_bg_p05": 0.0,
  "summary_bg_p95": 20.60786359384656,
  "summary_bg_stdv": 8.37808585532223,
  "summary_csf_k": 1.4728673808977826,
  "summary_csf_mad": 76.78429765625394,
  "summary_csf_mean": 292.840148197129,
  "summary_csf_median": 283.16647579334676,
  "summary_csf_n": 45106.0,
  "summary_csf_p05": 162.93514908198267,
  "summary_csf_p95": 468.3779588257894,
  "summary_csf_stdv": 93.48077574431424,
  "summary_gm_k": -0.03910627802324296,
  "summary_gm_mad": 57.76372065738215,
  "summary_gm_mean": 735.8296320148715,
  "summary_gm_median": 737.4638976231217,
  "summary_gm_n": 39445.0,
  "summary_gm_p05": 640.3318665921688,
  "summary_gm_p95": 827.0652651526034,
  "summary_gm_stdv": 57.11721402673856,
  "summary_wm_k": 0.29366785041509313,
  "summary_wm_mad": 37.30573625789264,
  "summary_wm_mean": 1001.3783791183672,
  "summary_wm_median": 1000.0450567193329,
  "summary_wm_n": 245585.0,
  "summary_wm_p05": 941.1074687168002,
  "summary_wm_p95": 1066.513308223337,
  "summary_wm_stdv": 38.304040271792914,
  "tpm_overlap_csf": 0.15870046512584426,
  "tpm_overlap_gm": 0.4669109933019757,
  "tpm_overlap_wm": 0.5163101848792563,
  "wm2max": 0.42537864180110807
}