{
  "bids_meta": {
    "AcquisitionNumber": 1,
    "AcquisitionTime": "12:20:41.622500",
    "ConversionSoftware": "dcm2niix",
    "ConversionSoftwareVersion": "v1.0.20170724 (OpenJPEG build) GCC6.1.0",
    "DeviceSerialNumber": "35002",
    "EchoTime": 0.00226,
    "FlipAngle": 9,
    "ImageType": [
      "ORIGINAL",
      "PRIMARY",
      "M",
      "ND",
      "NORM"
    ],
    "InstitutionAddress": "University_Pkwy_1700_North_685_Provo_UT_US_84601",
    "InstitutionName": "Brigham_Young_University",
    "InversionTime": 0.9,
    "MagneticFieldStrength": 3,
    "Manufacturer": "Siemens",
    "ManufacturersModelName": "TrioTim",
    "PhaseEncodingDirection": "i-",
    "PhaseEncodingLines": 215,
    "ProcedureStepDescription": "Research_KIRWAN",
    "ProtocolName": "t1_mpr_sag_iso_mprage",
    "RepetitionTime": 1.9,
    "ScanningSequence": "GR_IR",
    "SequenceName": "_tfl3d1_ns",
    "SequenceVariant": "SP_MP_OSP",
    "SeriesDescription": "t1_mpr_sag_iso_mprage",
    "SoftwareVersions": "syngo_MR_B17",
    "dataset": "ds001353",
    "modality": "T1w",
    "run_id": 1,
    "subject_id": "8112"
  },
  "cjv": 0.3518543842411621,
  "cnr": 3.91649271880595,
  "efc": 0.5440993009936418,
  "fber": 19115.872562628065,
  "fwhm_avg": 4.781082799999999,
  "fwhm_x": 4.58801,
  "fwhm_y": 5.10662656,
  "fwhm_z": 4.648611839999999,
  "icvs_csf": 0.20326442093367791,
  "icvs_gm": 0.42712947276218377,
  "icvs_wm": 0.3696061063041383,
  "inu_med": 0.43231454491615295,
  "inu_range": 0.1850884318351746,
  "provenance": {
    "md5sum": "b888582f976fff0e0931e217f7aa625e",
    "settings": {
      "testing": false
    },
    "software": "mriqc",
    "version": "22.0.6",
    "warnings": {
      "large_rot_frame": true,
      "small_air_mask": false
    },
    "webapi_port": null,
    "webapi_url": "https://mriqc.nimh.nih.gov/api/v1"
  },
  "qi_1": 0.0,
  "qi_2": 0.009661351973142046,
  "rpve_csf": 19.979717976830244,
  "rpve_gm": 10.021442091296136,
  "rpve_wm": 13.408710116721087,
  "size_x": 176,
  "size_y": 224,
  "size_z": 256,
  "snr_csf": 3.069931987883347,
  "snr_gm": 13.769262063962538,
  "snr_total": 14.116121646247784,
  "snr_wm": 25.509170886897465,
  "snrd_csf": 23.85892067911835,
  "snrd_gm": 63.385487740171534,
  "snrd_total": 57.70389647294732,
  "snrd_wm": 85.8672809995521,
  "spacing_x": 1.0,
  "spacing_y": 0.9765625,
  "spacing_z": 0.9765625,
  "summary_bg_k": 8.732286889018559,
  "summary_bg_mad": 0.0,
  "summary_bg_mean": 4.661473952331419,
  "summary_bg_median": 0.0,
  "summary_bg_n": 3356633.0,
  "summary_bg_p05": 0.0,
  "summary_bg_p95": 19.807186096906662,
  "summary_bg_stdv": 7.629973629190263,
  "summary_csf_k": 1.521811276669438,
  "summary_csf_mad": 70.75169888505297,
  "summary_csf_mean": 292.5475995590015,
  "summary_csf_median": 277.87028106302023,
  "summary_csf_n": 43550.0,
  "summary_csf_p05": 172.83084505796432,
  "summary_csf_p95": 466.5885051462797,
  "summary_csf_stdv": 90.51245822288092,
  "summary_gm_k": -0.09575827354063682,
  "summary_gm_mad": 54.57431318957254,
  "summary_gm_mean": 737.3832982487297,
  "summary_gm_median": 738.2120729833841,
  "summary_gm_n": 46875.0,
  "summary_gm_p05": 648.4092710621655,
  "summary_gm_p95": 824.4653570421038,
  "summary_gm_stdv": 53.612473584284025,
  "summary_wm_k": 0.42046850056437046,
  "summary_wm_mad": 37.55232502806302,
  "summary_wm_mean": 1002.1031265098936,
  "summary_wm_median": 1000.0437918528914,
  "summary_wm_n": 244243.0,
  "summary_wm_p05": 941.4110153093934,
  "summary_wm_p95": 1069.5004068166018,
  "summary_wm_stdv": 39.20322416802787,
  "tpm_overlap_csf": 0.14910356440442618,
  "tpm_overlap_gm": 0.4564891279900796,
  "tpm_overlap_wm": 0.5066300552830916,
  "wm2max": 0.4326584006370151
}