{
  "aor": 0.0003615740740740741,
  "aqi": 0.006600596111111112,
  "bids_meta": {
    "AcquisitionNumber": 1,
    "AcquisitionTime": "21:01:57.332500",
    "BandwidthPerPixelPhaseEncode": 31.888,
    "ConversionSoftware": "dcm2niix",
    "ConversionSoftwareVersion": "v1.0.20170724 (OpenJPEG build) GCC6.1.0",
    "DeviceSerialNumber": "35002",
    "EchoTime": 0.028,
    "EffectiveEchoSpacing": 0.000489996,
    "FlipAngle": 90,
    "ImageType": [
      "ORIGINAL",
      "PRIMARY",
      "M",
      "ND",
      "MOSAIC"
    ],
    "InstitutionAddress": "University_Pkwy_1700_North_685_Provo_UT_US_84601",
    "InstitutionName": "Brigham_Young_University",
    "MagneticFieldStrength": 3,
    "Manufacturer": "Siemens",
    "ManufacturersModelName": "TrioTim",
    "PhaseEncodingDirection": "j-",
    "PhaseEncodingLines": 64,
    "ProcedureStepDescription": "Research_KIRWAN",
    "ProtocolName": "EPI_Run1",
    "RepetitionTime": 2.5,
    "ScanningSequence": "EP",
    "SequenceName": "epfid2d1_64",
    "SequenceVariant": "SK",
    "SeriesDescription": "EPI_Run1",
    "SliceTiming": [
      0,
      1.2825,
      0.0575,
      1.3425,
      0.1175,
      1.4,
      0.175,
      1.46,
      0.2325,
      1.5175,
      0.2925,
      1.575,
      0.35,
      1.635,
      0.4075,
      1.6925,
      0.4675,
      1.75,
      0.525,
      1.81,
      0.5825,
      1.8675,
      0.6425,
      1.925,
      0.7,
      1.985,
      0.7575,
      2.0425,
      0.8175,
      2.1,
      0.875,
      2.16,
      0.9325,
      2.2175,
      0.9925,
      2.275,
      1.05,
      2.335,
      1.1075,
      2.3925,
      1.1675,
      2.45,
      1.225
    ],
    "SoftwareVersions": "syngo_MR_B17",
    "TaskName": "knowfilt",
    "TotalReadoutTime": 0.0308698,
    "dataset": "ds001353",
    "modality": "bold",
    "run_id": 1,
    "subject_id": "8132",
    "task_id": "knowfilt"
  },
  "dummy_trs": 0,
  "dvars_nstd": 25.587065971300294,
  "dvars_std": 1.103984149504644,
  "dvars_vstd": 0.9891002673065015,
  "efc": 0.6110520838060586,
  "fber": 464.05340576171875,
  "fd_mean": 0.061500017635703445,
  "fd_num": 6,
  "fd_perc": 1.8518518518518519,
  "fwhm_avg": 1.8368489892921704,
  "fwhm_x": 1.7204499999999998,
  "fwhm_y": 1.999753492259462,
  "fwhm_z": 1.7903434756170493,
  "gcor": 0.0613557,
  "gsr_x": -0.008200695738196373,
  "gsr_y": 0.06076842546463013,
  "provenance": {
    "md5sum": "ec3171d0fbd0694f662b5b123696b0e5",
    "settings": {
      "fd_thres": 0.2,
      "testing": false
    },
    "software": "mriqc",
    "version": "22.0.6",
    "webapi_port": null,
    "webapi_url": "https://mriqc.nimh.nih.gov/api/v1"
  },
  "size_t": 324,
  "size_x": 64,
  "size_y": 64,
  "size_z": 43,
  "snr": 5.9261349158269,
  "spacing_tr": 2.5,
  "spacing_x": 3.0,
  "spacing_y": 2.999999761581421,
  "spacing_z": 2.999999761581421,
  "summary_bg_k": 18.067856466768472,
  "summary_bg_mad": 14.59722453396145,
  "summary_bg_mean": 71.38630676269531,
  "summary_bg_median": 38.28703689575195,
  "summary_bg_n": 94740.0,
  "summary_bg_p05": 27.407407760620117,
  "summary_bg_p95": 226.94012985229503,
  "summary_bg_stdv": 86.60194396972656,
  "summary_fg_k": 1.0902408762346933,
  "summary_fg_mad": 133.20534828546263,
  "summary_fg_mean": 860.4205932617188,
  "summary_fg_median": 852.1265258789062,
  "summary_fg_n": 42704.0,
  "summary_fg_p05": 636.0313293457032,
  "summary_fg_p95": 1097.9549377441406,
  "summary_fg_stdv": 143.7895965576172,
  "tsnr": 57.69046668894589
}