{
  "aor": 0.002094753086419753,
  "aqi": 0.011571536388888888,
  "bids_meta": {
    "AcquisitionNumber": 1,
    "AcquisitionTime": "12:44:50.812500",
    "BandwidthPerPixelPhaseEncode": 31.888,
    "ConversionSoftware": "dcm2niix",
    "ConversionSoftwareVersion": "v1.0.20170724 (OpenJPEG build) GCC6.1.0",
    "DeviceSerialNumber": "35002",
    "EchoTime": 0.028,
    "EffectiveEchoSpacing": 0.000489996,
    "FlipAngle": 90,
    "ImageType": [
      "ORIGINAL",
      "PRIMARY",
      "M",
      "ND",
      "MOSAIC"
    ],
    "InstitutionAddress": "University_Pkwy_1700_North_685_Provo_UT_US_84601",
    "InstitutionName": "Brigham_Young_University",
    "MagneticFieldStrength": 3,
    "Manufacturer": "Siemens",
    "ManufacturersModelName": "TrioTim",
    "PhaseEncodingDirection": "j-",
    "PhaseEncodingLines": 64,
    "ProcedureStepDescription": "Research_KIRWAN",
    "ProtocolName": "EPI_Run2",
    "RepetitionTime": 2.5,
    "ScanningSequence": "EP",
    "SequenceName": "epfid2d1_64",
    "SequenceVariant": "SK",
    "SeriesDescription": "EPI_Run2",
    "SliceTiming": [
      0,
      1.2825,
      0.0575,
      1.34,
      0.115,
      1.4,
      0.175,
      1.4575,
      0.2325,
      1.515,
      0.29,
      1.575,
      0.35,
      1.6325,
      0.4075,
      1.6925,
      0.465,
      1.75,
      0.525,
      1.8075,
      0.5825,
      1.8675,
      0.64,
      1.925,
      0.7,
      1.9825,
      0.7575,
      2.0425,
      0.815,
      2.1,
      0.875,
      2.1575,
      0.9325,
      2.2175,
      0.99,
      2.275,
      1.05,
      2.3325,
      1.1075,
      2.3925,
      1.165,
      2.45,
      1.225
    ],
    "SoftwareVersions": "syngo_MR_B17",
    "TaskName": "knowfilt",
    "TotalReadoutTime": 0.0308698,
    "dataset": "ds001353",
    "modality": "bold",
    "run_id": 2,
    "subject_id": "8112",
    "task_id": "knowfilt"
  },
  "dummy_trs": 0,
  "dvars_nstd": 28.1888710471517,
  "dvars_std": 1.0788831138080484,
  "dvars_vstd": 1.0041467784829716,
  "efc": 0.5906740295351139,
  "fber": 529.5410766601562,
  "fd_mean": 0.2185647444535075,
  "fd_num": 128,
  "fd_perc": 39.50617283950617,
  "fwhm_avg": 2.0879166666666666,
  "fwhm_x": 1.9771533333333335,
  "fwhm_y": 2.22493,
  "fwhm_z": 2.0616666666666665,
  "gcor": 0.0415613,
  "gsr_x": -0.00954915676265955,
  "gsr_y": 0.060362499207258224,
  "provenance": {
    "md5sum": "6b131d4ac0858e5dc3a60e8578c484c2",
    "settings": {
      "fd_thres": 0.2,
      "testing": false
    },
    "software": "mriqc",
    "version": "22.0.6",
    "webapi_port": null,
    "webapi_url": "https://mriqc.nimh.nih.gov/api/v1"
  },
  "size_t": 324,
  "size_x": 64,
  "size_y": 64,
  "size_z": 43,
  "snr": 4.7613780790740226,
  "spacing_tr": 2.5,
  "spacing_x": 3.0,
  "spacing_y": 3.0,
  "spacing_z": 3.0,
  "summary_bg_k": 53.085780848884816,
  "summary_bg_mad": 13.297662698602956,
  "summary_bg_mean": 64.18839263916016,
  "summary_bg_median": 36.231483459472656,
  "summary_bg_n": 96790.0,
  "summary_bg_p05": 26.206790924072266,
  "summary_bg_p95": 178.1072547912598,
  "summary_bg_stdv": 83.6659927368164,
  "summary_fg_k": 1.754221644244824,
  "summary_fg_mad": 157.36631689744854,
  "summary_fg_mean": 871.5381469726562,
  "summary_fg_median": 855.2376708984375,
  "summary_fg_n": 41527.0,
  "summary_fg_p05": 599.2484863281251,
  "summary_fg_p95": 1175.1145263671874,
  "summary_fg_stdv": 179.61761474609375,
  "tsnr": 43.180260258726776
}