{
  "aor": 0.003320740740740741,
  "aqi": 0.02104999320987654,
  "bids_meta": {
    "AcquisitionNumber": 1,
    "AcquisitionTime": "14:05:59.977500",
    "BandwidthPerPixelPhaseEncode": 31.888,
    "ConversionSoftware": "dcm2niix",
    "ConversionSoftwareVersion": "v1.0.20170724 (OpenJPEG build) GCC6.1.0",
    "DeviceSerialNumber": "35002",
    "EchoTime": 0.028,
    "EffectiveEchoSpacing": 0.000489996,
    "FlipAngle": 90,
    "ImageType": [
      "ORIGINAL",
      "PRIMARY",
      "M",
      "ND",
      "MOSAIC"
    ],
    "InstitutionAddress": "University_Pkwy_1700_North_685_Provo_UT_US_84601",
    "InstitutionName": "Brigham_Young_University",
    "MagneticFieldStrength": 3,
    "Manufacturer": "Siemens",
    "ManufacturersModelName": "TrioTim",
    "PhaseEncodingDirection": "j-",
    "PhaseEncodingLines": 64,
    "ProcedureStepDescription": "Research_KIRWAN",
    "ProtocolName": "EPI_Run2",
    "RepetitionTime": 2.5,
    "ScanningSequence": "EP",
    "SequenceName": "epfid2d1_64",
    "SequenceVariant": "SK",
    "SeriesDescription": "EPI_Run2",
    "SliceTiming": [
      0,
      1.285,
      0.06,
      1.3425,
      0.1175,
      1.4025,
      0.175,
      1.46,
      0.235,
      1.5175,
      0.2925,
      1.5775,
      0.35,
      1.635,
      0.41,
      1.6925,
      0.4675,
      1.7525,
      0.525,
      1.81,
      0.585,
      1.8675,
      0.6425,
      1.9275,
      0.7,
      1.985,
      0.76,
      2.0425,
      0.8175,
      2.1025,
      0.875,
      2.16,
      0.935,
      2.2175,
      0.9925,
      2.2775,
      1.05,
      2.335,
      1.11,
      2.3925,
      1.1675,
      2.4525,
      1.225
    ],
    "SoftwareVersions": "syngo_MR_B17",
    "TaskName": "knowfilt",
    "TotalReadoutTime": 0.0308698,
    "dataset": "ds001353",
    "modality": "bold",
    "run_id": 2,
    "subject_id": "8126",
    "task_id": "knowfilt"
  },
  "dummy_trs": 0,
  "dvars_nstd": 33.11888265486071,
  "dvars_std": 1.0387962641486062,
  "dvars_vstd": 0.9487630450154798,
  "efc": 0.6190534186482013,
  "fber": 566.59716796875,
  "fd_mean": 0.327565478648582,
  "fd_num": 155,
  "fd_perc": 47.839506172839506,
  "fwhm_avg": 2.0044288888888886,
  "fwhm_x": 1.8437599999999998,
  "fwhm_y": 2.2236166666666666,
  "fwhm_z": 1.9459099999999998,
  "gcor": 0.0166697,
  "gsr_x": -0.01100175641477108,
  "gsr_y": 0.07568999379873276,
  "provenance": {
    "md5sum": "e689a4f84360b22ee6db3337f2adee29",
    "settings": {
      "fd_thres": 0.2,
      "testing": false
    },
    "software": "mriqc",
    "version": "22.0.6",
    "webapi_port": null,
    "webapi_url": "https://mriqc.nimh.nih.gov/api/v1"
  },
  "size_t": 324,
  "size_x": 64,
  "size_y": 64,
  "size_z": 43,
  "snr": 5.793752673974984,
  "spacing_tr": 2.5,
  "spacing_x": 3.0,
  "spacing_y": 3.0,
  "spacing_z": 3.0,
  "summary_bg_k": 27.96547584032978,
  "summary_bg_mad": 13.048275549459719,
  "summary_bg_mean": 72.19326782226562,
  "summary_bg_median": 36.736114501953125,
  "summary_bg_n": 91536.0,
  "summary_bg_p05": 26.956790924072266,
  "summary_bg_p95": 231.91513061523438,
  "summary_bg_stdv": 94.9617691040039,
  "summary_fg_k": 1.4457483082156974,
  "summary_fg_mad": 138.27093602897614,
  "summary_fg_mean": 903.3179321289062,
  "summary_fg_median": 900.1018676757812,
  "summary_fg_n": 45825.0,
  "summary_fg_p05": 648.632080078125,
  "summary_fg_p95": 1152.55859375,
  "summary_fg_stdv": 155.35562133789062,
  "tsnr": 37.70842506084591
}