{
  "aor": 0.0005963580246913581,
  "aqi": 0.009082583209876543,
  "bids_meta": {
    "AcquisitionNumber": 1,
    "AcquisitionTime": "13:51:35.047500",
    "BandwidthPerPixelPhaseEncode": 31.888,
    "ConversionSoftware": "dcm2niix",
    "ConversionSoftwareVersion": "v1.0.20170724 (OpenJPEG build) GCC6.1.0",
    "DeviceSerialNumber": "35002",
    "EchoTime": 0.028,
    "EffectiveEchoSpacing": 0.000489996,
    "FlipAngle": 90,
    "ImageType": [
      "ORIGINAL",
      "PRIMARY",
      "M",
      "ND",
      "MOSAIC"
    ],
    "InstitutionAddress": "University_Pkwy_1700_North_685_Provo_UT_US_84601",
    "InstitutionName": "Brigham_Young_University",
    "MagneticFieldStrength": 3,
    "Manufacturer": "Siemens",
    "ManufacturersModelName": "TrioTim",
    "PhaseEncodingDirection": "j-",
    "PhaseEncodingLines": 64,
    "ProcedureStepDescription": "Research_KIRWAN",
    "ProtocolName": "EPI_Run1",
    "RepetitionTime": 2.5,
    "ScanningSequence": "EP",
    "SequenceName": "epfid2d1_64",
    "SequenceVariant": "SK",
    "SeriesDescription": "EPI_Run1",
    "SliceTiming": [
      0,
      1.2825,
      0.0575,
      1.3425,
      0.115,
      1.4,
      0.175,
      1.4575,
      0.2325,
      1.5175,
      0.29,
      1.575,
      0.35,
      1.6325,
      0.4075,
      1.6925,
      0.465,
      1.75,
      0.525,
      1.8075,
      0.5825,
      1.8675,
      0.64,
      1.925,
      0.7,
      1.9825,
      0.7575,
      2.0425,
      0.815,
      2.1,
      0.875,
      2.1575,
      0.9325,
      2.2175,
      0.99,
      2.275,
      1.05,
      2.3325,
      1.1075,
      2.3925,
      1.165,
      2.45,
      1.225
    ],
    "SoftwareVersions": "syngo_MR_B17",
    "TaskName": "knowfilt",
    "TotalReadoutTime": 0.0308698,
    "dataset": "ds001353",
    "modality": "bold",
    "run_id": 1,
    "subject_id": "8126",
    "task_id": "knowfilt"
  },
  "dummy_trs": 0,
  "dvars_nstd": 27.847284682848297,
  "dvars_std": 1.1306361393188853,
  "dvars_vstd": 0.9898638172136232,
  "efc": 0.622376195000031,
  "fber": 542.4735717773438,
  "fd_mean": 0.13541607353673,
  "fd_num": 61,
  "fd_perc": 18.82716049382716,
  "fwhm_avg": 1.9914833333333333,
  "fwhm_x": 1.8135899999999998,
  "fwhm_y": 2.21002,
  "fwhm_z": 1.9508400000000001,
  "gcor": 0.0326203,
  "gsr_x": -0.014413152821362019,
  "gsr_y": 0.07427661120891571,
  "provenance": {
    "md5sum": "c89ded42845f7f61b128084e80355991",
    "settings": {
      "fd_thres": 0.2,
      "testing": false
    },
    "software": "mriqc",
    "version": "22.0.6",
    "webapi_port": null,
    "webapi_url": "https://mriqc.nimh.nih.gov/api/v1"
  },
  "size_t": 324,
  "size_x": 64,
  "size_y": 64,
  "size_z": 43,
  "snr": 5.6533350143844965,
  "spacing_tr": 2.5,
  "spacing_x": 3.0,
  "spacing_y": 3.0,
  "spacing_z": 3.0,
  "summary_bg_k": 29.414832952223783,
  "summary_bg_mad": 12.897263274388315,
  "summary_bg_mean": 72.42233276367188,
  "summary_bg_median": 37.18981170654297,
  "summary_bg_n": 90612.0,
  "summary_bg_p05": 27.870370864868164,
  "summary_bg_p95": 234.1962974548339,
  "summary_bg_stdv": 94.38079833984375,
  "summary_fg_k": 1.3781435806444025,
  "summary_fg_mad": 142.4625178198873,
  "summary_fg_mean": 901.4122314453125,
  "summary_fg_median": 898.851806640625,
  "summary_fg_n": 46488.0,
  "summary_fg_p05": 639.1347259521484,
  "summary_fg_p95": 1156.5660705566406,
  "summary_fg_stdv": 158.99325561523438,
  "tsnr": 52.92563072685152
}