{
  "bids_meta": {
    "AcquisitionNumber": 1,
    "AcquisitionTime": "11:10:12.402500",
    "ConversionSoftware": "dcm2niix",
    "ConversionSoftwareVersion": "v1.0.20170724 (OpenJPEG build) GCC6.1.0",
    "DeviceSerialNumber": "35002",
    "EchoTime": 0.00226,
    "FlipAngle": 9,
    "ImageType": [
      "ORIGINAL",
      "PRIMARY",
      "M",
      "ND",
      "NORM"
    ],
    "InstitutionAddress": "University_Pkwy_1700_North_685_Provo_UT_US_84601",
    "InstitutionName": "Brigham_Young_University",
    "InversionTime": 0.9,
    "MagneticFieldStrength": 3,
    "Manufacturer": "Siemens",
    "ManufacturersModelName": "TrioTim",
    "PhaseEncodingDirection": "i-",
    "PhaseEncodingLines": 215,
    "ProcedureStepDescription": "Research_KIRWAN",
    "ProtocolName": "t1_mpr_sag_iso_mprage",
    "RepetitionTime": 1.9,
    "ScanningSequence": "GR_IR",
    "SequenceName": "_tfl3d1_ns",
    "SequenceVariant": "SP_MP_OSP",
    "SeriesDescription": "t1_mpr_sag_iso_mprage",
    "SoftwareVersions": "syngo_MR_B17",
    "dataset": "ds001353",
    "modality": "T1w",
    "run_id": 1,
    "subject_id": "8108"
  },
  "cjv": 0.3469609911547033,
  "cnr": 3.997975551277664,
  "efc": 0.6051834868311953,
  "fber": 23440.94132325142,
  "fwhm_avg": 4.775318133333333,
  "fwhm_x": 4.39766,
  "fwhm_y": 5.203271679999999,
  "fwhm_z": 4.72502272,
  "icvs_csf": 0.17259920797392705,
  "icvs_gm": 0.44710956408815544,
  "icvs_wm": 0.3802912279379175,
  "inu_med": 0.4078795611858368,
  "inu_range": 0.18546811938285823,
  "provenance": {
    "md5sum": "611e6da3cf243fff1ae8338f8068cb7c",
    "settings": {
      "testing": false
    },
    "software": "mriqc",
    "version": "22.0.6",
    "warnings": {
      "large_rot_frame": true,
      "small_air_mask": false
    },
    "webapi_port": null,
    "webapi_url": "https://mriqc.nimh.nih.gov/api/v1"
  },
  "qi_1": 0.0,
  "qi_2": 0.017593369160676896,
  "rpve_csf": 20.01052589466104,
  "rpve_gm": 8.58036505589155,
  "rpve_wm": 11.388356552374201,
  "size_x": 176,
  "size_y": 224,
  "size_z": 256,
  "snr_csf": 2.4016083272883475,
  "snr_gm": 14.166536075229443,
  "snr_total": 13.861157146096629,
  "snr_wm": 25.015327035772096,
  "snrd_csf": 23.828063614893335,
  "snrd_gm": 62.81692415226507,
  "snrd_total": 57.32722468240465,
  "snrd_wm": 85.33668628005553,
  "spacing_x": 1.0,
  "spacing_y": 0.9765625,
  "spacing_z": 0.9765625,
  "summary_bg_k": 6.8171913861711495,
  "summary_bg_mad": 0.0,
  "summary_bg_mean": 4.42730917025983,
  "summary_bg_median": 0.0,
  "summary_bg_n": 2783196.0,
  "summary_bg_p05": 0.0,
  "summary_bg_p95": 19.50523341447115,
  "summary_bg_stdv": 7.677410181253846,
  "summary_csf_k": 21.35666174205981,
  "summary_csf_mad": 74.21988126424598,
  "summary_csf_mean": 281.27363517169937,
  "summary_csf_median": 279.23622957989573,
  "summary_csf_n": 39544.0,
  "summary_csf_p05": 75.95147596634925,
  "summary_csf_p95": 463.10224748812607,
  "summary_csf_stdv": 116.2690417425279,
  "summary_gm_k": -0.0006565189635936441,
  "summary_gm_mad": 52.322611759503,
  "summary_gm_mean": 735.6589597029893,
  "summary_gm_median": 736.1387537643313,
  "summary_gm_n": 83136.0,
  "summary_gm_p05": 649.8140400275588,
  "summary_gm_p95": 820.5172690451145,
  "summary_gm_stdv": 51.96290204785912,
  "summary_wm_k": 0.27762145777596015,
  "summary_wm_mad": 39.24195881962725,
  "summary_wm_mean": 1001.5525432333852,
  "summary_wm_median": 1000.0432643964887,
  "summary_wm_n": 306768.0,
  "summary_wm_p05": 938.5866420418024,
  "summary_wm_p95": 1069.50092484802,
  "summary_wm_stdv": 39.97715612505761,
  "tpm_overlap_csf": 0.1530477628789691,
  "tpm_overlap_gm": 0.46710356860267177,
  "tpm_overlap_wm": 0.5159410528205133,
  "wm2max": 0.4565522143463581
}