{
  "aor": 0.000496141975308642,
  "aqi": 0.005459636574074074,
  "bids_meta": {
    "AcquisitionNumber": 1,
    "AcquisitionTime": "14:56:4.707500",
    "BandwidthPerPixelPhaseEncode": 31.888,
    "ConversionSoftware": "dcm2niix",
    "ConversionSoftwareVersion": "v1.0.20170724 (OpenJPEG build) GCC6.1.0",
    "DeviceSerialNumber": "35002",
    "EchoTime": 0.028,
    "EffectiveEchoSpacing": 0.000489996,
    "FlipAngle": 90,
    "ImageType": [
      "ORIGINAL",
      "PRIMARY",
      "M",
      "ND",
      "MOSAIC"
    ],
    "InstitutionAddress": "University_Pkwy_1700_North_685_Provo_UT_US_84601",
    "InstitutionName": "Brigham_Young_University",
    "MagneticFieldStrength": 3,
    "Manufacturer": "Siemens",
    "ManufacturersModelName": "TrioTim",
    "PhaseEncodingDirection": "j-",
    "PhaseEncodingLines": 64,
    "ProcedureStepDescription": "Research_KIRWAN",
    "ProtocolName": "EPI_Run2",
    "RepetitionTime": 2.5,
    "ScanningSequence": "EP",
    "SequenceName": "epfid2d1_64",
    "SequenceVariant": "SK",
    "SeriesDescription": "EPI_Run2",
    "SliceTiming": [
      0,
      1.285,
      0.0575,
      1.3425,
      0.1175,
      1.4,
      0.175,
      1.46,
      0.2325,
      1.5175,
      0.2925,
      1.575,
      0.35,
      1.635,
      0.41,
      1.6925,
      0.4675,
      1.75,
      0.525,
      1.81,
      0.585,
      1.8675,
      0.6425,
      1.9275,
      0.7,
      1.985,
      0.76,
      2.0425,
      0.8175,
      2.1025,
      0.875,
      2.16,
      0.935,
      2.2175,
      0.9925,
      2.2775,
      1.05,
      2.335,
      1.11,
      2.3925,
      1.1675,
      2.4525,
      1.225
    ],
    "SoftwareVersions": "syngo_MR_B17",
    "TaskName": "knowfilt",
    "TotalReadoutTime": 0.0308698,
    "dataset": "ds001353",
    "modality": "bold",
    "run_id": 2,
    "subject_id": "8114",
    "task_id": "knowfilt"
  },
  "dummy_trs": 0,
  "dvars_nstd": 22.933635699938073,
  "dvars_std": 1.075120261857584,
  "dvars_vstd": 0.9979774944891647,
  "efc": 0.61652799688714,
  "fber": 531.770263671875,
  "fd_mean": 0.0637702986917387,
  "fd_num": 9,
  "fd_perc": 2.7777777777777777,
  "fwhm_avg": 2.0515488888888886,
  "fwhm_x": 1.87855,
  "fwhm_y": 2.2675533333333333,
  "fwhm_z": 2.0085433333333333,
  "gcor": 0.0467525,
  "gsr_x": -0.007189329247921705,
  "gsr_y": 0.07343316078186035,
  "provenance": {
    "md5sum": "a1b50546959e85662171a7209dc05971",
    "settings": {
      "fd_thres": 0.2,
      "testing": false
    },
    "software": "mriqc",
    "version": "22.0.6",
    "webapi_port": null,
    "webapi_url": "https://mriqc.nimh.nih.gov/api/v1"
  },
  "size_t": 324,
  "size_x": 64,
  "size_y": 64,
  "size_z": 43,
  "snr": 5.157412552471524,
  "spacing_tr": 2.5,
  "spacing_x": 3.0,
  "spacing_y": 3.0,
  "spacing_z": 3.0,
  "summary_bg_k": 26.75730634825222,
  "summary_bg_mad": 13.23359517109429,
  "summary_bg_mean": 71.62369537353516,
  "summary_bg_median": 36.87036895751953,
  "summary_bg_n": 91189.0,
  "summary_bg_p05": 26.867284774780273,
  "summary_bg_p95": 233.39506530761665,
  "summary_bg_stdv": 90.28072357177734,
  "summary_fg_k": 2.130608785947686,
  "summary_fg_mad": 141.684613158548,
  "summary_fg_mean": 893.4572143554688,
  "summary_fg_median": 875.216064453125,
  "summary_fg_n": 45475.0,
  "summary_fg_p05": 650.0086547851563,
  "summary_fg_p95": 1195.285803222656,
  "summary_fg_stdv": 169.69874572753906,
  "tsnr": 61.97412829939276
}