{
  "aor": 0.0006230246913580247,
  "aqi": 0.004929250555555556,
  "bids_meta": {
    "AcquisitionNumber": 1,
    "AcquisitionTime": "16:16:21.117500",
    "BandwidthPerPixelPhaseEncode": 31.888,
    "ConversionSoftware": "dcm2niix",
    "ConversionSoftwareVersion": "v1.0.20170724 (OpenJPEG build) GCC6.1.0",
    "DeviceSerialNumber": "35002",
    "EchoTime": 0.028,
    "EffectiveEchoSpacing": 0.000489996,
    "FlipAngle": 90,
    "ImageType": [
      "ORIGINAL",
      "PRIMARY",
      "M",
      "ND",
      "MOSAIC"
    ],
    "InstitutionAddress": "University_Pkwy_1700_North_685_Provo_UT_US_84601",
    "InstitutionName": "Brigham_Young_University",
    "MagneticFieldStrength": 3,
    "Manufacturer": "Siemens",
    "ManufacturersModelName": "TrioTim",
    "PhaseEncodingDirection": "j-",
    "PhaseEncodingLines": 64,
    "ProcedureStepDescription": "Research_KIRWAN",
    "ProtocolName": "EPI_Run2",
    "RepetitionTime": 2.5,
    "ScanningSequence": "EP",
    "SequenceName": "epfid2d1_64",
    "SequenceVariant": "SK",
    "SeriesDescription": "EPI_Run2",
    "SliceTiming": [
      0,
      1.2825,
      0.0575,
      1.3425,
      0.115,
      1.4,
      0.175,
      1.4575,
      0.2325,
      1.5175,
      0.29,
      1.575,
      0.35,
      1.6325,
      0.4075,
      1.6925,
      0.465,
      1.75,
      0.525,
      1.8075,
      0.5825,
      1.8675,
      0.64,
      1.925,
      0.7,
      1.9825,
      0.7575,
      2.0425,
      0.815,
      2.1,
      0.875,
      2.1575,
      0.9325,
      2.2175,
      0.99,
      2.275,
      1.05,
      2.3325,
      1.1075,
      2.3925,
      1.1675,
      2.45,
      1.225
    ],
    "SoftwareVersions": "syngo_MR_B17",
    "TaskName": "knowfilt",
    "TotalReadoutTime": 0.0308698,
    "dataset": "ds001353",
    "modality": "bold",
    "run_id": 2,
    "subject_id": "8133",
    "task_id": "knowfilt"
  },
  "dummy_trs": 0,
  "dvars_nstd": 24.375363570990693,
  "dvars_std": 1.1348943602167183,
  "dvars_vstd": 0.9938807789164085,
  "efc": 0.6271342192474573,
  "fber": 543.95654296875,
  "fd_mean": 0.07488476568301247,
  "fd_num": 12,
  "fd_perc": 3.7037037037037037,
  "fwhm_avg": 1.9298644444444444,
  "fwhm_x": 1.81322,
  "fwhm_y": 2.0785233333333335,
  "fwhm_z": 1.89785,
  "gcor": 0.0953447,
  "gsr_x": -0.010968469083309174,
  "gsr_y": 0.05179386958479881,
  "provenance": {
    "md5sum": "6bb0b3811bcc48f452b46ca4c3e512ac",
    "settings": {
      "fd_thres": 0.2,
      "testing": false
    },
    "software": "mriqc",
    "version": "22.0.6",
    "webapi_port": null,
    "webapi_url": "https://mriqc.nimh.nih.gov/api/v1"
  },
  "size_t": 324,
  "size_x": 64,
  "size_y": 64,
  "size_z": 43,
  "snr": 5.482062322604438,
  "spacing_tr": 2.5,
  "spacing_x": 3.0,
  "spacing_y": 3.0,
  "spacing_z": 3.0,
  "summary_bg_k": 9.192791730841458,
  "summary_bg_mad": 14.574344486068062,
  "summary_bg_mean": 77.09488677978516,
  "summary_bg_median": 37.188270568847656,
  "summary_bg_n": 89234.0,
  "summary_bg_p05": 26.685184478759766,
  "summary_bg_p95": 290.99907531738273,
  "summary_bg_stdv": 92.88790130615234,
  "summary_fg_k": 1.050389549305728,
  "summary_fg_mad": 155.1790623672057,
  "summary_fg_mean": 910.9640502929688,
  "summary_fg_median": 896.0709838867188,
  "summary_fg_n": 47107.0,
  "summary_fg_p05": 674.2086364746094,
  "summary_fg_p95": 1192.372509765625,
  "summary_fg_stdv": 163.45335388183594,
  "tsnr": 62.43915171967819
}