{
  "aor": 0.001994413580246914,
  "aqi": 0.009870721697530864,
  "bids_meta": {
    "AcquisitionNumber": 1,
    "AcquisitionTime": "11:36:25.475000",
    "BandwidthPerPixelPhaseEncode": 31.888,
    "ConversionSoftware": "dcm2niix",
    "ConversionSoftwareVersion": "v1.0.20170724 (OpenJPEG build) GCC6.1.0",
    "DeviceSerialNumber": "35002",
    "EchoTime": 0.028,
    "EffectiveEchoSpacing": 0.000489996,
    "FlipAngle": 90,
    "ImageType": [
      "ORIGINAL",
      "PRIMARY",
      "M",
      "ND",
      "MOSAIC"
    ],
    "InstitutionAddress": "University_Pkwy_1700_North_685_Provo_UT_US_84601",
    "InstitutionName": "Brigham_Young_University",
    "MagneticFieldStrength": 3,
    "Manufacturer": "Siemens",
    "ManufacturersModelName": "TrioTim",
    "PhaseEncodingDirection": "j-",
    "PhaseEncodingLines": 64,
    "ProcedureStepDescription": "Research_KIRWAN",
    "ProtocolName": "EPI_Run1",
    "RepetitionTime": 2.5,
    "ScanningSequence": "EP",
    "SequenceName": "epfid2d1_64",
    "SequenceVariant": "SK",
    "SeriesDescription": "EPI_Run1",
    "SliceTiming": [
      0,
      1.2825,
      0.0575,
      1.3425,
      0.115,
      1.4,
      0.175,
      1.4575,
      0.2325,
      1.5175,
      0.29,
      1.575,
      0.35,
      1.6325,
      0.4075,
      1.6925,
      0.465,
      1.75,
      0.525,
      1.8075,
      0.5825,
      1.8675,
      0.64,
      1.925,
      0.7,
      1.9825,
      0.7575,
      2.0425,
      0.815,
      2.1,
      0.875,
      2.1575,
      0.9325,
      2.2175,
      0.99,
      2.275,
      1.05,
      2.3325,
      1.1075,
      2.3925,
      1.165,
      2.45,
      1.225
    ],
    "SoftwareVersions": "syngo_MR_B17",
    "TaskName": "knowfilt",
    "TotalReadoutTime": 0.0308698,
    "dataset": "ds001353",
    "modality": "bold",
    "run_id": 1,
    "subject_id": "8118",
    "task_id": "knowfilt"
  },
  "dummy_trs": 0,
  "dvars_nstd": 26.998878466842104,
  "dvars_std": 1.1152985074303405,
  "dvars_vstd": 0.969914892291022,
  "efc": 0.5956016288921134,
  "fber": 441.7629089355469,
  "fd_mean": 0.0825153408812278,
  "fd_num": 8,
  "fd_perc": 2.4691358024691357,
  "fwhm_avg": 1.9707377777777777,
  "fwhm_x": 1.8888,
  "fwhm_y": 2.0925166666666666,
  "fwhm_z": 1.9308966666666667,
  "gcor": 0.0281423,
  "gsr_x": 0.0021354067139327526,
  "gsr_y": 0.048203930258750916,
  "provenance": {
    "md5sum": "1aebca8935782228e571eab23ebfe920",
    "settings": {
      "fd_thres": 0.2,
      "testing": false
    },
    "software": "mriqc",
    "version": "22.0.6",
    "webapi_port": null,
    "webapi_url": "https://mriqc.nimh.nih.gov/api/v1"
  },
  "size_t": 324,
  "size_x": 64,
  "size_y": 64,
  "size_z": 43,
  "snr": 5.670262531880698,
  "spacing_tr": 2.5,
  "spacing_x": 3.0,
  "spacing_y": 3.0,
  "spacing_z": 3.0,
  "summary_bg_k": 25.90103567346626,
  "summary_bg_mad": 17.58530901886604,
  "summary_bg_mean": 71.828857421875,
  "summary_bg_median": 37.543209075927734,
  "summary_bg_n": 100643.0,
  "summary_bg_p05": 23.589506149291992,
  "summary_bg_p95": 242.84938354492172,
  "summary_bg_stdv": 91.5009536743164,
  "summary_fg_k": 1.0479002393257026,
  "summary_fg_mad": 129.59955906422283,
  "summary_fg_mean": 806.9630126953125,
  "summary_fg_median": 798.75,
  "summary_fg_n": 37986.0,
  "summary_fg_p05": 584.3888854980469,
  "summary_fg_p95": 1037.1589660644531,
  "summary_fg_stdv": 140.86463928222656,
  "tsnr": 51.99951626302209
}