{
  "aor": 0.0009430246913580246,
  "aqi": 0.010228697561728397,
  "bids_meta": {
    "AcquisitionNumber": 1,
    "AcquisitionTime": "12:30:47.160000",
    "BandwidthPerPixelPhaseEncode": 31.888,
    "ConversionSoftware": "dcm2niix",
    "ConversionSoftwareVersion": "v1.0.20170724 (OpenJPEG build) GCC6.1.0",
    "DeviceSerialNumber": "35002",
    "EchoTime": 0.028,
    "EffectiveEchoSpacing": 0.000489996,
    "FlipAngle": 90,
    "ImageType": [
      "ORIGINAL",
      "PRIMARY",
      "M",
      "ND",
      "MOSAIC"
    ],
    "InstitutionAddress": "University_Pkwy_1700_North_685_Provo_UT_US_84601",
    "InstitutionName": "Brigham_Young_University",
    "MagneticFieldStrength": 3,
    "Manufacturer": "Siemens",
    "ManufacturersModelName": "TrioTim",
    "PhaseEncodingDirection": "j-",
    "PhaseEncodingLines": 64,
    "ProcedureStepDescription": "Research_KIRWAN",
    "ProtocolName": "EPI_Run1",
    "RepetitionTime": 2.5,
    "ScanningSequence": "EP",
    "SequenceName": "epfid2d1_64",
    "SequenceVariant": "SK",
    "SeriesDescription": "EPI_Run1",
    "SliceTiming": [
      0,
      1.2825,
      0.0575,
      1.3425,
      0.115,
      1.4,
      0.175,
      1.4575,
      0.2325,
      1.5175,
      0.29,
      1.575,
      0.35,
      1.6325,
      0.4075,
      1.6925,
      0.465,
      1.75,
      0.525,
      1.8075,
      0.5825,
      1.8675,
      0.64,
      1.925,
      0.7,
      1.9825,
      0.7575,
      2.0425,
      0.815,
      2.1,
      0.875,
      2.1575,
      0.9325,
      2.2175,
      0.99,
      2.275,
      1.05,
      2.3325,
      1.1075,
      2.3925,
      1.165,
      2.45,
      1.225
    ],
    "SoftwareVersions": "syngo_MR_B17",
    "TaskName": "knowfilt",
    "TotalReadoutTime": 0.0308698,
    "dataset": "ds001353",
    "modality": "bold",
    "run_id": 1,
    "subject_id": "8112",
    "task_id": "knowfilt"
  },
  "dummy_trs": 0,
  "dvars_nstd": 26.411810352260062,
  "dvars_std": 1.0442837137770893,
  "dvars_vstd": 0.9866051715479869,
  "efc": 0.5904154046165088,
  "fber": 536.7003784179688,
  "fd_mean": 0.20388041512001404,
  "fd_num": 122,
  "fd_perc": 37.65432098765432,
  "fwhm_avg": 2.0873822222222222,
  "fwhm_x": 1.9756866666666666,
  "fwhm_y": 2.23252,
  "fwhm_z": 2.05394,
  "gcor": 0.0493712,
  "gsr_x": -0.009713632054626942,
  "gsr_y": 0.06119462102651596,
  "provenance": {
    "md5sum": "8740b212669a27ed9b589151548db034",
    "settings": {
      "fd_thres": 0.2,
      "testing": false
    },
    "software": "mriqc",
    "version": "22.0.6",
    "webapi_port": null,
    "webapi_url": "https://mriqc.nimh.nih.gov/api/v1"
  },
  "size_t": 324,
  "size_x": 64,
  "size_y": 64,
  "size_z": 43,
  "snr": 4.783559835592852,
  "spacing_tr": 2.5,
  "spacing_x": 3.0,
  "spacing_y": 3.0,
  "spacing_z": 3.0,
  "summary_bg_k": 51.47675494945324,
  "summary_bg_mad": 14.146495225627847,
  "summary_bg_mean": 64.2484359741211,
  "summary_bg_median": 36.04475402832031,
  "summary_bg_n": 96774.0,
  "summary_bg_p05": 24.29938316345215,
  "summary_bg_p95": 177.89876480102507,
  "summary_bg_stdv": 84.8267593383789,
  "summary_fg_k": 1.6794055517829856,
  "summary_fg_mad": 156.49697122403649,
  "summary_fg_mean": 869.7067260742188,
  "summary_fg_median": 853.725341796875,
  "summary_fg_n": 41551.0,
  "summary_fg_p05": 599.9444580078125,
  "summary_fg_p95": 1170.7808227539062,
  "summary_fg_stdv": 178.46856689453125,
  "tsnr": 45.27197246061405
}