{
  "aor": 0.0005778395061728395,
  "aqi": 0.00974804,
  "bids_meta": {
    "AcquisitionNumber": 1,
    "AcquisitionTime": "16:34:15.812500",
    "BandwidthPerPixelPhaseEncode": 31.888,
    "ConversionSoftware": "dcm2niix",
    "ConversionSoftwareVersion": "v1.0.20170724 (OpenJPEG build) GCC6.1.0",
    "DeviceSerialNumber": "35002",
    "EchoTime": 0.028,
    "EffectiveEchoSpacing": 0.000489996,
    "FlipAngle": 90,
    "ImageType": [
      "ORIGINAL",
      "PRIMARY",
      "M",
      "ND",
      "MOSAIC"
    ],
    "InstitutionAddress": "University_Pkwy_1700_North_685_Provo_UT_US_84601",
    "InstitutionName": "Brigham_Young_University",
    "MagneticFieldStrength": 3,
    "Manufacturer": "Siemens",
    "ManufacturersModelName": "TrioTim",
    "PhaseEncodingDirection": "j-",
    "PhaseEncodingLines": 64,
    "ProcedureStepDescription": "Research_KIRWAN",
    "ProtocolName": "EPI_Run2",
    "RepetitionTime": 2.5,
    "ScanningSequence": "EP",
    "SequenceName": "epfid2d1_64",
    "SequenceVariant": "SK",
    "SeriesDescription": "EPI_Run2",
    "SliceTiming": [
      0,
      1.2825,
      0.0575,
      1.3425,
      0.115,
      1.4,
      0.175,
      1.4575,
      0.2325,
      1.5175,
      0.29,
      1.575,
      0.35,
      1.6325,
      0.4075,
      1.6925,
      0.465,
      1.75,
      0.525,
      1.8075,
      0.5825,
      1.8675,
      0.64,
      1.925,
      0.7,
      1.9825,
      0.7575,
      2.0425,
      0.815,
      2.1,
      0.875,
      2.1575,
      0.9325,
      2.2175,
      0.9925,
      2.275,
      1.05,
      2.3325,
      1.1075,
      2.3925,
      1.1675,
      2.45,
      1.225
    ],
    "SoftwareVersions": "syngo_MR_B17",
    "TaskName": "knowfilt",
    "TotalReadoutTime": 0.0308698,
    "dataset": "ds001353",
    "modality": "bold",
    "run_id": 2,
    "subject_id": "8128",
    "task_id": "knowfilt"
  },
  "dummy_trs": 0,
  "dvars_nstd": 33.41852897904024,
  "dvars_std": 1.126816987616099,
  "dvars_vstd": 0.9903096248606813,
  "efc": 0.6193767720380551,
  "fber": 387.1214294433594,
  "fd_mean": 0.24821012326480574,
  "fd_num": 189,
  "fd_perc": 58.333333333333336,
  "fwhm_avg": 1.9159088888888889,
  "fwhm_x": 1.7833133333333333,
  "fwhm_y": 2.05729,
  "fwhm_z": 1.9071233333333335,
  "gcor": 0.0311433,
  "gsr_x": 0.010426908731460571,
  "gsr_y": 0.04890533164143562,
  "provenance": {
    "md5sum": "dfcffd8268ea7b79057c27ecf88a5ace",
    "settings": {
      "fd_thres": 0.2,
      "testing": false
    },
    "software": "mriqc",
    "version": "22.0.6",
    "webapi_port": null,
    "webapi_url": "https://mriqc.nimh.nih.gov/api/v1"
  },
  "size_t": 324,
  "size_x": 64,
  "size_y": 64,
  "size_z": 43,
  "snr": 5.93734995129169,
  "spacing_tr": 2.5,
  "spacing_x": 3.0,
  "spacing_y": 3.0,
  "spacing_z": 3.0,
  "summary_bg_k": 18.018868735320595,
  "summary_bg_mad": 18.71098701477769,
  "summary_bg_mean": 79.80644989013672,
  "summary_bg_median": 41.72530746459961,
  "summary_bg_n": 94922.0,
  "summary_bg_p05": 28.18827247619629,
  "summary_bg_p95": 271.61681671142577,
  "summary_bg_stdv": 98.63605499267578,
  "summary_fg_k": 1.442581456369819,
  "summary_fg_mad": 124.62093303530797,
  "summary_fg_mean": 843.9447631835938,
  "summary_fg_median": 839.7144775390625,
  "summary_fg_n": 42090.0,
  "summary_fg_p05": 618.1969207763672,
  "summary_fg_p95": 1073.8100585937498,
  "summary_fg_stdv": 141.427490234375,
  "tsnr": 51.072035536170006
}