{
  "bids_meta": {
    "AcquisitionNumber": 1,
    "AcquisitionTime": "14:27:57.605000",
    "ConversionSoftware": "dcm2niix",
    "ConversionSoftwareVersion": "v1.0.20170724 (OpenJPEG build) GCC6.1.0",
    "DeviceSerialNumber": "35002",
    "EchoTime": 0.00226,
    "FlipAngle": 9,
    "ImageType": [
      "ORIGINAL",
      "PRIMARY",
      "M",
      "ND",
      "NORM"
    ],
    "InstitutionAddress": "University_Pkwy_1700_North_685_Provo_UT_US_84601",
    "InstitutionName": "Brigham_Young_University",
    "InversionTime": 0.9,
    "MagneticFieldStrength": 3,
    "Manufacturer": "Siemens",
    "ManufacturersModelName": "TrioTim",
    "PhaseEncodingDirection": "i-",
    "PhaseEncodingLines": 215,
    "ProcedureStepDescription": "Research_KIRWAN",
    "ProtocolName": "t1_mpr_sag_iso_mprage",
    "RepetitionTime": 1.9,
    "ScanningSequence": "GR_IR",
    "SequenceName": "_tfl3d1_ns",
    "SequenceVariant": "SP_MP_OSP",
    "SeriesDescription": "t1_mpr_sag_iso_mprage",
    "SoftwareVersions": "syngo_MR_B17",
    "dataset": "ds001353",
    "modality": "T1w",
    "run_id": 1,
    "subject_id": "8129"
  },
  "cjv": 0.443456913570872,
  "cnr": 3.046332955360322,
  "efc": 0.5370239501885218,
  "fber": 11513.289999999999,
  "fwhm_avg": 4.6780161866666665,
  "fwhm_x": 4.41875,
  "fwhm_y": 5.20804352,
  "fwhm_z": 4.40725504,
  "icvs_csf": 0.17207970676374876,
  "icvs_gm": 0.4122863468659163,
  "icvs_wm": 0.4156339463703349,
  "inu_med": 0.56765216588974,
  "inu_range": 0.2618369877338409,
  "provenance": {
    "md5sum": "8d268101be1cc1a50387cd881529870f",
    "settings": {
      "testing": false
    },
    "software": "mriqc",
    "version": "22.0.6",
    "warnings": {
      "large_rot_frame": true,
      "small_air_mask": false
    },
    "webapi_port": null,
    "webapi_url": "https://mriqc.nimh.nih.gov/api/v1"
  },
  "qi_1": 1.955133594278497e-06,
  "qi_2": 0.009099914555010705,
  "rpve_csf": 26.386293220316674,
  "rpve_gm": 11.268238368459922,
  "rpve_wm": 12.872373665241893,
  "size_x": 176,
  "size_y": 224,
  "size_z": 256,
  "snr_csf": 2.7984165895707847,
  "snr_gm": 15.203357881296041,
  "snr_total": 11.49526041198736,
  "snr_wm": 16.484006765095256,
  "snrd_csf": 13.11661554218557,
  "snrd_gm": 30.91368954612295,
  "snrd_total": 28.30534066709222,
  "snrd_wm": 40.885716912968135,
  "spacing_x": 1.0,
  "spacing_y": 0.9765625,
  "spacing_z": 0.9765625,
  "summary_bg_k": 21.690758893740753,
  "summary_bg_mad": 0.0,
  "summary_bg_mean": 8.088194522223475,
  "summary_bg_median": 0.0,
  "summary_bg_n": 3347456.0,
  "summary_bg_p05": 0.0,
  "summary_bg_p95": 37.071866903454065,
  "summary_bg_stdv": 16.024393714843946,
  "summary_csf_k": 0.29767830301621245,
  "summary_csf_mad": 106.40334655146572,
  "summary_csf_mean": 319.2529934499902,
  "summary_csf_median": 320.82755843549967,
  "summary_csf_n": 28375.0,
  "summary_csf_p05": 118.2934070751071,
  "summary_csf_p95": 508.1320523243397,
  "summary_csf_stdv": 114.64408345501171,
  "summary_gm_k": 0.10088590765527128,
  "summary_gm_mad": 49.1656842686083,
  "summary_gm_mean": 755.5607983824368,
  "summary_gm_median": 756.137397442013,
  "summary_gm_n": 21142.0,
  "summary_gm_p05": 673.3815076388419,
  "summary_gm_p95": 836.9605016609654,
  "summary_gm_stdv": 49.733718089223416,
  "summary_wm_k": 0.3630059277061961,
  "summary_wm_mad": 58.99882112232996,
  "summary_wm_mean": 1007.3693325149824,
  "summary_wm_median": 1000.0494937039912,
  "summary_wm_n": 204662.0,
  "summary_wm_p05": 921.0057401061058,
  "summary_wm_p95": 1119.0358328707516,
  "summary_wm_stdv": 60.667716580002555,
  "tpm_overlap_csf": 0.1513652227372898,
  "tpm_overlap_gm": 0.4395095261464422,
  "tpm_overlap_wm": 0.4862572733949044,
  "wm2max": 0.3936984859998831
}