{
  "bids_meta": {
    "AcquisitionNumber": 1,
    "AcquisitionTime": "16:17:9.695000",
    "ConversionSoftware": "dcm2niix",
    "ConversionSoftwareVersion": "v1.0.20170724 (OpenJPEG build) GCC6.1.0",
    "DeviceSerialNumber": "35002",
    "EchoTime": 0.00226,
    "FlipAngle": 9,
    "ImageType": [
      "ORIGINAL",
      "PRIMARY",
      "M",
      "ND",
      "NORM"
    ],
    "InstitutionAddress": "University_Pkwy_1700_North_685_Provo_UT_US_84601",
    "InstitutionName": "Brigham_Young_University",
    "InversionTime": 0.9,
    "MagneticFieldStrength": 3,
    "Manufacturer": "Siemens",
    "ManufacturersModelName": "TrioTim",
    "PhaseEncodingDirection": "i-",
    "PhaseEncodingLines": 215,
    "ProcedureStepDescription": "Research_KIRWAN",
    "ProtocolName": "t1_mpr_sag_iso_mprage",
    "RepetitionTime": 1.9,
    "ScanningSequence": "GR_IR",
    "SequenceName": "_tfl3d1_ns",
    "SequenceVariant": "SP_MP_OSP",
    "SeriesDescription": "t1_mpr_sag_iso_mprage",
    "SoftwareVersions": "syngo_MR_B17",
    "dataset": "ds001353",
    "modality": "T1w",
    "run_id": 1,
    "subject_id": "8130"
  },
  "cjv": 0.3295135634932169,
  "cnr": 4.2519757513602014,
  "efc": 0.5796848987807869,
  "fber": 13840.480051273833,
  "fwhm_avg": 4.94753784,
  "fwhm_x": 4.67073,
  "fwhm_y": 5.33180416,
  "fwhm_z": 4.84007936,
  "icvs_csf": 0.19073096243434806,
  "icvs_gm": 0.43683250564148873,
  "icvs_wm": 0.3724365319241632,
  "inu_med": 0.41096605360507965,
  "inu_range": 0.17307022958993912,
  "provenance": {
    "md5sum": "1614ec9713ed7e017b08b5f37dfbeaa9",
    "settings": {
      "testing": false
    },
    "software": "mriqc",
    "version": "22.0.6",
    "warnings": {
      "large_rot_frame": true,
      "small_air_mask": false
    },
    "webapi_port": null,
    "webapi_url": "https://mriqc.nimh.nih.gov/api/v1"
  },
  "qi_1": 0.0,
  "qi_2": 0.0074827664587347464,
  "rpve_csf": 20.824651701014407,
  "rpve_gm": 9.810063282561535,
  "rpve_wm": 13.2851164872291,
  "size_x": 176,
  "size_y": 224,
  "size_z": 256,
  "snr_csf": 2.433469475732883,
  "snr_gm": 13.79255751417174,
  "snr_total": 14.713264033567972,
  "snr_wm": 27.913765110799293,
  "snrd_csf": 28.766887268031404,
  "snrd_gm": 71.39161492529915,
  "snrd_total": 66.10041666901378,
  "snrd_wm": 98.14274781371081,
  "spacing_x": 1.0,
  "spacing_y": 0.9765625,
  "spacing_z": 0.9765625,
  "summary_bg_k": 6.0473074029794756,
  "summary_bg_mad": 0.0,
  "summary_bg_mean": 4.479069193439637,
  "summary_bg_median": 0.0,
  "summary_bg_n": 2349229.0,
  "summary_bg_p05": 0.0,
  "summary_bg_p95": 17.58359908312559,
  "summary_bg_stdv": 6.675598292170945,
  "summary_csf_k": -0.08239597971986656,
  "summary_csf_mad": 109.11615486917876,
  "summary_csf_mean": 290.379461582651,
  "summary_csf_median": 293.12397161498666,
  "summary_csf_n": 33423.0,
  "summary_csf_p05": 73.41728499270977,
  "summary_csf_p95": 489.3385091565548,
  "summary_csf_stdv": 120.45336481163605,
  "summary_gm_k": -0.13120901469455237,
  "summary_gm_mad": 54.81421864320247,
  "summary_gm_mean": 727.0958123283277,
  "summary_gm_median": 727.4542258232832,
  "summary_gm_n": 64962.0,
  "summary_gm_p05": 640.9951316416264,
  "summary_gm_p95": 812.1856738068163,
  "summary_gm_stdv": 52.74211298225478,
  "summary_wm_k": 0.23792047364199664,
  "summary_wm_mad": 35.00596517712307,
  "summary_wm_mean": 1000.7514927838798,
  "summary_wm_median": 1000.0384037494659,
  "summary_wm_n": 253197.0,
  "summary_wm_p05": 943.1412556245923,
  "summary_wm_p95": 1060.6979813724756,
  "summary_wm_stdv": 35.82592405414515,
  "tpm_overlap_csf": 0.16498252973303376,
  "tpm_overlap_gm": 0.4818495016731361,
  "tpm_overlap_wm": 0.5279886644033687,
  "wm2max": 0.5103575415284771
}