{
  "aor": 0.0009547530864197533,
  "aqi": 0.00904859598765432,
  "bids_meta": {
    "AcquisitionNumber": 1,
    "AcquisitionTime": "16:19:54.635000",
    "BandwidthPerPixelPhaseEncode": 31.888,
    "ConversionSoftware": "dcm2niix",
    "ConversionSoftwareVersion": "v1.0.20170724 (OpenJPEG build) GCC6.1.0",
    "DeviceSerialNumber": "35002",
    "EchoTime": 0.028,
    "EffectiveEchoSpacing": 0.000489996,
    "FlipAngle": 90,
    "ImageType": [
      "ORIGINAL",
      "PRIMARY",
      "M",
      "ND",
      "MOSAIC"
    ],
    "InstitutionAddress": "University_Pkwy_1700_North_685_Provo_UT_US_84601",
    "InstitutionName": "Brigham_Young_University",
    "MagneticFieldStrength": 3,
    "Manufacturer": "Siemens",
    "ManufacturersModelName": "TrioTim",
    "PhaseEncodingDirection": "j-",
    "PhaseEncodingLines": 64,
    "ProcedureStepDescription": "Research_KIRWAN",
    "ProtocolName": "EPI_Run1",
    "RepetitionTime": 2.5,
    "ScanningSequence": "EP",
    "SequenceName": "epfid2d1_64",
    "SequenceVariant": "SK",
    "SeriesDescription": "EPI_Run1",
    "SliceTiming": [
      0,
      1.2825,
      0.0575,
      1.3425,
      0.115,
      1.4,
      0.175,
      1.4575,
      0.2325,
      1.5175,
      0.29,
      1.575,
      0.35,
      1.6325,
      0.4075,
      1.6925,
      0.465,
      1.75,
      0.525,
      1.8075,
      0.5825,
      1.8675,
      0.64,
      1.925,
      0.7,
      1.9825,
      0.7575,
      2.0425,
      0.815,
      2.1,
      0.875,
      2.1575,
      0.9325,
      2.2175,
      0.99,
      2.275,
      1.05,
      2.3325,
      1.1075,
      2.3925,
      1.1675,
      2.45,
      1.225
    ],
    "SoftwareVersions": "syngo_MR_B17",
    "TaskName": "knowfilt",
    "TotalReadoutTime": 0.0308698,
    "dataset": "ds001353",
    "modality": "bold",
    "run_id": 1,
    "subject_id": "8128",
    "task_id": "knowfilt"
  },
  "dummy_trs": 0,
  "dvars_nstd": 33.84226837984523,
  "dvars_std": 1.1401740336532518,
  "dvars_vstd": 1.00065517247678,
  "efc": 0.6194851825951837,
  "fber": 389.38629150390625,
  "fd_mean": 0.24270920940179005,
  "fd_num": 207,
  "fd_perc": 63.888888888888886,
  "fwhm_avg": 1.9386888888888887,
  "fwhm_x": 1.8065333333333333,
  "fwhm_y": 2.0863866666666664,
  "fwhm_z": 1.9231466666666668,
  "gcor": 0.0596796,
  "gsr_x": 0.009789574891328812,
  "gsr_y": 0.0471285842359066,
  "provenance": {
    "md5sum": "fa0c663131063f0a2631c64618ea15ff",
    "settings": {
      "fd_thres": 0.2,
      "testing": false
    },
    "software": "mriqc",
    "version": "22.0.6",
    "webapi_port": null,
    "webapi_url": "https://mriqc.nimh.nih.gov/api/v1"
  },
  "size_t": 324,
  "size_x": 64,
  "size_y": 64,
  "size_z": 43,
  "snr": 5.820678763466569,
  "spacing_tr": 2.5,
  "spacing_x": 3.0,
  "spacing_y": 3.0,
  "spacing_z": 3.0,
  "summary_bg_k": 17.85718992814733,
  "summary_bg_mad": 18.253394540427863,
  "summary_bg_mean": 78.48915100097656,
  "summary_bg_median": 41.299381256103516,
  "summary_bg_n": 94547.0,
  "summary_bg_p05": 28.126543045043945,
  "summary_bg_p95": 268.70772399902336,
  "summary_bg_stdv": 96.84138488769531,
  "summary_fg_k": 1.4950909664742955,
  "summary_fg_mad": 125.98915480922183,
  "summary_fg_mean": 836.5413818359375,
  "summary_fg_median": 833.8858032226562,
  "summary_fg_n": 42545.0,
  "summary_fg_p05": 606.572216796875,
  "summary_fg_p95": 1068.1345947265625,
  "summary_fg_stdv": 143.26095581054688,
  "tsnr": 50.152339119813405
}