{
  "bids_meta": {
    "AcquisitionNumber": 1,
    "AcquisitionTime": "10:15:44.927500",
    "ConversionSoftware": "dcm2niix",
    "ConversionSoftwareVersion": "v1.0.20170724 (OpenJPEG build) GCC6.1.0",
    "DeviceSerialNumber": "35002",
    "EchoTime": 0.00226,
    "FlipAngle": 9,
    "ImageType": [
      "ORIGINAL",
      "PRIMARY",
      "M",
      "ND",
      "NORM"
    ],
    "InstitutionAddress": "University_Pkwy_1700_North_685_Provo_UT_US_84601",
    "InstitutionName": "Brigham_Young_University",
    "InversionTime": 0.9,
    "MagneticFieldStrength": 3,
    "Manufacturer": "Siemens",
    "ManufacturersModelName": "TrioTim",
    "PhaseEncodingDirection": "i-",
    "PhaseEncodingLines": 215,
    "ProcedureStepDescription": "Research_KIRWAN",
    "ProtocolName": "t1_mpr_sag_iso_mprage",
    "RepetitionTime": 1.9,
    "ScanningSequence": "GR_IR",
    "SequenceName": "_tfl3d1_ns",
    "SequenceVariant": "SP_MP_OSP",
    "SeriesDescription": "t1_mpr_sag_iso_mprage",
    "SoftwareVersions": "syngo_MR_B17",
    "dataset": "ds001353",
    "modality": "T1w",
    "run_id": 1,
    "subject_id": "8117"
  },
  "cjv": 0.3251126979522709,
  "cnr": 4.245404485679292,
  "efc": 0.550324310172688,
  "fber": 20538.47265625,
  "fwhm_avg": 4.543161306666666,
  "fwhm_x": 4.34889,
  "fwhm_y": 4.9032396799999995,
  "fwhm_z": 4.37735424,
  "icvs_csf": 0.1778478397551203,
  "icvs_gm": 0.4628552719943867,
  "icvs_wm": 0.359296888250493,
  "inu_med": 0.4136216342449188,
  "inu_range": 0.1588291764259338,
  "provenance": {
    "md5sum": "50368c639333096dead8bbb887c4af67",
    "settings": {
      "testing": false
    },
    "software": "mriqc",
    "version": "22.0.6",
    "warnings": {
      "large_rot_frame": true,
      "small_air_mask": false
    },
    "webapi_port": null,
    "webapi_url": "https://mriqc.nimh.nih.gov/api/v1"
  },
  "qi_1": 0.0,
  "qi_2": 0.00854422844563775,
  "rpve_csf": 22.073761887118685,
  "rpve_gm": 9.440735693526376,
  "rpve_wm": 13.636618070873334,
  "size_x": 176,
  "size_y": 224,
  "size_z": 256,
  "snr_csf": 2.7766889335742957,
  "snr_gm": 13.43785684740443,
  "snr_total": 14.373147429679022,
  "snr_wm": 26.90489650805834,
  "snrd_csf": 27.3135112284602,
  "snrd_gm": 67.37968355938789,
  "snrd_total": 62.70489281313365,
  "snrd_wm": 93.42148365155285,
  "spacing_x": 1.0,
  "spacing_y": 0.9765625,
  "spacing_z": 0.9765625,
  "summary_bg_k": 6.807628651265329,
  "summary_bg_mad": 0.0,
  "summary_bg_mean": 4.463383147443747,
  "summary_bg_median": 0.0,
  "summary_bg_n": 2853698.0,
  "summary_bg_p05": 0.0,
  "summary_bg_p95": 17.64339566230774,
  "summary_bg_stdv": 7.012937842151284,
  "summary_csf_k": 1.0536061381369493,
  "summary_csf_mad": 82.75716654586782,
  "summary_csf_mean": 296.3502312337767,
  "summary_csf_median": 292.37874203920364,
  "summary_csf_n": 33278.0,
  "summary_csf_p05": 104.69798555374147,
  "summary_csf_p95": 480.76523435115814,
  "summary_csf_stdv": 105.29604000559594,
  "summary_gm_k": -0.041113913107126976,
  "summary_gm_mad": 54.7269269937657,
  "summary_gm_mean": 721.4132771552371,
  "summary_gm_median": 721.2689336538315,
  "summary_gm_n": 57189.0,
  "summary_gm_p05": 633.7922860622406,
  "summary_gm_p95": 808.655634522438,
  "summary_gm_stdv": 53.67393296457937,
  "summary_wm_k": 0.38139775302847934,
  "summary_wm_mad": 35.903326050268035,
  "summary_wm_mean": 1001.1496543208726,
  "summary_wm_median": 1000.0345851182938,
  "summary_wm_n": 233726.0,
  "summary_wm_p05": 942.2611130475998,
  "summary_wm_p95": 1063.7929737567902,
  "summary_wm_stdv": 37.16916158682931,
  "tpm_overlap_csf": 0.15917867892051038,
  "tpm_overlap_gm": 0.477497888934044,
  "tpm_overlap_wm": 0.5231448967384865,
  "wm2max": 0.5472869344062188
}