{
  "aor": 0.0002537345679012346,
  "aqi": 0.007103654475308642,
  "bids_meta": {
    "AcquisitionNumber": 1,
    "AcquisitionTime": "16:25:38.315000",
    "BandwidthPerPixelPhaseEncode": 31.888,
    "ConversionSoftware": "dcm2niix",
    "ConversionSoftwareVersion": "v1.0.20170724 (OpenJPEG build) GCC6.1.0",
    "DeviceSerialNumber": "35002",
    "EchoTime": 0.028,
    "EffectiveEchoSpacing": 0.000489996,
    "FlipAngle": 90,
    "ImageType": [
      "ORIGINAL",
      "PRIMARY",
      "M",
      "ND",
      "MOSAIC"
    ],
    "InstitutionAddress": "University_Pkwy_1700_North_685_Provo_UT_US_84601",
    "InstitutionName": "Brigham_Young_University",
    "MagneticFieldStrength": 3,
    "Manufacturer": "Siemens",
    "ManufacturersModelName": "TrioTim",
    "PhaseEncodingDirection": "j-",
    "PhaseEncodingLines": 64,
    "ProcedureStepDescription": "Research_KIRWAN",
    "ProtocolName": "EPI_Run1",
    "RepetitionTime": 2.5,
    "ScanningSequence": "EP",
    "SequenceName": "epfid2d1_64",
    "SequenceVariant": "SK",
    "SeriesDescription": "EPI_Run1",
    "SliceTiming": [
      0,
      1.285,
      0.06,
      1.3425,
      0.1175,
      1.4,
      0.175,
      1.46,
      0.235,
      1.5175,
      0.2925,
      1.5775,
      0.35,
      1.635,
      0.41,
      1.6925,
      0.4675,
      1.7525,
      0.525,
      1.81,
      0.585,
      1.8675,
      0.6425,
      1.9275,
      0.7,
      1.985,
      0.76,
      2.0425,
      0.8175,
      2.1025,
      0.875,
      2.16,
      0.935,
      2.2175,
      0.9925,
      2.2775,
      1.05,
      2.335,
      1.11,
      2.3925,
      1.1675,
      2.4525,
      1.225
    ],
    "SoftwareVersions": "syngo_MR_B17",
    "TaskName": "knowfilt",
    "TotalReadoutTime": 0.0308698,
    "dataset": "ds001353",
    "modality": "bold",
    "run_id": 1,
    "subject_id": "8109",
    "task_id": "knowfilt"
  },
  "dummy_trs": 0,
  "dvars_nstd": 28.065414115758525,
  "dvars_std": 1.117647555975232,
  "dvars_vstd": 0.9778066956037149,
  "efc": 0.5996236075844106,
  "fber": 455.0465393066406,
  "fd_mean": 0.09754220412550718,
  "fd_num": 13,
  "fd_perc": 4.012345679012346,
  "fwhm_avg": 1.9031511111111115,
  "fwhm_x": 1.76586,
  "fwhm_y": 2.0557633333333336,
  "fwhm_z": 1.8878300000000001,
  "gcor": 0.0912598,
  "gsr_x": -0.009953624568879604,
  "gsr_y": 0.06693056970834732,
  "provenance": {
    "md5sum": "61d6bed3c7e9f0766fcbada8d0edb072",
    "settings": {
      "fd_thres": 0.2,
      "testing": false
    },
    "software": "mriqc",
    "version": "22.0.6",
    "webapi_port": null,
    "webapi_url": "https://mriqc.nimh.nih.gov/api/v1"
  },
  "size_t": 324,
  "size_x": 64,
  "size_y": 64,
  "size_z": 43,
  "snr": 5.383379039537569,
  "spacing_tr": 2.5,
  "spacing_x": 3.0,
  "spacing_y": 3.0,
  "spacing_z": 3.0,
  "summary_bg_k": 39.92537196445292,
  "summary_bg_mad": 15.466652214713637,
  "summary_bg_mean": 68.99077606201172,
  "summary_bg_median": 38.209877014160156,
  "summary_bg_n": 97115.0,
  "summary_bg_p05": 26.731481552124023,
  "summary_bg_p95": 207.92561492919924,
  "summary_bg_stdv": 86.74964141845703,
  "summary_fg_k": 1.376679726216926,
  "summary_fg_mad": 134.067952389949,
  "summary_fg_mean": 843.8092041015625,
  "summary_fg_median": 831.8765869140625,
  "summary_fg_n": 41028.0,
  "summary_fg_p05": 607.140756225586,
  "summary_fg_p95": 1105.5996704101562,
  "summary_fg_stdv": 154.52496337890625,
  "tsnr": 54.15025213826448
}