{
  "bids_meta": {
    "AcquisitionNumber": 1,
    "AcquisitionTime": "16:14:26.260000",
    "ConversionSoftware": "dcm2niix",
    "ConversionSoftwareVersion": "v1.0.20170724 (OpenJPEG build) GCC6.1.0",
    "DeviceSerialNumber": "35002",
    "EchoTime": 0.00226,
    "FlipAngle": 9,
    "ImageType": [
      "ORIGINAL",
      "PRIMARY",
      "M",
      "ND",
      "NORM"
    ],
    "InstitutionAddress": "University_Pkwy_1700_North_685_Provo_UT_US_84601",
    "InstitutionName": "Brigham_Young_University",
    "InversionTime": 0.9,
    "MagneticFieldStrength": 3,
    "Manufacturer": "Siemens",
    "ManufacturersModelName": "TrioTim",
    "PhaseEncodingDirection": "i-",
    "PhaseEncodingLines": 215,
    "ProcedureStepDescription": "Research_KIRWAN",
    "ProtocolName": "t1_mpr_sag_iso_mprage",
    "RepetitionTime": 1.9,
    "ScanningSequence": "GR_IR",
    "SequenceName": "_tfl3d1_ns",
    "SequenceVariant": "SP_MP_OSP",
    "SeriesDescription": "t1_mpr_sag_iso_mprage",
    "SoftwareVersions": "syngo_MR_B17",
    "dataset": "ds001353",
    "modality": "T1w",
    "run_id": 1,
    "subject_id": "8109"
  },
  "cjv": 0.3788040648435698,
  "cnr": 3.578638601978103,
  "efc": 0.603335747996612,
  "fber": 18530.015625,
  "fwhm_avg": 4.328673040000001,
  "fwhm_x": 4.10499,
  "fwhm_y": 4.653905920000001,
  "fwhm_z": 4.2271232,
  "icvs_csf": 0.22880519680863223,
  "icvs_gm": 0.41023522759487197,
  "icvs_wm": 0.36095957559649583,
  "inu_med": 0.4216555655002594,
  "inu_range": 0.16467231214046474,
  "provenance": {
    "md5sum": "6fb84201e504ad9aac0d20fad6f4e481",
    "settings": {
      "testing": false
    },
    "software": "mriqc",
    "version": "22.0.6",
    "warnings": {
      "large_rot_frame": true,
      "small_air_mask": false
    },
    "webapi_port": null,
    "webapi_url": "https://mriqc.nimh.nih.gov/api/v1"
  },
  "qi_1": 0.0,
  "qi_2": 0.007775080527625078,
  "rpve_csf": 17.00873434550286,
  "rpve_gm": 9.736040185000418,
  "rpve_wm": 13.140830805728916,
  "size_x": 176,
  "size_y": 224,
  "size_z": 256,
  "snr_csf": 3.1063076899161284,
  "snr_gm": 13.767631282447926,
  "snr_total": 14.198642110622778,
  "snr_wm": 25.72198735950428,
  "snrd_csf": 26.318335786550218,
  "snrd_gm": 65.87953466546547,
  "snrd_total": 59.72540131420171,
  "snrd_wm": 86.97833349058943,
  "spacing_x": 1.0,
  "spacing_y": 0.9765625,
  "spacing_z": 0.9765625,
  "summary_bg_k": 8.123746273638877,
  "summary_bg_mad": 0.0,
  "summary_bg_mean": 4.4794834674466815,
  "summary_bg_median": 0.0,
  "summary_bg_n": 2729180.0,
  "summary_bg_p05": 0.0,
  "summary_bg_p95": 20.208205550909042,
  "summary_bg_stdv": 7.532508651028395,
  "summary_csf_k": 1.2580213575316437,
  "summary_csf_mad": 76.00427707243225,
  "summary_csf_mean": 315.4407986613456,
  "summary_csf_median": 302.59819480776787,
  "summary_csf_n": 48159.0,
  "summary_csf_p05": 177.31606853306295,
  "summary_csf_p95": 503.45988465696564,
  "summary_csf_stdv": 97.41309726527487,
  "summary_gm_k": 0.14618000810472997,
  "summary_gm_mad": 54.020104779296986,
  "summary_gm_mean": 755.2866725497673,
  "summary_gm_median": 757.4577825218439,
  "summary_gm_n": 30103.0,
  "summary_gm_p05": 661.3157136887312,
  "summary_gm_p95": 843.0539674624799,
  "summary_gm_stdv": 55.01637760169746,
  "summary_wm_k": 0.30573206062658675,
  "summary_wm_mad": 37.872438404693206,
  "summary_wm_mean": 1000.8942185740984,
  "summary_wm_median": 1000.0437305420637,
  "summary_wm_n": 244049.0,
  "summary_wm_p05": 938.6317812055349,
  "summary_wm_p95": 1066.0047131627798,
  "summary_wm_stdv": 38.878865295451625,
  "tpm_overlap_csf": 0.17052829653008658,
  "tpm_overlap_gm": 0.44506446316006487,
  "tpm_overlap_wm": 0.5029589961439572,
  "wm2max": 0.43742096043067
}