{
  "aor": 0.001930864197530864,
  "aqi": 0.00974874237654321,
  "bids_meta": {
    "AcquisitionNumber": 1,
    "AcquisitionTime": "11:50:38.400000",
    "BandwidthPerPixelPhaseEncode": 31.888,
    "ConversionSoftware": "dcm2niix",
    "ConversionSoftwareVersion": "v1.0.20170724 (OpenJPEG build) GCC6.1.0",
    "DeviceSerialNumber": "35002",
    "EchoTime": 0.028,
    "EffectiveEchoSpacing": 0.000489996,
    "FlipAngle": 90,
    "ImageType": [
      "ORIGINAL",
      "PRIMARY",
      "M",
      "ND",
      "MOSAIC"
    ],
    "InstitutionAddress": "University_Pkwy_1700_North_685_Provo_UT_US_84601",
    "InstitutionName": "Brigham_Young_University",
    "MagneticFieldStrength": 3,
    "Manufacturer": "Siemens",
    "ManufacturersModelName": "TrioTim",
    "PhaseEncodingDirection": "j-",
    "PhaseEncodingLines": 64,
    "ProcedureStepDescription": "Research_KIRWAN",
    "ProtocolName": "EPI_Run2",
    "RepetitionTime": 2.5,
    "ScanningSequence": "EP",
    "SequenceName": "epfid2d1_64",
    "SequenceVariant": "SK",
    "SeriesDescription": "EPI_Run2",
    "SliceTiming": [
      0,
      1.2825,
      0.0575,
      1.3425,
      0.115,
      1.4,
      0.175,
      1.4575,
      0.2325,
      1.5175,
      0.2925,
      1.575,
      0.35,
      1.6325,
      0.4075,
      1.6925,
      0.4675,
      1.75,
      0.525,
      1.8075,
      0.5825,
      1.8675,
      0.6425,
      1.925,
      0.7,
      1.985,
      0.7575,
      2.0425,
      0.8175,
      2.1,
      0.875,
      2.16,
      0.9325,
      2.2175,
      0.9925,
      2.275,
      1.05,
      2.335,
      1.1075,
      2.3925,
      1.1675,
      2.45,
      1.225
    ],
    "SoftwareVersions": "syngo_MR_B17",
    "TaskName": "knowfilt",
    "TotalReadoutTime": 0.0308698,
    "dataset": "ds001353",
    "modality": "bold",
    "run_id": 2,
    "subject_id": "8118",
    "task_id": "knowfilt"
  },
  "dummy_trs": 0,
  "dvars_nstd": 27.409126901888552,
  "dvars_std": 1.0982436335603714,
  "dvars_vstd": 0.9735754090092879,
  "efc": 0.5927061375082286,
  "fber": 462.0574645996094,
  "fd_mean": 0.0985020331014615,
  "fd_num": 20,
  "fd_perc": 6.172839506172839,
  "fwhm_avg": 1.9506211111111111,
  "fwhm_x": 1.8562833333333335,
  "fwhm_y": 2.0581566666666666,
  "fwhm_z": 1.9374233333333333,
  "gcor": 0.0500474,
  "gsr_x": 0.00469282828271389,
  "gsr_y": 0.05097680166363716,
  "provenance": {
    "md5sum": "215d9d700542dd1e42f35e33fceb6590",
    "settings": {
      "fd_thres": 0.2,
      "testing": false
    },
    "software": "mriqc",
    "version": "22.0.6",
    "webapi_port": null,
    "webapi_url": "https://mriqc.nimh.nih.gov/api/v1"
  },
  "size_t": 324,
  "size_x": 64,
  "size_y": 64,
  "size_z": 43,
  "snr": 5.762954402704281,
  "spacing_tr": 2.5,
  "spacing_x": 3.0,
  "spacing_y": 3.0,
  "spacing_z": 3.0,
  "summary_bg_k": 27.031345752890537,
  "summary_bg_mad": 15.306494707299233,
  "summary_bg_mean": 70.36940002441406,
  "summary_bg_median": 36.182098388671875,
  "summary_bg_n": 101433.0,
  "summary_bg_p05": 25.00617218017578,
  "summary_bg_p95": 238.09320983886704,
  "summary_bg_stdv": 90.7454605102539,
  "summary_fg_k": 1.1045824492412812,
  "summary_fg_mad": 126.76248968222896,
  "summary_fg_mean": 802.6846313476562,
  "summary_fg_median": 794.779296875,
  "summary_fg_n": 37540.0,
  "summary_fg_p05": 586.668505859375,
  "summary_fg_p95": 1028.195227050781,
  "summary_fg_stdv": 137.90994262695312,
  "tsnr": 50.95039576618001
}