{
  "bids_meta": {
    "AcquisitionNumber": 1,
    "AcquisitionTime": "10:18:21.487500",
    "ConversionSoftware": "dcm2niix",
    "ConversionSoftwareVersion": "v1.0.20170724 (OpenJPEG build) GCC6.1.0",
    "DeviceSerialNumber": "35002",
    "EchoTime": 0.00226,
    "FlipAngle": 9,
    "ImageType": [
      "ORIGINAL",
      "PRIMARY",
      "M",
      "ND",
      "NORM"
    ],
    "InstitutionAddress": "University_Pkwy_1700_North_685_Provo_UT_US_84601",
    "InstitutionName": "Brigham_Young_University",
    "InversionTime": 0.9,
    "MagneticFieldStrength": 3,
    "Manufacturer": "Siemens",
    "ManufacturersModelName": "TrioTim",
    "PhaseEncodingDirection": "i-",
    "PhaseEncodingLines": 215,
    "ProcedureStepDescription": "Research_KIRWAN",
    "ProtocolName": "t1_mpr_sag_iso_mprage",
    "RepetitionTime": 1.9,
    "ScanningSequence": "GR_IR",
    "SequenceName": "_tfl3d1_ns",
    "SequenceVariant": "SP_MP_OSP",
    "SeriesDescription": "t1_mpr_sag_iso_mprage",
    "SoftwareVersions": "syngo_MR_B17",
    "dataset": "ds001353",
    "modality": "T1w",
    "run_id": 1,
    "subject_id": "8110"
  },
  "cjv": 0.35415428515763164,
  "cnr": 3.8836127420278412,
  "efc": 0.5924105563905631,
  "fber": -1.0,
  "fwhm_avg": 4.1029775200000005,
  "fwhm_x": 3.87533,
  "fwhm_y": 4.4198604800000005,
  "fwhm_z": 4.01374208,
  "icvs_csf": 0.20461315549173698,
  "icvs_gm": 0.4336367693062509,
  "icvs_wm": 0.36175007520201213,
  "inu_med": 0.43062394857406616,
  "inu_range": 0.1583795681595802,
  "provenance": {
    "md5sum": "5c879b80550f5c40ccb4eed7596581a4",
    "settings": {
      "testing": false
    },
    "software": "mriqc",
    "version": "22.0.6",
    "warnings": {
      "large_rot_frame": true,
      "small_air_mask": false
    },
    "webapi_port": null,
    "webapi_url": "https://mriqc.nimh.nih.gov/api/v1"
  },
  "qi_1": 0.0,
  "qi_2": 0.00894606580002253,
  "rpve_csf": 20.376187460417984,
  "rpve_gm": 10.253709365922916,
  "rpve_wm": 14.219880849032343,
  "size_x": 176,
  "size_y": 224,
  "size_z": 256,
  "snr_csf": 2.3258571449451955,
  "snr_gm": 13.245355566611126,
  "snr_total": 14.049556503289308,
  "snr_wm": 26.5774567983116,
  "snrd_csf": 26.68731397669192,
  "snrd_gm": 63.0723596384601,
  "snrd_total": 58.43244612985334,
  "snrd_wm": 85.53766477440799,
  "spacing_x": 1.0,
  "spacing_y": 0.9765625,
  "spacing_z": 0.9765625,
  "summary_bg_k": 7.061962227445282,
  "summary_bg_mad": 0.0,
  "summary_bg_mean": 4.554462783155396,
  "summary_bg_median": 0.0,
  "summary_bg_n": 3077569.0,
  "summary_bg_p05": 0.0,
  "summary_bg_p95": 19.72602778673172,
  "summary_bg_stdv": 7.659389925685202,
  "summary_csf_k": 9.474803920199975,
  "summary_csf_mad": 98.16316252412457,
  "summary_csf_mean": 310.793174461603,
  "summary_csf_median": 312.0091385804117,
  "summary_csf_n": 37145.0,
  "summary_csf_p05": 76.16438506543636,
  "summary_csf_p95": 513.5159918740392,
  "summary_csf_stdv": 134.14621759961005,
  "summary_gm_k": -0.027635793957486054,
  "summary_gm_mad": 56.32534566901493,
  "summary_gm_mean": 735.7808964162128,
  "summary_gm_median": 737.3972748331726,
  "summary_gm_n": 40202.0,
  "summary_gm_p05": 642.3287798054516,
  "summary_gm_p95": 825.1141715422273,
  "summary_gm_stdv": 55.67144648674645,
  "summary_wm_k": 0.20373836455581884,
  "summary_wm_mad": 36.69271316419001,
  "summary_wm_mean": 1001.3372282542742,
  "summary_wm_median": 1000.0456818453968,
  "summary_wm_n": 229315.0,
  "summary_wm_p05": 941.6438542082906,
  "summary_wm_p95": 1065.2968246862292,
  "summary_wm_stdv": 37.627509243099624,
  "tpm_overlap_csf": 0.16897027893365388,
  "tpm_overlap_gm": 0.47689961663905983,
  "tpm_overlap_wm": 0.5173290383587652,
  "wm2max": 0.4179362530712409
}