{
  "aor": 0.0011644753086419754,
  "aqi": 0.009845233580246913,
  "bids_meta": {
    "AcquisitionNumber": 1,
    "AcquisitionTime": "14:41:52.860000",
    "BandwidthPerPixelPhaseEncode": 31.888,
    "ConversionSoftware": "dcm2niix",
    "ConversionSoftwareVersion": "v1.0.20170724 (OpenJPEG build) GCC6.1.0",
    "DeviceSerialNumber": "35002",
    "EchoTime": 0.028,
    "EffectiveEchoSpacing": 0.000489996,
    "FlipAngle": 90,
    "ImageType": [
      "ORIGINAL",
      "PRIMARY",
      "M",
      "ND",
      "MOSAIC"
    ],
    "InstitutionAddress": "University_Pkwy_1700_North_685_Provo_UT_US_84601",
    "InstitutionName": "Brigham_Young_University",
    "MagneticFieldStrength": 3,
    "Manufacturer": "Siemens",
    "ManufacturersModelName": "TrioTim",
    "PhaseEncodingDirection": "j-",
    "PhaseEncodingLines": 64,
    "ProcedureStepDescription": "Research_KIRWAN",
    "ProtocolName": "EPI_Run1",
    "RepetitionTime": 2.5,
    "ScanningSequence": "EP",
    "SequenceName": "epfid2d1_64",
    "SequenceVariant": "SK",
    "SeriesDescription": "EPI_Run1",
    "SliceTiming": [
      0,
      1.285,
      0.06,
      1.3425,
      0.1175,
      1.4025,
      0.175,
      1.46,
      0.235,
      1.5175,
      0.2925,
      1.5775,
      0.35,
      1.635,
      0.41,
      1.6925,
      0.4675,
      1.7525,
      0.5275,
      1.81,
      0.585,
      1.8675,
      0.6425,
      1.9275,
      0.7025,
      1.985,
      0.76,
      2.045,
      0.8175,
      2.1025,
      0.8775,
      2.16,
      0.935,
      2.22,
      0.9925,
      2.2775,
      1.0525,
      2.335,
      1.11,
      2.395,
      1.1675,
      2.4525,
      1.2275
    ],
    "SoftwareVersions": "syngo_MR_B17",
    "TaskName": "knowfilt",
    "TotalReadoutTime": 0.0308698,
    "dataset": "ds001353",
    "modality": "bold",
    "run_id": 1,
    "subject_id": "8114",
    "task_id": "knowfilt"
  },
  "dummy_trs": 0,
  "dvars_nstd": 22.728389214520117,
  "dvars_std": 1.0231044854489155,
  "dvars_vstd": 0.968862391702786,
  "efc": 0.6157889171849212,
  "fber": 530.0280151367188,
  "fd_mean": 0.05801967644367037,
  "fd_num": 10,
  "fd_perc": 3.0864197530864197,
  "fwhm_avg": 2.0597911111111107,
  "fwhm_x": 1.8884766666666666,
  "fwhm_y": 2.2806266666666666,
  "fwhm_z": 2.01027,
  "gcor": 0.0193521,
  "gsr_x": -0.0056597404181957245,
  "gsr_y": 0.07246154546737671,
  "provenance": {
    "md5sum": "60a596d40da5bef2cad917984b047510",
    "settings": {
      "fd_thres": 0.2,
      "testing": false
    },
    "software": "mriqc",
    "version": "22.0.6",
    "webapi_port": null,
    "webapi_url": "https://mriqc.nimh.nih.gov/api/v1"
  },
  "size_t": 324,
  "size_x": 64,
  "size_y": 64,
  "size_z": 43,
  "snr": 5.138111513982403,
  "spacing_tr": 2.5,
  "spacing_x": 3.0,
  "spacing_y": 3.0,
  "spacing_z": 3.0,
  "summary_bg_k": 27.76202750158438,
  "summary_bg_mad": 14.185392155398402,
  "summary_bg_mean": 70.22799682617188,
  "summary_bg_median": 36.956790924072266,
  "summary_bg_n": 91039.0,
  "summary_bg_p05": 25.11111068725586,
  "summary_bg_p95": 224.20216522216782,
  "summary_bg_stdv": 88.20842742919922,
  "summary_fg_k": 2.0096057893579653,
  "summary_fg_mad": 141.73492607563105,
  "summary_fg_mean": 890.33984375,
  "summary_fg_median": 871.302490234375,
  "summary_fg_n": 45764.0,
  "summary_fg_p05": 645.1052368164062,
  "summary_fg_p95": 1194.0267517089842,
  "summary_fg_stdv": 169.57455444335938,
  "tsnr": 50.79733569151722
}