{
  "bids_meta": {
    "AcquisitionNumber": 1,
    "AcquisitionTime": "09:31:25.352500",
    "ConversionSoftware": "dcm2niix",
    "ConversionSoftwareVersion": "v1.0.20170724 (OpenJPEG build) GCC6.1.0",
    "DeviceSerialNumber": "35002",
    "EchoTime": 0.00226,
    "FlipAngle": 9,
    "ImageType": [
      "ORIGINAL",
      "PRIMARY",
      "M",
      "ND",
      "NORM"
    ],
    "InstitutionAddress": "University_Pkwy_1700_North_685_Provo_UT_US_84601",
    "InstitutionName": "Brigham_Young_University",
    "InversionTime": 0.9,
    "MagneticFieldStrength": 3,
    "Manufacturer": "Siemens",
    "ManufacturersModelName": "TrioTim",
    "PhaseEncodingDirection": "i-",
    "PhaseEncodingLines": 215,
    "ProcedureStepDescription": "Research_KIRWAN",
    "ProtocolName": "t1_mpr_sag_iso_mprage",
    "RepetitionTime": 1.9,
    "ScanningSequence": "GR_IR",
    "SequenceName": "_tfl3d1_ns",
    "SequenceVariant": "SP_MP_OSP",
    "SeriesDescription": "t1_mpr_sag_iso_mprage",
    "SoftwareVersions": "syngo_MR_B17",
    "dataset": "ds001353",
    "modality": "T1w",
    "run_id": 1,
    "subject_id": "8107"
  },
  "cjv": 0.34433424828656456,
  "cnr": 4.052157834048253,
  "efc": 0.6313665815697383,
  "fber": 8388.851485945932,
  "fwhm_avg": 5.02557592,
  "fwhm_x": 4.75533,
  "fwhm_y": 5.398589439999999,
  "fwhm_z": 4.92280832,
  "icvs_csf": 0.21047600484252296,
  "icvs_gm": 0.43790212317556354,
  "icvs_wm": 0.3516218719819135,
  "inu_med": 0.44877801835536957,
  "inu_range": 0.2168631464242935,
  "provenance": {
    "md5sum": "d7a50dbbd4f8b5f0c035aa5482e18c4e",
    "settings": {
      "testing": false
    },
    "software": "mriqc",
    "version": "22.0.6",
    "warnings": {
      "large_rot_frame": true,
      "small_air_mask": false
    },
    "webapi_port": null,
    "webapi_url": "https://mriqc.nimh.nih.gov/api/v1"
  },
  "qi_1": 0.0,
  "qi_2": 0.004103114184225249,
  "rpve_csf": 17.26654072432961,
  "rpve_gm": 8.666670459677956,
  "rpve_wm": 12.205031784512608,
  "size_x": 176,
  "size_y": 224,
  "size_z": 256,
  "snr_csf": 3.058846223260852,
  "snr_gm": 14.48233324584797,
  "snr_total": 14.849430718267696,
  "snr_wm": 27.007112685694267,
  "snrd_csf": 23.264196310667533,
  "snrd_gm": 60.61338243345882,
  "snrd_total": 55.19505459457945,
  "snrd_wm": 81.70758503961201,
  "spacing_x": 1.0,
  "spacing_y": 0.9765625,
  "spacing_z": 0.9765625,
  "summary_bg_k": 5.546231340535597,
  "summary_bg_mad": 0.0,
  "summary_bg_mean": 5.149931035845378,
  "summary_bg_median": 0.0,
  "summary_bg_n": 1658783.0,
  "summary_bg_p05": 0.0,
  "summary_bg_p95": 21.54873952269554,
  "summary_bg_stdv": 8.018387701372626,
  "summary_csf_k": 1.7066197109775807,
  "summary_csf_mad": 72.77427575033846,
  "summary_csf_mean": 299.11466329060505,
  "summary_csf_median": 284.7366526722908,
  "summary_csf_n": 71855.0,
  "summary_csf_p05": 178.78528878092766,
  "summary_csf_p95": 481.52674838900566,
  "summary_csf_stdv": 93.08564424458659,
  "summary_gm_k": -0.10510438343098816,
  "summary_gm_mad": 52.3008487965088,
  "summary_gm_mean": 741.1450702873243,
  "summary_gm_median": 741.8632215261459,
  "summary_gm_n": 65430.0,
  "summary_gm_p05": 656.3200211524963,
  "summary_gm_p95": 824.1883681714535,
  "summary_gm_stdv": 51.225002199181276,
  "summary_wm_k": 0.16633307924293161,
  "summary_wm_mad": 36.5985154395893,
  "summary_wm_mean": 1001.0511340426833,
  "summary_wm_median": 1000.0407472252846,
  "summary_wm_n": 265802.0,
  "summary_wm_p05": 942.1565149724483,
  "summary_wm_p95": 1063.220510929823,
  "summary_wm_stdv": 37.02872194024368,
  "tpm_overlap_csf": 0.1581324067299205,
  "tpm_overlap_gm": 0.4689128731393612,
  "tpm_overlap_wm": 0.5056404762662491,
  "wm2max": 0.4785948222083593
}