{
  "bids_meta": {
    "AcquisitionNumber": 1,
    "AcquisitionTime": "19:26:51.657500",
    "ConversionSoftware": "dcm2niix",
    "ConversionSoftwareVersion": "v1.0.20170724 (OpenJPEG build) GCC6.1.0",
    "DeviceSerialNumber": "35002",
    "EchoTime": 0.00226,
    "FlipAngle": 9,
    "ImageType": [
      "ORIGINAL",
      "PRIMARY",
      "M",
      "ND",
      "NORM"
    ],
    "InstitutionAddress": "University_Pkwy_1700_North_685_Provo_UT_US_84601",
    "InstitutionName": "Brigham_Young_University",
    "InversionTime": 0.9,
    "MagneticFieldStrength": 3,
    "Manufacturer": "Siemens",
    "ManufacturersModelName": "TrioTim",
    "PhaseEncodingDirection": "i-",
    "PhaseEncodingLines": 215,
    "ProcedureStepDescription": "Research_KIRWAN",
    "ProtocolName": "t1_mpr_sag_iso_mprage",
    "RepetitionTime": 1.9,
    "ScanningSequence": "GR_IR",
    "SequenceName": "_tfl3d1_ns",
    "SequenceVariant": "SP_MP_OSP",
    "SeriesDescription": "t1_mpr_sag_iso_mprage",
    "SoftwareVersions": "syngo_MR_B17",
    "dataset": "ds001353",
    "modality": "T1w",
    "run_id": 1,
    "subject_id": "8135"
  },
  "cjv": 0.3341931230238037,
  "cnr": 4.1308884625897235,
  "efc": 0.5885665712914613,
  "fber": 12352.520133308984,
  "fwhm_avg": 4.61106544,
  "fwhm_x": 4.39378,
  "fwhm_y": 4.96121856,
  "fwhm_z": 4.47819776,
  "icvs_csf": 0.1946627724948271,
  "icvs_gm": 0.4357906570512075,
  "icvs_wm": 0.3695465704539654,
  "inu_med": 0.4223620593547821,
  "inu_range": 0.1763151884078979,
  "provenance": {
    "md5sum": "26cb4a540ca7ac833bfc848bf367ce26",
    "settings": {
      "testing": false
    },
    "software": "mriqc",
    "version": "22.0.6",
    "warnings": {
      "large_rot_frame": true,
      "small_air_mask": false
    },
    "webapi_port": null,
    "webapi_url": "https://mriqc.nimh.nih.gov/api/v1"
  },
  "qi_1": 0.0,
  "qi_2": 0.005365940435468964,
  "rpve_csf": 20.463985534075313,
  "rpve_gm": 9.80580192019368,
  "rpve_wm": 13.351313399086713,
  "size_x": 176,
  "size_y": 224,
  "size_z": 256,
  "snr_csf": 2.7746576018815508,
  "snr_gm": 13.983972340176992,
  "snr_total": 14.83705432441847,
  "snr_wm": 27.75253303119687,
  "snrd_csf": 24.995933997315444,
  "snrd_gm": 61.174061092072456,
  "snrd_total": 56.47397093873109,
  "snrd_wm": 83.25191772680536,
  "spacing_x": 1.0,
  "spacing_y": 0.9765625,
  "spacing_z": 0.9765625,
  "summary_bg_k": 7.217901744844154,
  "summary_bg_mad": 0.0,
  "summary_bg_mean": 5.227131736473519,
  "summary_bg_median": 0.0,
  "summary_bg_n": 2537894.0,
  "summary_bg_p05": 0.0,
  "summary_bg_p95": 20.832389295101166,
  "summary_bg_stdv": 7.869681210027245,
  "summary_csf_k": 3.841412213544965,
  "summary_csf_mad": 83.32545198443582,
  "summary_csf_mean": 311.3718102105093,
  "summary_csf_median": 300.2581326663494,
  "summary_csf_n": 37849.0,
  "summary_csf_p05": 132.96498906612396,
  "summary_csf_p95": 510.0131201863288,
  "summary_csf_stdv": 108.21305155270808,
  "summary_gm_k": -0.04679460594971774,
  "summary_gm_mad": 53.58074994647846,
  "summary_gm_mean": 733.9204572034389,
  "summary_gm_median": 734.8398884832859,
  "summary_gm_n": 47029.0,
  "summary_gm_p05": 646.9362632185221,
  "summary_gm_p95": 818.5317480862141,
  "summary_gm_stdv": 52.54816427986354,
  "summary_wm_k": 0.2777985708349435,
  "summary_wm_mad": 35.04906199506486,
  "summary_wm_mean": 1000.8592414613425,
  "summary_wm_median": 1000.0452617704868,
  "summary_wm_n": 245380.0,
  "summary_wm_p05": 943.1637814342976,
  "summary_wm_p95": 1061.0932199656963,
  "summary_wm_stdv": 36.034304432541155,
  "tpm_overlap_csf": 0.170260810129824,
  "tpm_overlap_gm": 0.47046478784844953,
  "tpm_overlap_wm": 0.5207819010309436,
  "wm2max": 0.4291956564940768
}