{
  "aor": 0.0005434567901234568,
  "aqi": 0.010279910061728396,
  "bids_meta": {
    "AcquisitionNumber": 1,
    "AcquisitionTime": "13:53:18.815000",
    "BandwidthPerPixelPhaseEncode": 31.888,
    "ConversionSoftware": "dcm2niix",
    "ConversionSoftwareVersion": "v1.0.20170724 (OpenJPEG build) GCC6.1.0",
    "DeviceSerialNumber": "35002",
    "EchoTime": 0.028,
    "EffectiveEchoSpacing": 0.000489996,
    "FlipAngle": 90,
    "ImageType": [
      "ORIGINAL",
      "PRIMARY",
      "M",
      "ND",
      "MOSAIC"
    ],
    "InstitutionAddress": "University_Pkwy_1700_North_685_Provo_UT_US_84601",
    "InstitutionName": "Brigham_Young_University",
    "MagneticFieldStrength": 3,
    "Manufacturer": "Siemens",
    "ManufacturersModelName": "TrioTim",
    "PhaseEncodingDirection": "j-",
    "PhaseEncodingLines": 64,
    "ProcedureStepDescription": "Research_KIRWAN",
    "ProtocolName": "EPI_Run1",
    "RepetitionTime": 2.5,
    "ScanningSequence": "EP",
    "SequenceName": "epfid2d1_64",
    "SequenceVariant": "SK",
    "SeriesDescription": "EPI_Run1",
    "SliceTiming": [
      0,
      1.285,
      0.06,
      1.3425,
      0.1175,
      1.4,
      0.175,
      1.46,
      0.235,
      1.5175,
      0.2925,
      1.5775,
      0.35,
      1.635,
      0.41,
      1.6925,
      0.4675,
      1.7525,
      0.525,
      1.81,
      0.585,
      1.8675,
      0.6425,
      1.9275,
      0.7,
      1.985,
      0.76,
      2.0425,
      0.8175,
      2.1025,
      0.875,
      2.16,
      0.935,
      2.2175,
      0.9925,
      2.2775,
      1.05,
      2.335,
      1.11,
      2.3925,
      1.1675,
      2.4525,
      1.225
    ],
    "SoftwareVersions": "syngo_MR_B17",
    "TaskName": "knowfilt",
    "TotalReadoutTime": 0.0308698,
    "dataset": "ds001353",
    "modality": "bold",
    "run_id": 1,
    "subject_id": "8120",
    "task_id": "knowfilt"
  },
  "dummy_trs": 0,
  "dvars_nstd": 28.9543953649226,
  "dvars_std": 1.1396673476780181,
  "dvars_vstd": 0.9853595713003097,
  "efc": 0.6346877525080001,
  "fber": 449.1446228027344,
  "fd_mean": 0.14663569399833223,
  "fd_num": 74,
  "fd_perc": 22.839506172839506,
  "fwhm_avg": 1.8138877777777778,
  "fwhm_x": 1.66894,
  "fwhm_y": 1.9436333333333333,
  "fwhm_z": 1.8290899999999999,
  "gcor": 0.0211375,
  "gsr_x": -0.0025102682411670685,
  "gsr_y": 0.08203532546758652,
  "provenance": {
    "md5sum": "f85936f7689e8d2427bc85816f17f523",
    "settings": {
      "fd_thres": 0.2,
      "testing": false
    },
    "software": "mriqc",
    "version": "22.0.6",
    "webapi_port": null,
    "webapi_url": "https://mriqc.nimh.nih.gov/api/v1"
  },
  "size_t": 324,
  "size_x": 64,
  "size_y": 64,
  "size_z": 43,
  "snr": 6.000745991108103,
  "spacing_tr": 2.5,
  "spacing_x": 3.0,
  "spacing_y": 3.0,
  "spacing_z": 3.0,
  "summary_bg_k": 14.857426537392815,
  "summary_bg_mad": 17.64022000267445,
  "summary_bg_mean": 84.03820037841797,
  "summary_bg_median": 39.00308609008789,
  "summary_bg_n": 90519.0,
  "summary_bg_p05": 25.725309371948242,
  "summary_bg_p95": 315.370361328125,
  "summary_bg_stdv": 112.32989501953125,
  "summary_fg_k": 1.76425154244279,
  "summary_fg_mad": 128.4144002961706,
  "summary_fg_mean": 858.673095703125,
  "summary_fg_median": 849.1141967773438,
  "summary_fg_n": 46671.0,
  "summary_fg_p05": 654.1712951660156,
  "summary_fg_p95": 1094.7638549804688,
  "summary_fg_stdv": 141.4999237060547,
  "tsnr": 53.841961649945006
}