{
  "aor": 0.001437993827160494,
  "aqi": 0.016432616574074074,
  "bids_meta": {
    "AcquisitionNumber": 1,
    "AcquisitionTime": "11:21:38.875000",
    "BandwidthPerPixelPhaseEncode": 31.888,
    "ConversionSoftware": "dcm2niix",
    "ConversionSoftwareVersion": "v1.0.20170724 (OpenJPEG build) GCC6.1.0",
    "DeviceSerialNumber": "35002",
    "EchoTime": 0.028,
    "EffectiveEchoSpacing": 0.000489996,
    "FlipAngle": 90,
    "ImageType": [
      "ORIGINAL",
      "PRIMARY",
      "M",
      "ND",
      "MOSAIC"
    ],
    "InstitutionAddress": "University_Pkwy_1700_North_685_Provo_UT_US_84601",
    "InstitutionName": "Brigham_Young_University",
    "MagneticFieldStrength": 3,
    "Manufacturer": "Siemens",
    "ManufacturersModelName": "TrioTim",
    "PhaseEncodingDirection": "j-",
    "PhaseEncodingLines": 64,
    "ProcedureStepDescription": "Research_KIRWAN",
    "ProtocolName": "EPI_Run1",
    "RepetitionTime": 2.5,
    "ScanningSequence": "EP",
    "SequenceName": "epfid2d1_64",
    "SequenceVariant": "SK",
    "SeriesDescription": "EPI_Run1",
    "SliceTiming": [
      0,
      1.2825,
      0.0575,
      1.3425,
      0.1175,
      1.4,
      0.175,
      1.46,
      0.2325,
      1.5175,
      0.2925,
      1.575,
      0.35,
      1.635,
      0.4075,
      1.6925,
      0.4675,
      1.75,
      0.525,
      1.81,
      0.5825,
      1.8675,
      0.6425,
      1.925,
      0.7,
      1.985,
      0.7575,
      2.0425,
      0.8175,
      2.1,
      0.875,
      2.16,
      0.9325,
      2.2175,
      0.9925,
      2.275,
      1.05,
      2.335,
      1.1075,
      2.3925,
      1.1675,
      2.45,
      1.225
    ],
    "SoftwareVersions": "syngo_MR_B17",
    "TaskName": "knowfilt",
    "TotalReadoutTime": 0.0308698,
    "dataset": "ds001353",
    "modality": "bold",
    "run_id": 1,
    "subject_id": "8108",
    "task_id": "knowfilt"
  },
  "dummy_trs": 0,
  "dvars_nstd": 23.98713390582044,
  "dvars_std": 0.9303679864086682,
  "dvars_vstd": 0.9193709960681107,
  "efc": 0.6276612457808458,
  "fber": 440.405517578125,
  "fd_mean": 0.1386654211512804,
  "fd_num": 55,
  "fd_perc": 16.97530864197531,
  "fwhm_avg": 2.0088944444444445,
  "fwhm_x": 1.8181533333333333,
  "fwhm_y": 2.2129600000000003,
  "fwhm_z": 1.99557,
  "gcor": 0.036523,
  "gsr_x": -0.01204918883740902,
  "gsr_y": 0.07305798679590225,
  "provenance": {
    "md5sum": "336f1f939b6194335d61e5f98f97af11",
    "settings": {
      "fd_thres": 0.2,
      "testing": false
    },
    "software": "mriqc",
    "version": "22.0.6",
    "webapi_port": null,
    "webapi_url": "https://mriqc.nimh.nih.gov/api/v1"
  },
  "size_t": 324,
  "size_x": 64,
  "size_y": 64,
  "size_z": 43,
  "snr": 5.6879809361836555,
  "spacing_tr": 2.5,
  "spacing_x": 3.0,
  "spacing_y": 3.0,
  "spacing_z": 3.0,
  "summary_bg_k": 22.034756225495908,
  "summary_bg_mad": 19.347044428263807,
  "summary_bg_mean": 77.1197738647461,
  "summary_bg_median": 40.450618743896484,
  "summary_bg_n": 91354.0,
  "summary_bg_p05": 25.43827247619629,
  "summary_bg_p95": 243.75539932250962,
  "summary_bg_stdv": 90.10769653320312,
  "summary_fg_k": 1.2156115638198406,
  "summary_fg_mad": 135.93491452807757,
  "summary_fg_mean": 873.037353515625,
  "summary_fg_median": 862.9413452148438,
  "summary_fg_n": 45964.0,
  "summary_fg_p05": 635.5663391113281,
  "summary_fg_p95": 1127.9805297851562,
  "summary_fg_stdv": 151.7114715576172,
  "tsnr": 40.99583457154222
}