{
  "bids_meta": {
    "AcquisitionNumber": 1,
    "AcquisitionTime": "13:41:1.812500",
    "ConversionSoftware": "dcm2niix",
    "ConversionSoftwareVersion": "v1.0.20170724 (OpenJPEG build) GCC6.1.0",
    "DeviceSerialNumber": "35002",
    "EchoTime": 0.00226,
    "FlipAngle": 9,
    "ImageType": [
      "ORIGINAL",
      "PRIMARY",
      "M",
      "ND",
      "NORM"
    ],
    "InstitutionAddress": "University_Pkwy_1700_North_685_Provo_UT_US_84601",
    "InstitutionName": "Brigham_Young_University",
    "InversionTime": 0.9,
    "MagneticFieldStrength": 3,
    "Manufacturer": "Siemens",
    "ManufacturersModelName": "TrioTim",
    "PhaseEncodingDirection": "i-",
    "PhaseEncodingLines": 215,
    "ProcedureStepDescription": "Research_KIRWAN",
    "ProtocolName": "t1_mpr_sag_iso_mprage",
    "RepetitionTime": 1.9,
    "ScanningSequence": "GR_IR",
    "SequenceName": "_tfl3d1_ns",
    "SequenceVariant": "SP_MP_OSP",
    "SeriesDescription": "t1_mpr_sag_iso_mprage",
    "SoftwareVersions": "syngo_MR_B17",
    "dataset": "ds001353",
    "modality": "T1w",
    "run_id": 1,
    "subject_id": "8126"
  },
  "cjv": 0.32474768448862507,
  "cnr": 4.196105290476608,
  "efc": 0.5938730470641721,
  "fber": 9847.788626981983,
  "fwhm_avg": 4.537650373333333,
  "fwhm_x": 4.26165,
  "fwhm_y": 4.94683136,
  "fwhm_z": 4.40446976,
  "icvs_csf": 0.17912447859194608,
  "icvs_gm": 0.4628221097214207,
  "icvs_wm": 0.3580534116866332,
  "inu_med": 0.4367237836122513,
  "inu_range": 0.2177797734737395,
  "provenance": {
    "md5sum": "24b25be0f702e9fc46b899f7ef7c2d76",
    "settings": {
      "testing": false
    },
    "software": "mriqc",
    "version": "22.0.6",
    "warnings": {
      "large_rot_frame": true,
      "small_air_mask": false
    },
    "webapi_port": null,
    "webapi_url": "https://mriqc.nimh.nih.gov/api/v1"
  },
  "qi_1": 0.0,
  "qi_2": 0.007856956914737326,
  "rpve_csf": 19.21237172068272,
  "rpve_gm": 8.363292888567697,
  "rpve_wm": 12.224648035507187,
  "size_x": 176,
  "size_y": 224,
  "size_z": 256,
  "snr_csf": 3.2348496998823,
  "snr_gm": 15.108840011546112,
  "snr_total": 15.139752582377959,
  "snr_wm": 27.075568035705466,
  "snrd_csf": 26.928651687838787,
  "snrd_gm": 60.684013727610335,
  "snrd_total": 56.526499527978395,
  "snrd_wm": 81.96683316848608,
  "spacing_x": 1.0,
  "spacing_y": 0.9765625,
  "spacing_z": 0.9765625,
  "summary_bg_k": 4.79698945979014,
  "summary_bg_mad": 0.0,
  "summary_bg_mean": 5.26031457097597,
  "summary_bg_median": 0.0,
  "summary_bg_n": 2298398.0,
  "summary_bg_p05": 0.0,
  "summary_bg_p95": 21.658269837498665,
  "summary_bg_stdv": 7.993077330569437,
  "summary_csf_k": 1.4147454954320606,
  "summary_csf_mad": 80.4161085747802,
  "summary_csf_mean": 329.89548624998235,
  "summary_csf_median": 328.54653679579496,
  "summary_csf_n": 33295.0,
  "summary_csf_p05": 168.22825680300593,
  "summary_csf_p95": 512.8913713496178,
  "summary_csf_stdv": 101.56317398570233,
  "summary_gm_k": 0.04771814209772707,
  "summary_gm_mad": 48.445120964320715,
  "summary_gm_mean": 740.2122193263976,
  "summary_gm_median": 740.383246075362,
  "summary_gm_n": 62675.0,
  "summary_gm_p05": 659.3059837706387,
  "summary_gm_p95": 820.6130108647048,
  "summary_gm_stdv": 49.002924047002764,
  "summary_wm_k": 0.35142302357084,
  "summary_wm_mad": 35.880103999511306,
  "summary_wm_mean": 1001.1213635024743,
  "summary_wm_median": 1000.0470681488514,
  "summary_wm_n": 260057.0,
  "summary_wm_p05": 942.5584866888821,
  "summary_wm_p95": 1063.3268826305866,
  "summary_wm_stdv": 36.93533388043036,
  "tpm_overlap_csf": 0.16690598449557126,
  "tpm_overlap_gm": 0.4708394925107052,
  "tpm_overlap_wm": 0.5220167324215975,
  "wm2max": 0.42519968770644406
}