{
  "bids_meta": {
    "AcquisitionNumber": 1,
    "AcquisitionTime": "15:51:57.220000",
    "ConversionSoftware": "dcm2niix",
    "ConversionSoftwareVersion": "v1.0.20170724 (OpenJPEG build) GCC6.1.0",
    "DeviceSerialNumber": "35002",
    "EchoTime": 0.00226,
    "FlipAngle": 9,
    "ImageType": [
      "ORIGINAL",
      "PRIMARY",
      "M",
      "ND",
      "NORM"
    ],
    "InstitutionAddress": "University_Pkwy_1700_North_685_Provo_UT_US_84601",
    "InstitutionName": "Brigham_Young_University",
    "InversionTime": 0.9,
    "MagneticFieldStrength": 3,
    "Manufacturer": "Siemens",
    "ManufacturersModelName": "TrioTim",
    "PhaseEncodingDirection": "i-",
    "PhaseEncodingLines": 215,
    "ProcedureStepDescription": "Research_KIRWAN",
    "ProtocolName": "t1_mpr_sag_iso_mprage",
    "RepetitionTime": 1.9,
    "ScanningSequence": "GR_IR",
    "SequenceName": "_tfl3d1_ns",
    "SequenceVariant": "SP_MP_OSP",
    "SeriesDescription": "t1_mpr_sag_iso_mprage",
    "SoftwareVersions": "syngo_MR_B17",
    "dataset": "ds001353",
    "modality": "T1w",
    "run_id": 1,
    "subject_id": "8133"
  },
  "cjv": 0.31873871224175054,
  "cnr": 4.297000971263839,
  "efc": 0.5978357321492203,
  "fber": 17125.361717026717,
  "fwhm_avg": 4.85573528,
  "fwhm_x": 4.62349,
  "fwhm_y": 5.22637312,
  "fwhm_z": 4.7173427199999995,
  "icvs_csf": 0.1984007868580397,
  "icvs_gm": 0.44201874528020674,
  "icvs_wm": 0.35958046786175357,
  "inu_med": 0.45360031723976135,
  "inu_range": 0.21458837389945973,
  "provenance": {
    "md5sum": "21b583dc37346c3ff6b108efc9ef6f56",
    "settings": {
      "testing": false
    },
    "software": "mriqc",
    "version": "22.0.6",
    "warnings": {
      "large_rot_frame": true,
      "small_air_mask": false
    },
    "webapi_port": null,
    "webapi_url": "https://mriqc.nimh.nih.gov/api/v1"
  },
  "qi_1": 0.0,
  "qi_2": 0.0076098310405953275,
  "rpve_csf": 18.148518879764897,
  "rpve_gm": 8.789237632318187,
  "rpve_wm": 12.481567493463784,
  "size_x": 176,
  "size_y": 224,
  "size_z": 256,
  "snr_csf": 2.625104390177282,
  "snr_gm": 13.712506973948209,
  "snr_total": 14.791196147442548,
  "snr_wm": 28.03597707820215,
  "snrd_csf": 28.5919508621664,
  "snrd_gm": 71.11387999143328,
  "snrd_total": 65.9510062041025,
  "snrd_wm": 98.1471877587078,
  "spacing_x": 1.0,
  "spacing_y": 0.9765625,
  "spacing_z": 0.9765625,
  "summary_bg_k": 6.66910624238429,
  "summary_bg_mad": 0.0,
  "summary_bg_mean": 3.8529636990975806,
  "summary_bg_median": 0.0,
  "summary_bg_n": 1876283.0,
  "summary_bg_p05": 0.0,
  "summary_bg_p95": 16.717031598091125,
  "summary_bg_stdv": 6.675254353587871,
  "summary_csf_k": 0.41555791625296123,
  "summary_csf_mad": 91.70342009638516,
  "summary_csf_mean": 300.4029627801304,
  "summary_csf_median": 291.3264237344265,
  "summary_csf_n": 37595.0,
  "summary_csf_p05": 111.875519156456,
  "summary_csf_p95": 502.74222161620844,
  "summary_csf_stdv": 110.97560548903125,
  "summary_gm_k": 0.01887062567034592,
  "summary_gm_mad": 52.858156386118054,
  "summary_gm_mean": 723.7057545079459,
  "summary_gm_median": 724.5868753641844,
  "summary_gm_n": 60814.0,
  "summary_gm_p05": 635.4400895535946,
  "summary_gm_p95": 808.536914717406,
  "summary_gm_stdv": 52.84087871856091,
  "summary_wm_k": 0.23621777823306855,
  "summary_wm_mad": 34.936905889111394,
  "summary_wm_mean": 1000.9027829306195,
  "summary_wm_median": 1000.0321190804243,
  "summary_wm_n": 269722.0,
  "summary_wm_p05": 943.8693225383759,
  "summary_wm_p95": 1060.952840000391,
  "summary_wm_stdv": 35.66953498603569,
  "tpm_overlap_csf": 0.16745495582299202,
  "tpm_overlap_gm": 0.4797602970595922,
  "tpm_overlap_wm": 0.5237619704493,
  "wm2max": 0.5904255456959152
}