{
  "bids_meta": {
    "AcquisitionNumber": 1,
    "AcquisitionTime": "12:34:29.385000",
    "ConversionSoftware": "dcm2niix",
    "ConversionSoftwareVersion": "v1.0.20170724 (OpenJPEG build) GCC6.1.0",
    "DeviceSerialNumber": "35002",
    "EchoTime": 0.00226,
    "FlipAngle": 9,
    "ImageType": [
      "ORIGINAL",
      "PRIMARY",
      "M",
      "ND",
      "NORM"
    ],
    "InstitutionAddress": "University_Pkwy_1700_North_685_Provo_UT_US_84601",
    "InstitutionName": "Brigham_Young_University",
    "InversionTime": 0.9,
    "MagneticFieldStrength": 3,
    "Manufacturer": "Siemens",
    "ManufacturersModelName": "TrioTim",
    "PhaseEncodingDirection": "i-",
    "PhaseEncodingLines": 215,
    "ProcedureStepDescription": "Research_KIRWAN",
    "ProtocolName": "t1_mpr_sag_iso_mprage",
    "RepetitionTime": 1.9,
    "ScanningSequence": "GR_IR",
    "SequenceName": "_tfl3d1_ns",
    "SequenceVariant": "SP_MP_OSP",
    "SeriesDescription": "t1_mpr_sag_iso_mprage",
    "SoftwareVersions": "syngo_MR_B17",
    "dataset": "ds001353",
    "modality": "T1w",
    "run_id": 1,
    "subject_id": "8119"
  },
  "cjv": 0.3426058980642423,
  "cnr": 4.055664693517379,
  "efc": 0.5723746392328946,
  "fber": 19028.295921739704,
  "fwhm_avg": 4.7135016,
  "fwhm_x": 4.41998,
  "fwhm_y": 5.174999039999999,
  "fwhm_z": 4.54552576,
  "icvs_csf": 0.19418402671572446,
  "icvs_gm": 0.4307607765877006,
  "icvs_wm": 0.37505519669657494,
  "inu_med": 0.3889392614364624,
  "inu_range": 0.157907235622406,
  "provenance": {
    "md5sum": "40180e5e4e32e657b6a5a284f58e35ff",
    "settings": {
      "testing": false
    },
    "software": "mriqc",
    "version": "22.0.6",
    "warnings": {
      "large_rot_frame": true,
      "small_air_mask": false
    },
    "webapi_port": null,
    "webapi_url": "https://mriqc.nimh.nih.gov/api/v1"
  },
  "qi_1": 0.0,
  "qi_2": 0.011353955848581017,
  "rpve_csf": 20.113452787658577,
  "rpve_gm": 9.742477025824211,
  "rpve_wm": 13.12171689689309,
  "size_x": 176,
  "size_y": 224,
  "size_z": 256,
  "snr_csf": 2.651998741188561,
  "snr_gm": 12.63038897499438,
  "snr_total": 14.425851360073764,
  "snr_wm": 27.995166364038354,
  "snrd_csf": 27.27258309791099,
  "snrd_gm": 70.31982357495787,
  "snrd_total": 64.88130260528648,
  "snrd_wm": 97.05150114299056,
  "spacing_x": 1.0,
  "spacing_y": 0.9765625,
  "spacing_z": 0.9765625,
  "summary_bg_k": 9.084884833405212,
  "summary_bg_mad": 0.0,
  "summary_bg_mean": 4.2056790867597025,
  "summary_bg_median": 0.0,
  "summary_bg_n": 2871681.0,
  "summary_bg_p05": 0.0,
  "summary_bg_p95": 17.305690202862024,
  "summary_bg_stdv": 6.7503993375840645,
  "summary_csf_k": 1.2143151966173527,
  "summary_csf_mad": 90.15476559379078,
  "summary_csf_mean": 285.4461427213273,
  "summary_csf_median": 281.01144567504525,
  "summary_csf_n": 34638.0,
  "summary_csf_p05": 101.52888448964805,
  "summary_csf_p95": 470.9468172335998,
  "summary_csf_stdv": 105.96060430850571,
  "summary_gm_k": -0.08190090813080886,
  "summary_gm_mad": 58.80637170864599,
  "summary_gm_mean": 725.6734622389431,
  "summary_gm_median": 724.5619240198284,
  "summary_gm_n": 47608.0,
  "summary_gm_p05": 633.8480115905404,
  "summary_gm_p95": 821.115964734368,
  "summary_gm_stdv": 57.36595410867349,
  "summary_wm_k": 0.12571100220185683,
  "summary_wm_mad": 35.560331935354,
  "summary_wm_mean": 1000.9385221681156,
  "summary_wm_median": 999.9999832510948,
  "summary_wm_n": 272868.0,
  "summary_wm_p05": 944.0058828704059,
  "summary_wm_p95": 1060.8951938897371,
  "summary_wm_stdv": 35.72038607872641,
  "tpm_overlap_csf": 0.15726363153847217,
  "tpm_overlap_gm": 0.46501029985229037,
  "tpm_overlap_wm": 0.5275834874179797,
  "wm2max": 0.4649631201219389
}