{
  "aor": 0.002176340694006309,
  "aqi": 0.013785818044164035,
  "bids_meta": {
    "AcquisitionNumber": 1,
    "AcquisitionTime": "17:16:1.640000",
    "BandwidthPerPixelPhaseEncode": 31.888,
    "ConversionSoftware": "dcm2niix",
    "ConversionSoftwareVersion": "v1.0.20170724 (OpenJPEG build) GCC6.1.0",
    "DeviceSerialNumber": "35002",
    "EchoTime": 0.028,
    "EffectiveEchoSpacing": 0.000489996,
    "FlipAngle": 90,
    "ImageType": [
      "ORIGINAL",
      "PRIMARY",
      "M",
      "ND",
      "MOSAIC"
    ],
    "InstitutionAddress": "University_Pkwy_1700_North_685_Provo_UT_US_84601",
    "InstitutionName": "Brigham_Young_University",
    "MagneticFieldStrength": 3,
    "Manufacturer": "Siemens",
    "ManufacturersModelName": "TrioTim",
    "PhaseEncodingDirection": "j-",
    "PhaseEncodingLines": 64,
    "ProcedureStepDescription": "Research_KIRWAN",
    "ProtocolName": "EPI_Run2",
    "RepetitionTime": 2.5,
    "ScanningSequence": "EP",
    "SequenceName": "epfid2d1_64",
    "SequenceVariant": "SK",
    "SeriesDescription": "EPI_Run2",
    "SliceTiming": [
      0,
      1.285,
      0.06,
      1.3425,
      0.1175,
      1.4025,
      0.175,
      1.46,
      0.235,
      1.5175,
      0.2925,
      1.5775,
      0.35,
      1.635,
      0.41,
      1.6925,
      0.4675,
      1.7525,
      0.5275,
      1.81,
      0.585,
      1.8675,
      0.6425,
      1.9275,
      0.7025,
      1.985,
      0.76,
      2.045,
      0.8175,
      2.1025,
      0.8775,
      2.16,
      0.935,
      2.22,
      0.9925,
      2.2775,
      1.0525,
      2.335,
      1.11,
      2.395,
      1.1675,
      2.4525,
      1.2275
    ],
    "SoftwareVersions": "syngo_MR_B17",
    "TaskName": "knowfilt",
    "TotalReadoutTime": 0.0308698,
    "dataset": "ds001353",
    "modality": "bold",
    "run_id": 2,
    "subject_id": "8116",
    "task_id": "knowfilt"
  },
  "dummy_trs": 7,
  "dvars_nstd": 29.92640958863921,
  "dvars_std": 1.02808499386076,
  "dvars_vstd": 0.982493059240507,
  "efc": 0.6180479600959257,
  "fber": 471.67620849609375,
  "fd_mean": 0.34511834846971107,
  "fd_num": 199,
  "fd_perc": 62.77602523659306,
  "fwhm_avg": 2.0205155555555554,
  "fwhm_x": 1.8648133333333332,
  "fwhm_y": 2.2099766666666665,
  "fwhm_z": 1.9867566666666667,
  "gcor": 0.0171416,
  "gsr_x": 0.0036428002640604973,
  "gsr_y": 0.06495075672864914,
  "provenance": {
    "md5sum": "5ed16659120ab34e01cfc0368f1087de",
    "settings": {
      "fd_thres": 0.2,
      "testing": false
    },
    "software": "mriqc",
    "version": "22.0.6",
    "webapi_port": null,
    "webapi_url": "https://mriqc.nimh.nih.gov/api/v1"
  },
  "size_t": 317,
  "size_x": 64,
  "size_y": 64,
  "size_z": 43,
  "snr": 5.464273865890451,
  "spacing_tr": 2.5,
  "spacing_x": 3.0,
  "spacing_y": 3.0,
  "spacing_z": 3.0,
  "summary_bg_k": 16.52444327491403,
  "summary_bg_mad": 16.079456305516857,
  "summary_bg_mean": 78.55533599853516,
  "summary_bg_median": 37.44164276123047,
  "summary_bg_n": 94873.0,
  "summary_bg_p05": 24.343849182128906,
  "summary_bg_p95": 288.37982177734335,
  "summary_bg_stdv": 100.1488265991211,
  "summary_fg_k": 1.0053170143139916,
  "summary_fg_mad": 139.92121780747263,
  "summary_fg_mean": 835.0363159179688,
  "summary_fg_median": 828.3690795898438,
  "summary_fg_n": 42229.0,
  "summary_fg_p05": 590.8359741210937,
  "summary_fg_p95": 1084.3968505859375,
  "summary_fg_stdv": 151.59548950195312,
  "tsnr": 38.523354647448286
}