{
  "aor": 0.002446851851851852,
  "aqi": 0.009523554413580246,
  "bids_meta": {
    "AcquisitionNumber": 1,
    "AcquisitionTime": "17:01:37.320000",
    "BandwidthPerPixelPhaseEncode": 31.888,
    "ConversionSoftware": "dcm2niix",
    "ConversionSoftwareVersion": "v1.0.20170724 (OpenJPEG build) GCC6.1.0",
    "DeviceSerialNumber": "35002",
    "EchoTime": 0.028,
    "EffectiveEchoSpacing": 0.000489996,
    "FlipAngle": 90,
    "ImageType": [
      "ORIGINAL",
      "PRIMARY",
      "M",
      "ND",
      "MOSAIC"
    ],
    "InstitutionAddress": "University_Pkwy_1700_North_685_Provo_UT_US_84601",
    "InstitutionName": "Brigham_Young_University",
    "MagneticFieldStrength": 3,
    "Manufacturer": "Siemens",
    "ManufacturersModelName": "TrioTim",
    "PhaseEncodingDirection": "j-",
    "PhaseEncodingLines": 64,
    "ProcedureStepDescription": "Research_KIRWAN",
    "ProtocolName": "EPI_Run1",
    "RepetitionTime": 2.5,
    "ScanningSequence": "EP",
    "SequenceName": "epfid2d1_64",
    "SequenceVariant": "SK",
    "SeriesDescription": "EPI_Run1",
    "SliceTiming": [
      0,
      1.285,
      0.06,
      1.3425,
      0.1175,
      1.4025,
      0.175,
      1.46,
      0.235,
      1.5175,
      0.2925,
      1.5775,
      0.35,
      1.635,
      0.41,
      1.6925,
      0.4675,
      1.7525,
      0.5275,
      1.81,
      0.585,
      1.8675,
      0.6425,
      1.9275,
      0.7025,
      1.985,
      0.76,
      2.0425,
      0.8175,
      2.1025,
      0.8775,
      2.16,
      0.935,
      2.22,
      0.9925,
      2.2775,
      1.0525,
      2.335,
      1.11,
      2.395,
      1.1675,
      2.4525,
      1.2275
    ],
    "SoftwareVersions": "syngo_MR_B17",
    "TaskName": "knowfilt",
    "TotalReadoutTime": 0.0308698,
    "dataset": "ds001353",
    "modality": "bold",
    "run_id": 1,
    "subject_id": "8116",
    "task_id": "knowfilt"
  },
  "dummy_trs": 0,
  "dvars_nstd": 25.115642878266257,
  "dvars_std": 1.0343275937770893,
  "dvars_vstd": 1.0054448838699688,
  "efc": 0.619773956340427,
  "fber": 472.72320556640625,
  "fd_mean": 0.179266092061435,
  "fd_num": 76,
  "fd_perc": 23.45679012345679,
  "fwhm_avg": 2.043728888888889,
  "fwhm_x": 1.86316,
  "fwhm_y": 2.23123,
  "fwhm_z": 2.0367966666666666,
  "gcor": 0.0318,
  "gsr_x": 0.003697591368108988,
  "gsr_y": 0.06371650099754333,
  "provenance": {
    "md5sum": "811b30578a76ae865768d4bba5238250",
    "settings": {
      "fd_thres": 0.2,
      "testing": false
    },
    "software": "mriqc",
    "version": "22.0.6",
    "webapi_port": null,
    "webapi_url": "https://mriqc.nimh.nih.gov/api/v1"
  },
  "size_t": 324,
  "size_x": 64,
  "size_y": 64,
  "size_z": 43,
  "snr": 5.424446777412736,
  "spacing_tr": 2.5,
  "spacing_x": 3.0,
  "spacing_y": 3.0,
  "spacing_z": 3.0,
  "summary_bg_k": 17.230657575702182,
  "summary_bg_mad": 14.427916138525415,
  "summary_bg_mean": 77.80133056640625,
  "summary_bg_median": 36.86111068725586,
  "summary_bg_n": 94205.0,
  "summary_bg_p05": 25.9135799407959,
  "summary_bg_p95": 284.13456420898444,
  "summary_bg_stdv": 99.88695526123047,
  "summary_fg_k": 1.0225545341943327,
  "summary_fg_mad": 140.6961815159249,
  "summary_fg_mean": 833.9802856445312,
  "summary_fg_median": 827.947509765625,
  "summary_fg_n": 42669.0,
  "summary_fg_p05": 587.1327026367187,
  "summary_fg_p95": 1082.50927734375,
  "summary_fg_stdv": 152.63082885742188,
  "tsnr": 46.131032198667526
}