{
  "bids_meta": {
    "AcquisitionNumber": 1,
    "AcquisitionTime": "15:38:13.740000",
    "ConversionSoftware": "dcm2niix",
    "ConversionSoftwareVersion": "v1.0.20170724 (OpenJPEG build) GCC6.1.0",
    "DeviceSerialNumber": "35002",
    "EchoTime": 0.00226,
    "FlipAngle": 9,
    "ImageType": [
      "ORIGINAL",
      "PRIMARY",
      "M",
      "ND",
      "NORM"
    ],
    "InstitutionAddress": "University_Pkwy_1700_North_685_Provo_UT_US_84601",
    "InstitutionName": "Brigham_Young_University",
    "InversionTime": 0.9,
    "MagneticFieldStrength": 3,
    "Manufacturer": "Siemens",
    "ManufacturersModelName": "TrioTim",
    "PhaseEncodingDirection": "i-",
    "PhaseEncodingLines": 215,
    "ProcedureStepDescription": "Research_KIRWAN",
    "ProtocolName": "t1_mpr_sag_iso_mprage",
    "RepetitionTime": 1.9,
    "ScanningSequence": "GR_IR",
    "SequenceName": "_tfl3d1_ns",
    "SequenceVariant": "SP_MP_OSP",
    "SeriesDescription": "t1_mpr_sag_iso_mprage",
    "SoftwareVersions": "syngo_MR_B17",
    "dataset": "ds001353",
    "modality": "T1w",
    "run_id": 1,
    "subject_id": "8115"
  },
  "cjv": 0.31392293925370135,
  "cnr": 4.392481668299004,
  "efc": 0.519766099451899,
  "fber": 17119.65650969529,
  "fwhm_avg": 4.698860533333333,
  "fwhm_x": 4.46494,
  "fwhm_y": 4.9193472,
  "fwhm_z": 4.712294399999999,
  "icvs_csf": 0.20503962590167127,
  "icvs_gm": 0.4578868990648686,
  "icvs_wm": 0.33707347503346013,
  "inu_med": 0.43852099776268005,
  "inu_range": 0.17783188819885248,
  "provenance": {
    "md5sum": "4e951bb4e896a486216c2abef31b4e18",
    "settings": {
      "testing": false
    },
    "software": "mriqc",
    "version": "22.0.6",
    "warnings": {
      "large_rot_frame": true,
      "small_air_mask": false
    },
    "webapi_port": null,
    "webapi_url": "https://mriqc.nimh.nih.gov/api/v1"
  },
  "qi_1": 0.0,
  "qi_2": 0.01406951585825718,
  "rpve_csf": 20.301778412409945,
  "rpve_gm": 9.770801827347196,
  "rpve_wm": 14.70625248026809,
  "size_x": 176,
  "size_y": 224,
  "size_z": 256,
  "snr_csf": 3.2969173407331933,
  "snr_gm": 14.612297831435576,
  "snr_total": 14.96954923399286,
  "snr_wm": 26.99943252980981,
  "snrd_csf": 28.705054593256513,
  "snrd_gm": 75.72045461645392,
  "snrd_total": 69.55901613052765,
  "snrd_wm": 104.25153918187252,
  "spacing_x": 1.0,
  "spacing_y": 0.9765625,
  "spacing_z": 0.9765625,
  "summary_bg_k": 5.9356615918193665,
  "summary_bg_mad": 0.0,
  "summary_bg_mean": 3.9498320276117296,
  "summary_bg_median": 0.0,
  "summary_bg_n": 2830570.0,
  "summary_bg_p05": 0.0,
  "summary_bg_p95": 16.771662801504135,
  "summary_bg_stdv": 6.284451188664167,
  "summary_csf_k": 2.370800527847174,
  "summary_csf_mad": 51.58705854295178,
  "summary_csf_mean": 288.4260593273632,
  "summary_csf_median": 275.3556579351425,
  "summary_csf_n": 55561.0,
  "summary_csf_p05": 178.35536934435368,
  "summary_csf_p95": 452.0839256644249,
  "summary_csf_stdv": 83.5183753514051,
  "summary_gm_k": 0.00919022502117084,
  "summary_gm_mad": 50.16439385891354,
  "summary_gm_mean": 725.2823241856073,
  "summary_gm_median": 726.3548491895199,
  "summary_gm_n": 56768.0,
  "summary_gm_p05": 642.7885790616274,
  "summary_gm_p95": 804.9146528095007,
  "summary_gm_stdv": 49.70802401972232,
  "summary_wm_k": 0.29232364428494373,
  "summary_wm_mad": 35.75218205974356,
  "summary_wm_mean": 1001.0150048155746,
  "summary_wm_median": 1000.0416849553585,
  "summary_wm_n": 202850.0,
  "summary_wm_p05": 941.8832323551178,
  "summary_wm_p95": 1063.707250714302,
  "summary_wm_stdv": 37.039268098317066,
  "tpm_overlap_csf": 0.1562335842642669,
  "tpm_overlap_gm": 0.4794979340501035,
  "tpm_overlap_wm": 0.5099658999982015,
  "wm2max": 0.4447866990777681
}