{
  "aor": 0.006948919753086419,
  "aqi": 0.012034065740740741,
  "bids_meta": {
    "AcquisitionNumber": 1,
    "AcquisitionTime": "15:07:8.077500",
    "BandwidthPerPixelPhaseEncode": 31.888,
    "ConversionSoftware": "dcm2niix",
    "ConversionSoftwareVersion": "v1.0.20170724 (OpenJPEG build) GCC6.1.0",
    "DeviceSerialNumber": "35002",
    "EchoTime": 0.028,
    "EffectiveEchoSpacing": 0.000489996,
    "FlipAngle": 90,
    "ImageType": [
      "ORIGINAL",
      "PRIMARY",
      "M",
      "ND",
      "MOSAIC"
    ],
    "InstitutionAddress": "University_Pkwy_1700_North_685_Provo_UT_US_84601",
    "InstitutionName": "Brigham_Young_University",
    "MagneticFieldStrength": 3,
    "Manufacturer": "Siemens",
    "ManufacturersModelName": "TrioTim",
    "PhaseEncodingDirection": "j-",
    "PhaseEncodingLines": 64,
    "ProcedureStepDescription": "Research_KIRWAN",
    "ProtocolName": "EPI_Run1",
    "RepetitionTime": 2.5,
    "ScanningSequence": "EP",
    "SequenceName": "epfid2d1_64",
    "SequenceVariant": "SK",
    "SeriesDescription": "EPI_Run1",
    "SliceTiming": [
      0,
      1.285,
      0.06,
      1.3425,
      0.1175,
      1.4,
      0.175,
      1.46,
      0.235,
      1.5175,
      0.2925,
      1.575,
      0.35,
      1.635,
      0.41,
      1.6925,
      0.4675,
      1.7525,
      0.525,
      1.81,
      0.585,
      1.8675,
      0.6425,
      1.9275,
      0.7,
      1.985,
      0.76,
      2.0425,
      0.8175,
      2.1025,
      0.875,
      2.16,
      0.935,
      2.2175,
      0.9925,
      2.2775,
      1.05,
      2.335,
      1.11,
      2.3925,
      1.1675,
      2.4525,
      1.225
    ],
    "SoftwareVersions": "syngo_MR_B17",
    "TaskName": "knowfilt",
    "TotalReadoutTime": 0.0308698,
    "dataset": "ds001353",
    "modality": "bold",
    "run_id": 1,
    "subject_id": "8121",
    "task_id": "knowfilt"
  },
  "dummy_trs": 0,
  "dvars_nstd": 31.695620982476804,
  "dvars_std": 1.1244428478637776,
  "dvars_vstd": 1.0269628097213621,
  "efc": 0.6451572937660826,
  "fber": 388.9561767578125,
  "fd_mean": 0.17820409114829872,
  "fd_num": 62,
  "fd_perc": 19.135802469135804,
  "fwhm_avg": 2.0745454415695845,
  "fwhm_x": 1.9208100000000001,
  "fwhm_y": 2.242803155091353,
  "fwhm_z": 2.0600231696174007,
  "gcor": 0.0527559,
  "gsr_x": -0.015623416751623154,
  "gsr_y": 0.08216506242752075,
  "provenance": {
    "md5sum": "0a7831d4c96397d1b453eee37f5819fa",
    "settings": {
      "fd_thres": 0.2,
      "testing": false
    },
    "software": "mriqc",
    "version": "22.0.6",
    "webapi_port": null,
    "webapi_url": "https://mriqc.nimh.nih.gov/api/v1"
  },
  "size_t": 324,
  "size_x": 64,
  "size_y": 64,
  "size_z": 43,
  "snr": 4.737922314273245,
  "spacing_tr": 2.5,
  "spacing_x": 3.0,
  "spacing_y": 3.000000238418579,
  "spacing_z": 3.000000238418579,
  "summary_bg_k": 23.7046416655749,
  "summary_bg_mad": 19.374497092328696,
  "summary_bg_mean": 84.64970397949219,
  "summary_bg_median": 41.654319763183594,
  "summary_bg_n": 86011.0,
  "summary_bg_p05": 26.657407760620117,
  "summary_bg_p95": 293.3148193359375,
  "summary_bg_stdv": 104.34143829345703,
  "summary_fg_k": 1.6338606408701946,
  "summary_fg_mad": 152.47008279480013,
  "summary_fg_mean": 872.36474609375,
  "summary_fg_median": 850.5308837890625,
  "summary_fg_n": 49762.0,
  "summary_fg_p05": 614.3087829589844,
  "summary_fg_p95": 1193.8362731933594,
  "summary_fg_stdv": 179.51377868652344,
  "tsnr": 40.062856474891305
}