{
  "aor": 0.0006733641975308641,
  "aqi": 0.007034334475308642,
  "bids_meta": {
    "AcquisitionNumber": 1,
    "AcquisitionTime": "09:58:46.815000",
    "BandwidthPerPixelPhaseEncode": 31.888,
    "ConversionSoftware": "dcm2niix",
    "ConversionSoftwareVersion": "v1.0.20170724 (OpenJPEG build) GCC6.1.0",
    "DeviceSerialNumber": "35002",
    "EchoTime": 0.028,
    "EffectiveEchoSpacing": 0.000489996,
    "FlipAngle": 90,
    "ImageType": [
      "ORIGINAL",
      "PRIMARY",
      "M",
      "ND",
      "MOSAIC"
    ],
    "InstitutionAddress": "University_Pkwy_1700_North_685_Provo_UT_US_84601",
    "InstitutionName": "Brigham_Young_University",
    "MagneticFieldStrength": 3,
    "Manufacturer": "Siemens",
    "ManufacturersModelName": "TrioTim",
    "PhaseEncodingDirection": "j-",
    "PhaseEncodingLines": 64,
    "ProcedureStepDescription": "Research_KIRWAN",
    "ProtocolName": "EPI_Run2",
    "RepetitionTime": 2.5,
    "ScanningSequence": "EP",
    "SequenceName": "epfid2d1_64",
    "SequenceVariant": "SK",
    "SeriesDescription": "EPI_Run2",
    "SliceTiming": [
      0,
      1.285,
      0.0575,
      1.3425,
      0.1175,
      1.4,
      0.175,
      1.46,
      0.2325,
      1.5175,
      0.2925,
      1.575,
      0.35,
      1.635,
      0.41,
      1.6925,
      0.4675,
      1.75,
      0.525,
      1.81,
      0.585,
      1.8675,
      0.6425,
      1.925,
      0.7,
      1.985,
      0.76,
      2.0425,
      0.8175,
      2.1025,
      0.875,
      2.16,
      0.935,
      2.2175,
      0.9925,
      2.2775,
      1.05,
      2.335,
      1.11,
      2.3925,
      1.1675,
      2.4525,
      1.225
    ],
    "SoftwareVersions": "syngo_MR_B17",
    "TaskName": "knowfilt",
    "TotalReadoutTime": 0.0308698,
    "dataset": "ds001353",
    "modality": "bold",
    "run_id": 2,
    "subject_id": "8107",
    "task_id": "knowfilt"
  },
  "dummy_trs": 0,
  "dvars_nstd": 24.657933078792574,
  "dvars_std": 1.0762901787925698,
  "dvars_vstd": 0.9985404524148603,
  "efc": 0.6358414989791558,
  "fber": 419.9183654785156,
  "fd_mean": 0.07815698213993122,
  "fd_num": 7,
  "fd_perc": 2.1604938271604937,
  "fwhm_avg": 1.8863011111111112,
  "fwhm_x": 1.7591833333333333,
  "fwhm_y": 2.0241333333333333,
  "fwhm_z": 1.8755866666666667,
  "gcor": 0.0796338,
  "gsr_x": -0.010156129486858845,
  "gsr_y": 0.07353953272104263,
  "provenance": {
    "md5sum": "0bf8ee6ee601162e65b264882de8cdc8",
    "settings": {
      "fd_thres": 0.2,
      "testing": false
    },
    "software": "mriqc",
    "version": "22.0.6",
    "webapi_port": null,
    "webapi_url": "https://mriqc.nimh.nih.gov/api/v1"
  },
  "size_t": 324,
  "size_x": 64,
  "size_y": 64,
  "size_z": 43,
  "snr": 5.413323421889611,
  "spacing_tr": 2.5,
  "spacing_x": 3.0,
  "spacing_y": 3.0,
  "spacing_z": 3.0,
  "summary_bg_k": 24.841551679324017,
  "summary_bg_mad": 18.422705763703213,
  "summary_bg_mean": 79.31188201904297,
  "summary_bg_median": 40.682098388671875,
  "summary_bg_n": 88581.0,
  "summary_bg_p05": 27.25,
  "summary_bg_p95": 261.07098388671875,
  "summary_bg_stdv": 100.47565460205078,
  "summary_fg_k": 2.479604139083352,
  "summary_fg_mad": 131.04098794230975,
  "summary_fg_mean": 871.5835571289062,
  "summary_fg_median": 857.4521484375,
  "summary_fg_n": 48474.0,
  "summary_fg_p05": 643.3558715820312,
  "summary_fg_p95": 1137.6737609863278,
  "summary_fg_stdv": 158.39498901367188,
  "tsnr": 57.08742391644046
}