{
  "aor": 0.004856234567901234,
  "aqi": 0.011886806481481481,
  "bids_meta": {
    "AcquisitionNumber": 1,
    "AcquisitionTime": "10:26:7.645000",
    "BandwidthPerPixelPhaseEncode": 31.888,
    "ConversionSoftware": "dcm2niix",
    "ConversionSoftwareVersion": "v1.0.20170724 (OpenJPEG build) GCC6.1.0",
    "DeviceSerialNumber": "35002",
    "EchoTime": 0.028,
    "EffectiveEchoSpacing": 0.000489996,
    "FlipAngle": 90,
    "ImageType": [
      "ORIGINAL",
      "PRIMARY",
      "M",
      "ND",
      "MOSAIC"
    ],
    "InstitutionAddress": "University_Pkwy_1700_North_685_Provo_UT_US_84601",
    "InstitutionName": "Brigham_Young_University",
    "MagneticFieldStrength": 3,
    "Manufacturer": "Siemens",
    "ManufacturersModelName": "TrioTim",
    "PhaseEncodingDirection": "j-",
    "PhaseEncodingLines": 64,
    "ProcedureStepDescription": "Research_KIRWAN",
    "ProtocolName": "EPI_Run1",
    "RepetitionTime": 2.5,
    "ScanningSequence": "EP",
    "SequenceName": "epfid2d1_64",
    "SequenceVariant": "SK",
    "SeriesDescription": "EPI_Run1",
    "SliceTiming": [
      0,
      1.2825,
      0.0575,
      1.3425,
      0.115,
      1.4,
      0.175,
      1.4575,
      0.2325,
      1.5175,
      0.29,
      1.575,
      0.35,
      1.6325,
      0.4075,
      1.6925,
      0.465,
      1.75,
      0.525,
      1.8075,
      0.5825,
      1.8675,
      0.64,
      1.925,
      0.7,
      1.9825,
      0.7575,
      2.0425,
      0.815,
      2.1,
      0.875,
      2.1575,
      0.9325,
      2.2175,
      0.99,
      2.275,
      1.05,
      2.3325,
      1.1075,
      2.3925,
      1.165,
      2.45,
      1.225
    ],
    "SoftwareVersions": "syngo_MR_B17",
    "TaskName": "knowfilt",
    "TotalReadoutTime": 0.0308698,
    "dataset": "ds001353",
    "modality": "bold",
    "run_id": 1,
    "subject_id": "8117",
    "task_id": "knowfilt"
  },
  "dummy_trs": 0,
  "dvars_nstd": 23.576846285263155,
  "dvars_std": 1.0330719888854496,
  "dvars_vstd": 0.98353218006192,
  "efc": 0.6007683960974916,
  "fber": 540.6213989257812,
  "fd_mean": 0.1184277314656758,
  "fd_num": 34,
  "fd_perc": 10.493827160493828,
  "fwhm_avg": 1.9966988888888888,
  "fwhm_x": 1.8710933333333333,
  "fwhm_y": 2.1594233333333333,
  "fwhm_z": 1.9595799999999999,
  "gcor": 0.0349919,
  "gsr_x": -0.010576754808425903,
  "gsr_y": 0.06646855920553207,
  "provenance": {
    "md5sum": "a8d6b4ffbf8cb545922aa17022da3d45",
    "settings": {
      "fd_thres": 0.2,
      "testing": false
    },
    "software": "mriqc",
    "version": "22.0.6",
    "webapi_port": null,
    "webapi_url": "https://mriqc.nimh.nih.gov/api/v1"
  },
  "size_t": 324,
  "size_x": 64,
  "size_y": 64,
  "size_z": 43,
  "snr": 5.363668421046463,
  "spacing_tr": 2.5,
  "spacing_x": 3.0,
  "spacing_y": 3.0,
  "spacing_z": 3.0,
  "summary_bg_k": 47.69032620829757,
  "summary_bg_mad": 14.36385426669538,
  "summary_bg_mean": 67.15786743164062,
  "summary_bg_median": 35.37963104248047,
  "summary_bg_n": 96019.0,
  "summary_bg_p05": 24.966049194335938,
  "summary_bg_p95": 214.01111450195296,
  "summary_bg_stdv": 82.73992919921875,
  "summary_fg_k": 1.2290724964815878,
  "summary_fg_mad": 140.87010494512214,
  "summary_fg_mean": 857.1405639648438,
  "summary_fg_median": 845.25,
  "summary_fg_n": 41689.0,
  "summary_fg_p05": 608.4487670898437,
  "summary_fg_p95": 1122.1203857421874,
  "summary_fg_stdv": 157.58615112304688,
  "tsnr": 46.192913337145
}