{
  "aor": 0.001105864197530864,
  "aqi": 0.008250814598765432,
  "bids_meta": {
    "AcquisitionNumber": 1,
    "AcquisitionTime": "13:38:10.065000",
    "BandwidthPerPixelPhaseEncode": 31.888,
    "ConversionSoftware": "dcm2niix",
    "ConversionSoftwareVersion": "v1.0.20170724 (OpenJPEG build) GCC6.1.0",
    "DeviceSerialNumber": "35002",
    "EchoTime": 0.028,
    "EffectiveEchoSpacing": 0.000489996,
    "FlipAngle": 90,
    "ImageType": [
      "ORIGINAL",
      "PRIMARY",
      "M",
      "ND",
      "MOSAIC"
    ],
    "InstitutionAddress": "University_Pkwy_1700_North_685_Provo_UT_US_84601",
    "InstitutionName": "Brigham_Young_University",
    "MagneticFieldStrength": 3,
    "Manufacturer": "Siemens",
    "ManufacturersModelName": "TrioTim",
    "PhaseEncodingDirection": "j-",
    "PhaseEncodingLines": 64,
    "ProcedureStepDescription": "Research_KIRWAN",
    "ProtocolName": "EPI_Run1",
    "RepetitionTime": 2.5,
    "ScanningSequence": "EP",
    "SequenceName": "epfid2d1_64",
    "SequenceVariant": "SK",
    "SeriesDescription": "EPI_Run1",
    "SliceTiming": [
      0,
      1.285,
      0.0575,
      1.3425,
      0.1175,
      1.4,
      0.175,
      1.46,
      0.2325,
      1.5175,
      0.2925,
      1.575,
      0.35,
      1.635,
      0.4075,
      1.6925,
      0.4675,
      1.75,
      0.525,
      1.81,
      0.5825,
      1.8675,
      0.6425,
      1.925,
      0.7,
      1.985,
      0.7575,
      2.0425,
      0.8175,
      2.1,
      0.875,
      2.16,
      0.9325,
      2.2175,
      0.9925,
      2.275,
      1.05,
      2.335,
      1.11,
      2.3925,
      1.1675,
      2.45,
      1.225
    ],
    "SoftwareVersions": "syngo_MR_B17",
    "TaskName": "knowfilt",
    "TotalReadoutTime": 0.0308698,
    "dataset": "ds001353",
    "modality": "bold",
    "run_id": 1,
    "subject_id": "8113",
    "task_id": "knowfilt"
  },
  "dummy_trs": 0,
  "dvars_nstd": 27.142602448235316,
  "dvars_std": 1.149583275479876,
  "dvars_vstd": 0.9881943961609914,
  "efc": 0.5982865119391154,
  "fber": 452.5835266113281,
  "fd_mean": 0.0516102211540507,
  "fd_num": 4,
  "fd_perc": 1.2345679012345678,
  "fwhm_avg": 1.950088888888889,
  "fwhm_x": 1.8138366666666668,
  "fwhm_y": 2.12542,
  "fwhm_z": 1.91101,
  "gcor": 0.0304657,
  "gsr_x": -0.0006494281115010381,
  "gsr_y": 0.04812895134091377,
  "provenance": {
    "md5sum": "7137654f0a057355bec25ae406d09183",
    "settings": {
      "fd_thres": 0.2,
      "testing": false
    },
    "software": "mriqc",
    "version": "22.0.6",
    "webapi_port": null,
    "webapi_url": "https://mriqc.nimh.nih.gov/api/v1"
  },
  "size_t": 324,
  "size_x": 64,
  "size_y": 64,
  "size_z": 43,
  "snr": 5.241356225668795,
  "spacing_tr": 2.5,
  "spacing_x": 3.0,
  "spacing_y": 3.0,
  "spacing_z": 3.0,
  "summary_bg_k": 16.70416226367209,
  "summary_bg_mad": 17.045350068803607,
  "summary_bg_mean": 72.99896240234375,
  "summary_bg_median": 38.3487663269043,
  "summary_bg_n": 99109.0,
  "summary_bg_p05": 25.33024787902832,
  "summary_bg_p95": 245.82160949707026,
  "summary_bg_stdv": 87.51465606689453,
  "summary_fg_k": 0.5407406413028935,
  "summary_fg_mad": 149.05414339377668,
  "summary_fg_mean": 848.3209838867188,
  "summary_fg_median": 833.861083984375,
  "summary_fg_n": 38958.0,
  "summary_fg_p05": 598.8773345947266,
  "summary_fg_p95": 1122.7218994140626,
  "summary_fg_stdv": 159.090576171875,
  "tsnr": 52.60875228699297
}