{
  "aor": 0.00039272445820433434,
  "aqi": 0.008774722755417956,
  "bids_meta": {
    "AcquisitionNumber": 1,
    "AcquisitionTime": "13:52:14.767500",
    "BandwidthPerPixelPhaseEncode": 31.888,
    "ConversionSoftware": "dcm2niix",
    "ConversionSoftwareVersion": "v1.0.20170724 (OpenJPEG build) GCC6.1.0",
    "DeviceSerialNumber": "35002",
    "EchoTime": 0.028,
    "EffectiveEchoSpacing": 0.000489996,
    "FlipAngle": 90,
    "ImageType": [
      "ORIGINAL",
      "PRIMARY",
      "M",
      "ND",
      "MOSAIC"
    ],
    "InstitutionAddress": "University_Pkwy_1700_North_685_Provo_UT_US_84601",
    "InstitutionName": "Brigham_Young_University",
    "MagneticFieldStrength": 3,
    "Manufacturer": "Siemens",
    "ManufacturersModelName": "TrioTim",
    "PhaseEncodingDirection": "j-",
    "PhaseEncodingLines": 64,
    "ProcedureStepDescription": "Research_KIRWAN",
    "ProtocolName": "EPI_Run2",
    "RepetitionTime": 2.5,
    "ScanningSequence": "EP",
    "SequenceName": "epfid2d1_64",
    "SequenceVariant": "SK",
    "SeriesDescription": "EPI_Run2",
    "SliceTiming": [
      0,
      1.285,
      0.0575,
      1.3425,
      0.1175,
      1.4,
      0.175,
      1.46,
      0.2325,
      1.5175,
      0.2925,
      1.575,
      0.35,
      1.635,
      0.4075,
      1.6925,
      0.4675,
      1.75,
      0.525,
      1.81,
      0.5825,
      1.8675,
      0.6425,
      1.925,
      0.7,
      1.985,
      0.7575,
      2.0425,
      0.8175,
      2.1,
      0.875,
      2.16,
      0.935,
      2.2175,
      0.9925,
      2.275,
      1.05,
      2.335,
      1.11,
      2.3925,
      1.1675,
      2.45,
      1.225
    ],
    "SoftwareVersions": "syngo_MR_B17",
    "TaskName": "knowfilt",
    "TotalReadoutTime": 0.0308698,
    "dataset": "ds001353",
    "modality": "bold",
    "run_id": 2,
    "subject_id": "8113",
    "task_id": "knowfilt"
  },
  "dummy_trs": 1,
  "dvars_nstd": 27.25786704897517,
  "dvars_std": 1.126783147701864,
  "dvars_vstd": 0.9681182020186335,
  "efc": 0.5990801099668205,
  "fber": 446.45147705078125,
  "fd_mean": 0.04732525957645455,
  "fd_num": 2,
  "fd_perc": 0.6191950464396285,
  "fwhm_avg": 1.9495522222222224,
  "fwhm_x": 1.8173333333333332,
  "fwhm_y": 2.1231533333333332,
  "fwhm_z": 1.9081700000000001,
  "gcor": 0.038009,
  "gsr_x": -0.00037574287853203714,
  "gsr_y": 0.04899294301867485,
  "provenance": {
    "md5sum": "7e7b20b59874be43b0972db30632a363",
    "settings": {
      "fd_thres": 0.2,
      "testing": false
    },
    "software": "mriqc",
    "version": "22.0.6",
    "webapi_port": null,
    "webapi_url": "https://mriqc.nimh.nih.gov/api/v1"
  },
  "size_t": 323,
  "size_x": 64,
  "size_y": 64,
  "size_z": 43,
  "snr": 5.233772825426238,
  "spacing_tr": 2.5,
  "spacing_x": 3.0,
  "spacing_y": 3.0,
  "spacing_z": 3.0,
  "summary_bg_k": 16.76408790922096,
  "summary_bg_mad": 17.29319887335977,
  "summary_bg_mean": 73.41972351074219,
  "summary_bg_median": 38.56501388549805,
  "summary_bg_n": 99056.0,
  "summary_bg_p05": 25.19194984436035,
  "summary_bg_p95": 247.73992919921875,
  "summary_bg_stdv": 87.6736831665039,
  "summary_fg_k": 0.5862288802817806,
  "summary_fg_mad": 148.40717900405465,
  "summary_fg_mean": 848.2106323242188,
  "summary_fg_median": 834.4829711914062,
  "summary_fg_n": 39001.0,
  "summary_fg_p05": 598.8978271484375,
  "summary_fg_p95": 1121.79248046875,
  "summary_fg_stdv": 159.43991088867188,
  "tsnr": 51.5703634157544
}