{
  "aor": 0.005803148148148148,
  "aqi": 0.010977244567901235,
  "bids_meta": {
    "AcquisitionNumber": 1,
    "AcquisitionTime": "11:48:16.785000",
    "BandwidthPerPixelPhaseEncode": 31.888,
    "ConversionSoftware": "dcm2niix",
    "ConversionSoftwareVersion": "v1.0.20170724 (OpenJPEG build) GCC6.1.0",
    "DeviceSerialNumber": "35002",
    "EchoTime": 0.028,
    "EffectiveEchoSpacing": 0.000489996,
    "FlipAngle": 90,
    "ImageType": [
      "ORIGINAL",
      "PRIMARY",
      "M",
      "ND",
      "MOSAIC"
    ],
    "InstitutionAddress": "University_Pkwy_1700_North_685_Provo_UT_US_84601",
    "InstitutionName": "Brigham_Young_University",
    "MagneticFieldStrength": 3,
    "Manufacturer": "Siemens",
    "ManufacturersModelName": "TrioTim",
    "PhaseEncodingDirection": "j-",
    "PhaseEncodingLines": 64,
    "ProcedureStepDescription": "Research_KIRWAN",
    "ProtocolName": "EPI_Run2",
    "RepetitionTime": 2.5,
    "ScanningSequence": "EP",
    "SequenceName": "epfid2d1_64",
    "SequenceVariant": "SK",
    "SeriesDescription": "EPI_Run2",
    "SliceTiming": [
      0,
      1.2825,
      0.0575,
      1.3425,
      0.1175,
      1.4,
      0.175,
      1.46,
      0.2325,
      1.5175,
      0.2925,
      1.575,
      0.35,
      1.635,
      0.4075,
      1.6925,
      0.4675,
      1.75,
      0.525,
      1.81,
      0.5825,
      1.8675,
      0.6425,
      1.925,
      0.7,
      1.985,
      0.7575,
      2.0425,
      0.8175,
      2.1,
      0.875,
      2.16,
      0.9325,
      2.2175,
      0.9925,
      2.275,
      1.05,
      2.335,
      1.1075,
      2.3925,
      1.1675,
      2.45,
      1.225
    ],
    "SoftwareVersions": "syngo_MR_B17",
    "TaskName": "knowfilt",
    "TotalReadoutTime": 0.0308698,
    "dataset": "ds001353",
    "modality": "bold",
    "run_id": 2,
    "subject_id": "8124",
    "task_id": "knowfilt"
  },
  "dummy_trs": 0,
  "dvars_nstd": 24.655044047770897,
  "dvars_std": 1.0483925600928798,
  "dvars_vstd": 1.032767226687307,
  "efc": 0.6261835679870574,
  "fber": 451.2291564941406,
  "fd_mean": 0.15402992452837141,
  "fd_num": 55,
  "fd_perc": 16.97530864197531,
  "fwhm_avg": 1.978443333333333,
  "fwhm_x": 1.8633166666666667,
  "fwhm_y": 2.1539466666666667,
  "fwhm_z": 1.9180666666666666,
  "gcor": 0.046223,
  "gsr_x": -0.004528396762907505,
  "gsr_y": 0.07077240198850632,
  "provenance": {
    "md5sum": "682aeac8df09a41407560dc66cc4975b",
    "settings": {
      "fd_thres": 0.2,
      "testing": false
    },
    "software": "mriqc",
    "version": "22.0.6",
    "webapi_port": null,
    "webapi_url": "https://mriqc.nimh.nih.gov/api/v1"
  },
  "size_t": 324,
  "size_x": 64,
  "size_y": 64,
  "size_z": 43,
  "snr": 5.436517426990545,
  "spacing_tr": 2.5,
  "spacing_x": 3.0,
  "spacing_y": 3.0,
  "spacing_z": 3.0,
  "summary_bg_k": 33.506293271084544,
  "summary_bg_mad": 14.97245336043798,
  "summary_bg_mean": 74.02416229248047,
  "summary_bg_median": 37.35493850708008,
  "summary_bg_n": 91402.0,
  "summary_bg_p05": 25.932098388671875,
  "summary_bg_p95": 238.7759338378905,
  "summary_bg_stdv": 97.5895767211914,
  "summary_fg_k": 1.1626557314069164,
  "summary_fg_mad": 131.26974883149322,
  "summary_fg_mean": 826.2926635742188,
  "summary_fg_median": 818.5833129882812,
  "summary_fg_n": 45472.0,
  "summary_fg_p05": 583.4703826904297,
  "summary_fg_p95": 1075.473291015625,
  "summary_fg_stdv": 150.56961059570312,
  "tsnr": 45.288509991718456
}