{
  "aor": 0.000516604938271605,
  "aqi": 0.005982879907407407,
  "bids_meta": {
    "AcquisitionNumber": 1,
    "AcquisitionTime": "16:02:32.080000",
    "BandwidthPerPixelPhaseEncode": 31.888,
    "ConversionSoftware": "dcm2niix",
    "ConversionSoftwareVersion": "v1.0.20170724 (OpenJPEG build) GCC6.1.0",
    "DeviceSerialNumber": "35002",
    "EchoTime": 0.028,
    "EffectiveEchoSpacing": 0.000489996,
    "FlipAngle": 90,
    "ImageType": [
      "ORIGINAL",
      "PRIMARY",
      "M",
      "ND",
      "MOSAIC"
    ],
    "InstitutionAddress": "University_Pkwy_1700_North_685_Provo_UT_US_84601",
    "InstitutionName": "Brigham_Young_University",
    "MagneticFieldStrength": 3,
    "Manufacturer": "Siemens",
    "ManufacturersModelName": "TrioTim",
    "PhaseEncodingDirection": "j-",
    "PhaseEncodingLines": 64,
    "ProcedureStepDescription": "Research_KIRWAN",
    "ProtocolName": "EPI_Run2",
    "RepetitionTime": 2.5,
    "ScanningSequence": "EP",
    "SequenceName": "epfid2d1_64",
    "SequenceVariant": "SK",
    "SeriesDescription": "EPI_Run2",
    "SliceTiming": [
      0,
      1.285,
      0.0575,
      1.3425,
      0.1175,
      1.4,
      0.175,
      1.46,
      0.2325,
      1.5175,
      0.2925,
      1.575,
      0.35,
      1.635,
      0.4075,
      1.6925,
      0.4675,
      1.75,
      0.525,
      1.81,
      0.585,
      1.8675,
      0.6425,
      1.925,
      0.7,
      1.985,
      0.76,
      2.0425,
      0.8175,
      2.1025,
      0.875,
      2.16,
      0.935,
      2.2175,
      0.9925,
      2.2775,
      1.05,
      2.335,
      1.11,
      2.3925,
      1.1675,
      2.4525,
      1.225
    ],
    "SoftwareVersions": "syngo_MR_B17",
    "TaskName": "knowfilt",
    "TotalReadoutTime": 0.0308698,
    "dataset": "ds001353",
    "modality": "bold",
    "run_id": 2,
    "subject_id": "8115",
    "task_id": "knowfilt"
  },
  "dummy_trs": 0,
  "dvars_nstd": 24.520536564334357,
  "dvars_std": 1.1102552408359139,
  "dvars_vstd": 0.9845298669659444,
  "efc": 0.5715922784874796,
  "fber": 724.197265625,
  "fd_mean": 0.08053089041561852,
  "fd_num": 20,
  "fd_perc": 6.172839506172839,
  "fwhm_avg": 1.96462,
  "fwhm_x": 1.8408499999999999,
  "fwhm_y": 2.11864,
  "fwhm_z": 1.9343700000000001,
  "gcor": 0.0485995,
  "gsr_x": -0.008826945908367634,
  "gsr_y": 0.04436834901571274,
  "provenance": {
    "md5sum": "cf8f60230321fe336fc8431c1b8056e9",
    "settings": {
      "fd_thres": 0.2,
      "testing": false
    },
    "software": "mriqc",
    "version": "22.0.6",
    "webapi_port": null,
    "webapi_url": "https://mriqc.nimh.nih.gov/api/v1"
  },
  "size_t": 324,
  "size_x": 64,
  "size_y": 64,
  "size_z": 43,
  "snr": 5.56943400916408,
  "spacing_tr": 2.5,
  "spacing_x": 3.0,
  "spacing_y": 3.0,
  "spacing_z": 3.0,
  "summary_bg_k": 31.327548962106505,
  "summary_bg_mad": 9.957226607275906,
  "summary_bg_mean": 53.45271301269531,
  "summary_bg_median": 32.08333206176758,
  "summary_bg_n": 99031.0,
  "summary_bg_p05": 24.75,
  "summary_bg_p95": 144.96604919433594,
  "summary_bg_stdv": 62.227718353271484,
  "summary_fg_k": 1.1943841351398055,
  "summary_fg_mad": 146.14612917906135,
  "summary_fg_mean": 898.2509765625,
  "summary_fg_median": 885.5694580078125,
  "summary_fg_n": 39608.0,
  "summary_fg_p05": 653.3635711669922,
  "summary_fg_p95": 1170.1856201171877,
  "summary_fg_stdv": 159.00328063964844,
  "tsnr": 61.63742341287434
}