{
  "bids_meta": {
    "AcquisitionNumber": 1,
    "AcquisitionTime": "11:25:30.415000",
    "ConversionSoftware": "dcm2niix",
    "ConversionSoftwareVersion": "v1.0.20170724 (OpenJPEG build) GCC6.1.0",
    "DeviceSerialNumber": "35002",
    "EchoTime": 0.00226,
    "FlipAngle": 9,
    "ImageType": [
      "ORIGINAL",
      "PRIMARY",
      "M",
      "ND",
      "NORM"
    ],
    "InstitutionAddress": "University_Pkwy_1700_North_685_Provo_UT_US_84601",
    "InstitutionName": "Brigham_Young_University",
    "InversionTime": 0.9,
    "MagneticFieldStrength": 3,
    "Manufacturer": "Siemens",
    "ManufacturersModelName": "TrioTim",
    "PhaseEncodingDirection": "i-",
    "PhaseEncodingLines": 215,
    "ProcedureStepDescription": "Research_KIRWAN",
    "ProtocolName": "t1_mpr_sag_iso_mprage",
    "RepetitionTime": 1.9,
    "ScanningSequence": "GR_IR",
    "SequenceName": "_tfl3d1_ns",
    "SequenceVariant": "SP_MP_OSP",
    "SeriesDescription": "t1_mpr_sag_iso_mprage",
    "SoftwareVersions": "syngo_MR_B17",
    "dataset": "ds001353",
    "modality": "T1w",
    "run_id": 1,
    "subject_id": "8111"
  },
  "cjv": 0.38812033724822614,
  "cnr": 3.556757967776451,
  "efc": 0.6123107529338121,
  "fber": 22166.730049338243,
  "fwhm_avg": 4.489052613333333,
  "fwhm_x": 4.28069,
  "fwhm_y": 4.78816256,
  "fwhm_z": 4.39830528,
  "icvs_csf": 0.19605609090851672,
  "icvs_gm": 0.4365018701714419,
  "icvs_wm": 0.3674420389200414,
  "inu_med": 0.4716348797082901,
  "inu_range": 0.19370026886463165,
  "provenance": {
    "md5sum": "aaed7498606462b3332b4902bba98030",
    "settings": {
      "testing": false
    },
    "software": "mriqc",
    "version": "22.0.6",
    "warnings": {
      "large_rot_frame": true,
      "small_air_mask": false
    },
    "webapi_port": null,
    "webapi_url": "https://mriqc.nimh.nih.gov/api/v1"
  },
  "qi_1": 0.0,
  "qi_2": 0.012515934756387397,
  "rpve_csf": 21.259404818018524,
  "rpve_gm": 10.078156563090618,
  "rpve_wm": 13.456573501403199,
  "size_x": 176,
  "size_y": 224,
  "size_z": 256,
  "snr_csf": 2.5793232119402996,
  "snr_gm": 14.608159998740955,
  "snr_total": 13.446070942937908,
  "snr_wm": 23.150729618132473,
  "snrd_csf": 21.758350880763494,
  "snrd_gm": 49.58096471668171,
  "snrd_total": 45.60155210876382,
  "snrd_wm": 65.46534072884626,
  "spacing_x": 1.0,
  "spacing_y": 0.9765625,
  "spacing_z": 0.9765625,
  "summary_bg_k": 9.448231176665997,
  "summary_bg_mad": 0.0,
  "summary_bg_mean": 5.469571216324137,
  "summary_bg_median": 0.0,
  "summary_bg_n": 2827085.0,
  "summary_bg_p05": 0.0,
  "summary_bg_p95": 26.59042225778103,
  "summary_bg_stdv": 10.007854919650544,
  "summary_csf_k": 0.13470362562692095,
  "summary_csf_mad": 111.9811562063857,
  "summary_csf_mean": 327.7844165408791,
  "summary_csf_median": 332.38027822226286,
  "summary_csf_n": 34605.0,
  "summary_csf_p05": 77.0741020783782,
  "summary_csf_p95": 535.0012019500136,
  "summary_csf_stdv": 128.8615068323785,
  "summary_gm_k": -0.006025302462596471,
  "summary_gm_mad": 51.85751965645874,
  "summary_gm_mean": 755.4530932038075,
  "summary_gm_median": 757.398156568408,
  "summary_gm_n": 38825.0,
  "summary_gm_p05": 667.2480475589633,
  "summary_gm_p95": 838.3512198865411,
  "summary_gm_stdv": 51.84694051613269,
  "summary_wm_k": 0.33018670384974147,
  "summary_wm_mad": 42.319692471687716,
  "summary_wm_mean": 1001.8333892507169,
  "summary_wm_median": 1000.0476729422808,
  "summary_wm_n": 219881.0,
  "summary_wm_p05": 934.3340666815639,
  "summary_wm_p95": 1075.24424341321,
  "summary_wm_stdv": 43.19714390732381,
  "tpm_overlap_csf": 0.15406395378702983,
  "tpm_overlap_gm": 0.47201236470882585,
  "tpm_overlap_wm": 0.5189724471698645,
  "wm2max": 0.37001428952305637
}