{
  "aor": 0.0005094444444444445,
  "aqi": 0.007444519907407408,
  "bids_meta": {
    "AcquisitionNumber": 1,
    "AcquisitionTime": "11:35:52.742500",
    "BandwidthPerPixelPhaseEncode": 31.888,
    "ConversionSoftware": "dcm2niix",
    "ConversionSoftwareVersion": "v1.0.20170724 (OpenJPEG build) GCC6.1.0",
    "DeviceSerialNumber": "35002",
    "EchoTime": 0.028,
    "EffectiveEchoSpacing": 0.000489996,
    "FlipAngle": 90,
    "ImageType": [
      "ORIGINAL",
      "PRIMARY",
      "M",
      "ND",
      "MOSAIC"
    ],
    "InstitutionAddress": "University_Pkwy_1700_North_685_Provo_UT_US_84601",
    "InstitutionName": "Brigham_Young_University",
    "MagneticFieldStrength": 3,
    "Manufacturer": "Siemens",
    "ManufacturersModelName": "TrioTim",
    "PhaseEncodingDirection": "j-",
    "PhaseEncodingLines": 64,
    "ProcedureStepDescription": "Research_KIRWAN",
    "ProtocolName": "EPI_Run2",
    "RepetitionTime": 2.5,
    "ScanningSequence": "EP",
    "SequenceName": "epfid2d1_64",
    "SequenceVariant": "SK",
    "SeriesDescription": "EPI_Run2",
    "SliceTiming": [
      0,
      1.285,
      0.06,
      1.3425,
      0.1175,
      1.4,
      0.175,
      1.46,
      0.235,
      1.5175,
      0.2925,
      1.5775,
      0.35,
      1.635,
      0.41,
      1.6925,
      0.4675,
      1.7525,
      0.525,
      1.81,
      0.585,
      1.8675,
      0.6425,
      1.9275,
      0.7,
      1.985,
      0.76,
      2.0425,
      0.8175,
      2.1025,
      0.875,
      2.16,
      0.935,
      2.2175,
      0.9925,
      2.2775,
      1.05,
      2.335,
      1.11,
      2.3925,
      1.1675,
      2.4525,
      1.225
    ],
    "SoftwareVersions": "syngo_MR_B17",
    "TaskName": "knowfilt",
    "TotalReadoutTime": 0.0308698,
    "dataset": "ds001353",
    "modality": "bold",
    "run_id": 2,
    "subject_id": "8108",
    "task_id": "knowfilt"
  },
  "dummy_trs": 0,
  "dvars_nstd": 22.84384691442724,
  "dvars_std": 1.0081541038390085,
  "dvars_vstd": 0.9763637340557283,
  "efc": 0.6267161330429114,
  "fber": 449.3179016113281,
  "fd_mean": 0.08942549806963578,
  "fd_num": 25,
  "fd_perc": 7.716049382716049,
  "fwhm_avg": 1.9606566666666667,
  "fwhm_x": 1.7707233333333334,
  "fwhm_y": 2.159543333333333,
  "fwhm_z": 1.9517033333333333,
  "gcor": 0.0558723,
  "gsr_x": -0.011144110932946205,
  "gsr_y": 0.0734805017709732,
  "provenance": {
    "md5sum": "33825726b73b50c238c7098d8dbef5d3",
    "settings": {
      "fd_thres": 0.2,
      "testing": false
    },
    "software": "mriqc",
    "version": "22.0.6",
    "webapi_port": null,
    "webapi_url": "https://mriqc.nimh.nih.gov/api/v1"
  },
  "size_t": 324,
  "size_x": 64,
  "size_y": 64,
  "size_z": 43,
  "snr": 5.678986205163796,
  "spacing_tr": 2.5,
  "spacing_x": 3.0,
  "spacing_y": 3.0,
  "spacing_z": 3.0,
  "summary_bg_k": 21.67809644337382,
  "summary_bg_mad": 17.294737217946842,
  "summary_bg_mean": 77.36573028564453,
  "summary_bg_median": 39.757713317871094,
  "summary_bg_n": 91794.0,
  "summary_bg_p05": 27.419754028320312,
  "summary_bg_p95": 249.1875030517577,
  "summary_bg_stdv": 91.08635711669922,
  "summary_fg_k": 1.421521236539263,
  "summary_fg_mad": 135.2233849111275,
  "summary_fg_mean": 874.055908203125,
  "summary_fg_median": 864.3734741210938,
  "summary_fg_n": 45811.0,
  "summary_fg_p05": 637.9768676757812,
  "summary_fg_p95": 1126.7144775390625,
  "summary_fg_stdv": 152.2039337158203,
  "tsnr": 55.48950830020476
}