{
  "aor": 0.0014787037037037036,
  "aqi": 0.009906249074074074,
  "bids_meta": {
    "AcquisitionNumber": 1,
    "AcquisitionTime": "16:02:20.810000",
    "BandwidthPerPixelPhaseEncode": 31.888,
    "ConversionSoftware": "dcm2niix",
    "ConversionSoftwareVersion": "v1.0.20170724 (OpenJPEG build) GCC6.1.0",
    "DeviceSerialNumber": "35002",
    "EchoTime": 0.028,
    "EffectiveEchoSpacing": 0.000489996,
    "FlipAngle": 90,
    "ImageType": [
      "ORIGINAL",
      "PRIMARY",
      "M",
      "ND",
      "MOSAIC"
    ],
    "InstitutionAddress": "University_Pkwy_1700_North_685_Provo_UT_US_84601",
    "InstitutionName": "Brigham_Young_University",
    "MagneticFieldStrength": 3,
    "Manufacturer": "Siemens",
    "ManufacturersModelName": "TrioTim",
    "PhaseEncodingDirection": "j-",
    "PhaseEncodingLines": 64,
    "ProcedureStepDescription": "Research_KIRWAN",
    "ProtocolName": "EPI_Run1",
    "RepetitionTime": 2.5,
    "ScanningSequence": "EP",
    "SequenceName": "epfid2d1_64",
    "SequenceVariant": "SK",
    "SeriesDescription": "EPI_Run1",
    "SliceTiming": [
      0,
      1.2825,
      0.0575,
      1.3425,
      0.115,
      1.4,
      0.175,
      1.4575,
      0.2325,
      1.5175,
      0.29,
      1.575,
      0.35,
      1.6325,
      0.4075,
      1.6925,
      0.465,
      1.75,
      0.525,
      1.8075,
      0.5825,
      1.8675,
      0.64,
      1.925,
      0.7,
      1.9825,
      0.7575,
      2.0425,
      0.815,
      2.1,
      0.875,
      2.1575,
      0.9325,
      2.2175,
      0.9925,
      2.275,
      1.05,
      2.3325,
      1.1075,
      2.3925,
      1.1675,
      2.45,
      1.225
    ],
    "SoftwareVersions": "syngo_MR_B17",
    "TaskName": "knowfilt",
    "TotalReadoutTime": 0.0308698,
    "dataset": "ds001353",
    "modality": "bold",
    "run_id": 1,
    "subject_id": "8133",
    "task_id": "knowfilt"
  },
  "dummy_trs": 0,
  "dvars_nstd": 24.971735230619206,
  "dvars_std": 1.0971871643962854,
  "dvars_vstd": 0.9785193027244585,
  "efc": 0.6278282683539785,
  "fber": 537.985107421875,
  "fd_mean": 0.12164678795978372,
  "fd_num": 44,
  "fd_perc": 13.580246913580247,
  "fwhm_avg": 1.9386144444444444,
  "fwhm_x": 1.82585,
  "fwhm_y": 2.0907566666666666,
  "fwhm_z": 1.8992366666666667,
  "gcor": 0.0357384,
  "gsr_x": -0.011788683012127876,
  "gsr_y": 0.05214415490627289,
  "provenance": {
    "md5sum": "f6ecc33428de931e9d54c0845166b649",
    "settings": {
      "fd_thres": 0.2,
      "testing": false
    },
    "software": "mriqc",
    "version": "22.0.6",
    "webapi_port": null,
    "webapi_url": "https://mriqc.nimh.nih.gov/api/v1"
  },
  "size_t": 324,
  "size_x": 64,
  "size_y": 64,
  "size_z": 43,
  "snr": 5.4845729067019064,
  "spacing_tr": 2.5,
  "spacing_x": 3.0,
  "spacing_y": 3.0,
  "spacing_z": 3.0,
  "summary_bg_k": 9.342538172262305,
  "summary_bg_mad": 15.89678919715926,
  "summary_bg_mean": 76.5647964477539,
  "summary_bg_median": 37.71913528442383,
  "summary_bg_n": 88883.0,
  "summary_bg_p05": 25.63271713256836,
  "summary_bg_p95": 281.7892028808593,
  "summary_bg_stdv": 90.99565887451172,
  "summary_fg_k": 1.0089787673271609,
  "summary_fg_mad": 154.34156947583182,
  "summary_fg_mean": 911.9271850585938,
  "summary_fg_median": 896.6543579101562,
  "summary_fg_n": 47417.0,
  "summary_fg_p05": 674.1351928710938,
  "summary_fg_p95": 1195.229052734375,
  "summary_fg_stdv": 163.4849090576172,
  "tsnr": 50.04712318792008
}