{
  "aor": 0.0008140123456790122,
  "aqi": 0.0059710212345679015,
  "bids_meta": {
    "AcquisitionNumber": 1,
    "AcquisitionTime": "18:39:4.322500",
    "BandwidthPerPixelPhaseEncode": 31.888,
    "ConversionSoftware": "dcm2niix",
    "ConversionSoftwareVersion": "v1.0.20170724 (OpenJPEG build) GCC6.1.0",
    "DeviceSerialNumber": "35002",
    "EchoTime": 0.028,
    "EffectiveEchoSpacing": 0.000489996,
    "FlipAngle": 90,
    "ImageType": [
      "ORIGINAL",
      "PRIMARY",
      "M",
      "ND",
      "MOSAIC"
    ],
    "InstitutionAddress": "University_Pkwy_1700_North_685_Provo_UT_US_84601",
    "InstitutionName": "Brigham_Young_University",
    "MagneticFieldStrength": 3,
    "Manufacturer": "Siemens",
    "ManufacturersModelName": "TrioTim",
    "PhaseEncodingDirection": "j-",
    "PhaseEncodingLines": 64,
    "ProcedureStepDescription": "Research_KIRWAN",
    "ProtocolName": "EPI_Run2",
    "RepetitionTime": 2.5,
    "ScanningSequence": "EP",
    "SequenceName": "epfid2d1_64",
    "SequenceVariant": "SK",
    "SeriesDescription": "EPI_Run2",
    "SliceTiming": [
      0,
      1.285,
      0.0575,
      1.3425,
      0.1175,
      1.4,
      0.175,
      1.46,
      0.2325,
      1.5175,
      0.2925,
      1.575,
      0.35,
      1.635,
      0.4075,
      1.6925,
      0.4675,
      1.75,
      0.525,
      1.81,
      0.585,
      1.8675,
      0.6425,
      1.925,
      0.7,
      1.985,
      0.76,
      2.0425,
      0.8175,
      2.1025,
      0.875,
      2.16,
      0.935,
      2.2175,
      0.9925,
      2.2775,
      1.05,
      2.335,
      1.11,
      2.3925,
      1.1675,
      2.4525,
      1.225
    ],
    "SoftwareVersions": "syngo_MR_B17",
    "TaskName": "knowfilt",
    "TotalReadoutTime": 0.0308698,
    "dataset": "ds001353",
    "modality": "bold",
    "run_id": 2,
    "subject_id": "8134",
    "task_id": "knowfilt"
  },
  "dummy_trs": 0,
  "dvars_nstd": 25.45574500609904,
  "dvars_std": 1.1461814739318887,
  "dvars_vstd": 0.9997750328792568,
  "efc": 0.624686144156653,
  "fber": 591.05322265625,
  "fd_mean": 0.06650571316915775,
  "fd_num": 9,
  "fd_perc": 2.7777777777777777,
  "fwhm_avg": 1.8793166666666667,
  "fwhm_x": 1.7333566666666667,
  "fwhm_y": 2.0482566666666666,
  "fwhm_z": 1.8563366666666665,
  "gcor": 0.0734071,
  "gsr_x": -0.018192464485764503,
  "gsr_y": 0.08422445505857468,
  "provenance": {
    "md5sum": "4008252f60039a6ab8a3794550780e1e",
    "settings": {
      "fd_thres": 0.2,
      "testing": false
    },
    "software": "mriqc",
    "version": "22.0.6",
    "webapi_port": null,
    "webapi_url": "https://mriqc.nimh.nih.gov/api/v1"
  },
  "size_t": 324,
  "size_x": 64,
  "size_y": 64,
  "size_z": 43,
  "snr": 5.351816969444823,
  "spacing_tr": 2.5,
  "spacing_x": 3.0,
  "spacing_y": 3.0,
  "spacing_z": 3.0,
  "summary_bg_k": 19.410803200340432,
  "summary_bg_mad": 11.70981112865204,
  "summary_bg_mean": 71.20114135742188,
  "summary_bg_median": 34.10802459716797,
  "summary_bg_n": 89569.0,
  "summary_bg_p05": 25.08024787902832,
  "summary_bg_p95": 252.20863952636648,
  "summary_bg_stdv": 95.00180053710938,
  "summary_fg_k": 1.6014591319771272,
  "summary_fg_mad": 139.9548804066721,
  "summary_fg_mean": 866.41015625,
  "summary_fg_median": 854.60498046875,
  "summary_fg_n": 47468.0,
  "summary_fg_p05": 625.2070953369141,
  "summary_fg_p95": 1135.229296875,
  "summary_fg_stdv": 159.68333435058594,
  "tsnr": 60.154717512312345
}