{
  "aor": 0.0011759567901234566,
  "aqi": 0.013532994351851855,
  "bids_meta": {
    "AcquisitionNumber": 1,
    "AcquisitionTime": "18:24:53.925000",
    "BandwidthPerPixelPhaseEncode": 31.888,
    "ConversionSoftware": "dcm2niix",
    "ConversionSoftwareVersion": "v1.0.20170724 (OpenJPEG build) GCC6.1.0",
    "DeviceSerialNumber": "35002",
    "EchoTime": 0.028,
    "EffectiveEchoSpacing": 0.000489996,
    "FlipAngle": 90,
    "ImageType": [
      "ORIGINAL",
      "PRIMARY",
      "M",
      "ND",
      "MOSAIC"
    ],
    "InstitutionAddress": "University_Pkwy_1700_North_685_Provo_UT_US_84601",
    "InstitutionName": "Brigham_Young_University",
    "MagneticFieldStrength": 3,
    "Manufacturer": "Siemens",
    "ManufacturersModelName": "TrioTim",
    "PhaseEncodingDirection": "j-",
    "PhaseEncodingLines": 64,
    "ProcedureStepDescription": "Research_KIRWAN",
    "ProtocolName": "EPI_Run1",
    "RepetitionTime": 2.5,
    "ScanningSequence": "EP",
    "SequenceName": "epfid2d1_64",
    "SequenceVariant": "SK",
    "SeriesDescription": "EPI_Run1",
    "SliceTiming": [
      0,
      1.285,
      0.06,
      1.3425,
      0.1175,
      1.4,
      0.175,
      1.46,
      0.235,
      1.5175,
      0.2925,
      1.5775,
      0.35,
      1.635,
      0.41,
      1.6925,
      0.4675,
      1.7525,
      0.525,
      1.81,
      0.585,
      1.8675,
      0.6425,
      1.9275,
      0.7,
      1.985,
      0.76,
      2.0425,
      0.8175,
      2.1025,
      0.875,
      2.16,
      0.935,
      2.2175,
      0.9925,
      2.2775,
      1.05,
      2.335,
      1.11,
      2.3925,
      1.1675,
      2.4525,
      1.225
    ],
    "SoftwareVersions": "syngo_MR_B17",
    "TaskName": "knowfilt",
    "TotalReadoutTime": 0.0308698,
    "dataset": "ds001353",
    "modality": "bold",
    "run_id": 1,
    "subject_id": "8134",
    "task_id": "knowfilt"
  },
  "dummy_trs": 0,
  "dvars_nstd": 25.457052006563472,
  "dvars_std": 1.076292863188854,
  "dvars_vstd": 0.9509786351702783,
  "efc": 0.626081514690498,
  "fber": 566.1442260742188,
  "fd_mean": 0.07354130944288262,
  "fd_num": 6,
  "fd_perc": 1.8518518518518519,
  "fwhm_avg": 1.9033544444444443,
  "fwhm_x": 1.74048,
  "fwhm_y": 2.0768666666666666,
  "fwhm_z": 1.8927166666666666,
  "gcor": 0.0160208,
  "gsr_x": -0.01917942799627781,
  "gsr_y": 0.08263635635375977,
  "provenance": {
    "md5sum": "372573a072ff3cccf0502bcd19b3c1a6",
    "settings": {
      "fd_thres": 0.2,
      "testing": false
    },
    "software": "mriqc",
    "version": "22.0.6",
    "webapi_port": null,
    "webapi_url": "https://mriqc.nimh.nih.gov/api/v1"
  },
  "size_t": 324,
  "size_x": 64,
  "size_y": 64,
  "size_z": 43,
  "snr": 5.345436769970041,
  "spacing_tr": 2.5,
  "spacing_x": 3.0,
  "spacing_y": 3.0,
  "spacing_z": 3.0,
  "summary_bg_k": 19.84662967316808,
  "summary_bg_mad": 12.949892191869942,
  "summary_bg_mean": 70.64441680908203,
  "summary_bg_median": 34.76234436035156,
  "summary_bg_n": 89080.0,
  "summary_bg_p05": 24.117284774780273,
  "summary_bg_p95": 246.98209381103518,
  "summary_bg_stdv": 93.66608428955078,
  "summary_fg_k": 1.5059109756136095,
  "summary_fg_mad": 141.46494660059983,
  "summary_fg_mean": 867.227294921875,
  "summary_fg_median": 854.654296875,
  "summary_fg_n": 47714.0,
  "summary_fg_p05": 626.2753051757812,
  "summary_fg_p95": 1138.4558715820312,
  "summary_fg_stdv": 159.88316345214844,
  "tsnr": 44.647933565080166
}