{
  "aor": 0.0008576802507836991,
  "aqi": 0.010083889655172415,
  "bids_meta": {
    "AcquisitionNumber": 1,
    "AcquisitionTime": "15:02:14.017500",
    "BandwidthPerPixelPhaseEncode": 31.888,
    "ConversionSoftware": "dcm2niix",
    "ConversionSoftwareVersion": "v1.0.20170724 (OpenJPEG build) GCC6.1.0",
    "DeviceSerialNumber": "35002",
    "EchoTime": 0.028,
    "EffectiveEchoSpacing": 0.000489996,
    "FlipAngle": 90,
    "ImageType": [
      "ORIGINAL",
      "PRIMARY",
      "M",
      "ND",
      "MOSAIC"
    ],
    "InstitutionAddress": "University_Pkwy_1700_North_685_Provo_UT_US_84601",
    "InstitutionName": "Brigham_Young_University",
    "MagneticFieldStrength": 3,
    "Manufacturer": "Siemens",
    "ManufacturersModelName": "TrioTim",
    "PhaseEncodingDirection": "j-",
    "PhaseEncodingLines": 64,
    "ProcedureStepDescription": "Research_KIRWAN",
    "ProtocolName": "EPI_Run1",
    "RepetitionTime": 2.5,
    "ScanningSequence": "EP",
    "SequenceName": "epfid2d1_64",
    "SequenceVariant": "SK",
    "SeriesDescription": "EPI_Run1",
    "SliceTiming": [
      0,
      1.2825,
      0.0575,
      1.3425,
      0.115,
      1.4,
      0.175,
      1.4575,
      0.2325,
      1.5175,
      0.2925,
      1.575,
      0.35,
      1.6325,
      0.4075,
      1.6925,
      0.4675,
      1.75,
      0.525,
      1.81,
      0.5825,
      1.8675,
      0.6425,
      1.925,
      0.7,
      1.985,
      0.7575,
      2.0425,
      0.8175,
      2.1,
      0.875,
      2.16,
      0.9325,
      2.2175,
      0.9925,
      2.275,
      1.05,
      2.335,
      1.1075,
      2.3925,
      1.1675,
      2.45,
      1.225
    ],
    "SoftwareVersions": "syngo_MR_B17",
    "TaskName": "knowfilt",
    "TotalReadoutTime": 0.0308698,
    "dataset": "ds001353",
    "modality": "bold",
    "run_id": 1,
    "subject_id": "8127",
    "task_id": "knowfilt"
  },
  "dummy_trs": 5,
  "dvars_nstd": 24.18986293512578,
  "dvars_std": 1.0608670810691831,
  "dvars_vstd": 0.9647806022327037,
  "efc": 0.5481267146668254,
  "fber": 691.2211303710938,
  "fd_mean": 0.10982586799541617,
  "fd_num": 26,
  "fd_perc": 8.150470219435737,
  "fwhm_avg": 1.861511111111111,
  "fwhm_x": 1.7405799999999998,
  "fwhm_y": 1.97874,
  "fwhm_z": 1.8652133333333334,
  "gcor": 0.0301555,
  "gsr_x": -0.00425767945125699,
  "gsr_y": 0.04065824672579765,
  "provenance": {
    "md5sum": "7cad2549d4af3858efa921335dd6f0a5",
    "settings": {
      "fd_thres": 0.2,
      "testing": false
    },
    "software": "mriqc",
    "version": "22.0.6",
    "webapi_port": null,
    "webapi_url": "https://mriqc.nimh.nih.gov/api/v1"
  },
  "size_t": 319,
  "size_x": 64,
  "size_y": 64,
  "size_z": 43,
  "snr": 5.939518153348533,
  "spacing_tr": 2.5,
  "spacing_x": 3.0,
  "spacing_y": 3.0,
  "spacing_z": 3.0,
  "summary_bg_k": 28.216359259771163,
  "summary_bg_mad": 10.559474373918205,
  "summary_bg_mean": 56.87675476074219,
  "summary_bg_median": 31.633228302001953,
  "summary_bg_n": 107737.0,
  "summary_bg_p05": 23.25015678405762,
  "summary_bg_p95": 169.0150482177734,
  "summary_bg_stdv": 72.04703521728516,
  "summary_fg_k": 1.3656965967524295,
  "summary_fg_mad": 130.7246319025212,
  "summary_fg_mean": 854.8155517578125,
  "summary_fg_median": 848.489013671875,
  "summary_fg_n": 32763.0,
  "summary_fg_p05": 631.8645690917969,
  "summary_fg_p95": 1087.1526855468746,
  "summary_fg_stdv": 142.85267639160156,
  "tsnr": 53.393530954374
}