{
  "aor": 0.0008381172839506173,
  "aqi": 0.01265680861111111,
  "bids_meta": {
    "AcquisitionNumber": 1,
    "AcquisitionTime": "15:16:47.707500",
    "BandwidthPerPixelPhaseEncode": 31.888,
    "ConversionSoftware": "dcm2niix",
    "ConversionSoftwareVersion": "v1.0.20170724 (OpenJPEG build) GCC6.1.0",
    "DeviceSerialNumber": "35002",
    "EchoTime": 0.028,
    "EffectiveEchoSpacing": 0.000489996,
    "FlipAngle": 90,
    "ImageType": [
      "ORIGINAL",
      "PRIMARY",
      "M",
      "ND",
      "MOSAIC"
    ],
    "InstitutionAddress": "University_Pkwy_1700_North_685_Provo_UT_US_84601",
    "InstitutionName": "Brigham_Young_University",
    "MagneticFieldStrength": 3,
    "Manufacturer": "Siemens",
    "ManufacturersModelName": "TrioTim",
    "PhaseEncodingDirection": "j-",
    "PhaseEncodingLines": 64,
    "ProcedureStepDescription": "Research_KIRWAN",
    "ProtocolName": "EPI_Run2",
    "RepetitionTime": 2.5,
    "ScanningSequence": "EP",
    "SequenceName": "epfid2d1_64",
    "SequenceVariant": "SK",
    "SeriesDescription": "EPI_Run2",
    "SliceTiming": [
      0,
      1.285,
      0.0575,
      1.3425,
      0.1175,
      1.4,
      0.175,
      1.46,
      0.2325,
      1.5175,
      0.2925,
      1.575,
      0.35,
      1.635,
      0.41,
      1.6925,
      0.4675,
      1.75,
      0.525,
      1.81,
      0.585,
      1.8675,
      0.6425,
      1.925,
      0.7,
      1.985,
      0.76,
      2.0425,
      0.8175,
      2.1025,
      0.875,
      2.16,
      0.935,
      2.2175,
      0.9925,
      2.2775,
      1.05,
      2.335,
      1.11,
      2.3925,
      1.1675,
      2.4525,
      1.225
    ],
    "SoftwareVersions": "syngo_MR_B17",
    "TaskName": "knowfilt",
    "TotalReadoutTime": 0.0308698,
    "dataset": "ds001353",
    "modality": "bold",
    "run_id": 2,
    "subject_id": "8127",
    "task_id": "knowfilt"
  },
  "dummy_trs": 0,
  "dvars_nstd": 23.17533158260062,
  "dvars_std": 1.019508931795666,
  "dvars_vstd": 0.943262713034056,
  "efc": 0.547320016829463,
  "fber": 702.8848266601562,
  "fd_mean": 0.10153627097599244,
  "fd_num": 22,
  "fd_perc": 6.790123456790123,
  "fwhm_avg": 1.8395322222222223,
  "fwhm_x": 1.7211033333333334,
  "fwhm_y": 1.9584366666666666,
  "fwhm_z": 1.8390566666666668,
  "gcor": 0.018539,
  "gsr_x": -0.003058853093534708,
  "gsr_y": 0.04037909954786301,
  "provenance": {
    "md5sum": "b214c7a1ab47e94eb65766c691808b77",
    "settings": {
      "fd_thres": 0.2,
      "testing": false
    },
    "software": "mriqc",
    "version": "22.0.6",
    "webapi_port": null,
    "webapi_url": "https://mriqc.nimh.nih.gov/api/v1"
  },
  "size_t": 324,
  "size_x": 64,
  "size_y": 64,
  "size_z": 43,
  "snr": 5.936167289518863,
  "spacing_tr": 2.5,
  "spacing_x": 3.0,
  "spacing_y": 3.0,
  "spacing_z": 3.0,
  "summary_bg_k": 27.187841545483547,
  "summary_bg_mad": 10.89529443170826,
  "summary_bg_mean": 56.9911003112793,
  "summary_bg_median": 31.589506149291992,
  "summary_bg_n": 107856.0,
  "summary_bg_p05": 22.63580322265625,
  "summary_bg_p95": 170.03163528442383,
  "summary_bg_stdv": 71.4036865234375,
  "summary_fg_k": 1.2732223719225493,
  "summary_fg_mad": 130.6108848939359,
  "summary_fg_mean": 857.5625,
  "summary_fg_median": 850.8148193359375,
  "summary_fg_n": 32657.0,
  "summary_fg_p05": 632.15185546875,
  "summary_fg_p95": 1091.2562011718749,
  "summary_fg_stdv": 143.32510375976562,
  "tsnr": 48.58154708635993
}