{
  "bids_meta": {
    "AcquisitionNumber": 1,
    "AcquisitionTime": "10:15:35.135000",
    "ConversionSoftware": "dcm2niix",
    "ConversionSoftwareVersion": "v1.0.20170724 (OpenJPEG build) GCC6.1.0",
    "DeviceSerialNumber": "35002",
    "EchoTime": 0.00226,
    "FlipAngle": 9,
    "ImageType": [
      "ORIGINAL",
      "PRIMARY",
      "M",
      "ND",
      "NORM"
    ],
    "InstitutionAddress": "University_Pkwy_1700_North_685_Provo_UT_US_84601",
    "InstitutionName": "Brigham_Young_University",
    "InversionTime": 0.9,
    "MagneticFieldStrength": 3,
    "Manufacturer": "Siemens",
    "ManufacturersModelName": "TrioTim",
    "PhaseEncodingDirection": "i-",
    "PhaseEncodingLines": 215,
    "ProcedureStepDescription": "Research_KIRWAN",
    "ProtocolName": "t1_mpr_sag_iso_mprage",
    "RepetitionTime": 1.9,
    "ScanningSequence": "GR_IR",
    "SequenceName": "_tfl3d1_ns",
    "SequenceVariant": "SP_MP_OSP",
    "SeriesDescription": "t1_mpr_sag_iso_mprage",
    "SoftwareVersions": "syngo_MR_B17",
    "dataset": "ds001353",
    "modality": "T1w",
    "run_id": 1,
    "subject_id": "8123"
  },
  "cjv": 0.35607125898300196,
  "cnr": 3.808951302963197,
  "efc": 0.5874052724817603,
  "fber": 30717.17451523546,
  "fwhm_avg": 4.570330186666666,
  "fwhm_x": 4.29998,
  "fwhm_y": 4.92664832,
  "fwhm_z": 4.48436224,
  "icvs_csf": 0.17955015874719643,
  "icvs_gm": 0.44217458930680253,
  "icvs_wm": 0.37827525194600103,
  "inu_med": 0.39920130372047424,
  "inu_range": 0.15916159600019453,
  "provenance": {
    "md5sum": "2221bd592357e40988ba1c226636eda7",
    "settings": {
      "testing": false
    },
    "software": "mriqc",
    "version": "22.0.6",
    "warnings": {
      "large_rot_frame": true,
      "small_air_mask": false
    },
    "webapi_port": null,
    "webapi_url": "https://mriqc.nimh.nih.gov/api/v1"
  },
  "qi_1": 0.0,
  "qi_2": 0.0071587285401629,
  "rpve_csf": 19.02968177420215,
  "rpve_gm": 8.679128619422295,
  "rpve_wm": 11.756557968073832,
  "size_x": 176,
  "size_y": 224,
  "size_z": 256,
  "snr_csf": 3.3634248812355905,
  "snr_gm": 14.797130554736267,
  "snr_total": 14.781055940588038,
  "snr_wm": 26.18261238579225,
  "snrd_csf": 31.55819839138678,
  "snrd_gm": 78.0823370203694,
  "snrd_total": 70.9809077616759,
  "snrd_wm": 103.3021878732715,
  "spacing_x": 1.0,
  "spacing_y": 0.9765625,
  "spacing_z": 0.9765625,
  "summary_bg_k": 7.053082012223875,
  "summary_bg_mad": 0.0,
  "summary_bg_mean": 3.597337762323403,
  "summary_bg_median": 0.0,
  "summary_bg_n": 2589605.0,
  "summary_bg_p05": 0.0,
  "summary_bg_p95": 16.944456987082958,
  "summary_bg_stdv": 6.342233890068082,
  "summary_csf_k": 2.6345860428477943,
  "summary_csf_mad": 68.86272713227378,
  "summary_csf_mean": 319.14666568417385,
  "summary_csf_median": 305.5080977752805,
  "summary_csf_n": 35246.0,
  "summary_csf_p05": 199.97460306622088,
  "summary_csf_p95": 498.40712036937475,
  "summary_csf_stdv": 90.83115413367557,
  "summary_gm_k": 0.05664394774530823,
  "summary_gm_mad": 50.17532702580186,
  "summary_gm_mean": 754.3103032129609,
  "summary_gm_median": 755.8982283174992,
  "summary_gm_n": 48446.0,
  "summary_gm_p05": 667.5746691450477,
  "summary_gm_p95": 836.8345582857728,
  "summary_gm_stdv": 51.08358164643633,
  "summary_wm_k": 0.4851693993257591,
  "summary_wm_mad": 36.75873207756562,
  "summary_wm_mean": 1001.246870009726,
  "summary_wm_median": 1000.0461535155773,
  "summary_wm_n": 292294.0,
  "summary_wm_p05": 940.9021496996284,
  "summary_wm_p95": 1065.7463232502341,
  "summary_wm_stdv": 38.19498330011501,
  "tpm_overlap_csf": 0.1798164621272652,
  "tpm_overlap_gm": 0.46628658406215234,
  "tpm_overlap_wm": 0.5228902486354129,
  "wm2max": 0.43391397507199286
}