{
  "bids_meta": {
    "AcquisitionNumber": 1,
    "AcquisitionTime": "16:51:26.775000",
    "ConversionSoftware": "dcm2niix",
    "ConversionSoftwareVersion": "v1.0.20170724 (OpenJPEG build) GCC6.1.0",
    "DeviceSerialNumber": "35002",
    "EchoTime": 0.00226,
    "FlipAngle": 9,
    "ImageType": [
      "ORIGINAL",
      "PRIMARY",
      "M",
      "ND",
      "NORM"
    ],
    "InstitutionAddress": "University_Pkwy_1700_North_685_Provo_UT_US_84601",
    "InstitutionName": "Brigham_Young_University",
    "InversionTime": 0.9,
    "MagneticFieldStrength": 3,
    "Manufacturer": "Siemens",
    "ManufacturersModelName": "TrioTim",
    "PhaseEncodingDirection": "i-",
    "PhaseEncodingLines": 215,
    "ProcedureStepDescription": "Research_KIRWAN",
    "ProtocolName": "t1_mpr_sag_iso_mprage",
    "RepetitionTime": 1.9,
    "ScanningSequence": "GR_IR",
    "SequenceName": "_tfl3d1_ns",
    "SequenceVariant": "SP_MP_OSP",
    "SeriesDescription": "t1_mpr_sag_iso_mprage",
    "SoftwareVersions": "syngo_MR_B17",
    "dataset": "ds001353",
    "modality": "T1w",
    "run_id": 1,
    "subject_id": "8116"
  },
  "cjv": 0.3495051221307501,
  "cnr": 3.9195819885899406,
  "efc": 0.5631494605378112,
  "fber": 23664.694456013698,
  "fwhm_avg": 4.641401893333334,
  "fwhm_x": 4.42167,
  "fwhm_y": 5.005803520000001,
  "fwhm_z": 4.49673216,
  "icvs_csf": 0.18923221826236242,
  "icvs_gm": 0.44215566453786315,
  "icvs_wm": 0.36861211719977444,
  "inu_med": 0.39356449246406555,
  "inu_range": 0.17035459876060483,
  "provenance": {
    "md5sum": "935ba96f194dd0c6021fcb275d3920cb",
    "settings": {
      "testing": false
    },
    "software": "mriqc",
    "version": "22.0.6",
    "warnings": {
      "large_rot_frame": true,
      "small_air_mask": false
    },
    "webapi_port": null,
    "webapi_url": "https://mriqc.nimh.nih.gov/api/v1"
  },
  "qi_1": 0.0,
  "qi_2": 0.015661704951926547,
  "rpve_csf": 20.199448115370554,
  "rpve_gm": 9.467738591887288,
  "rpve_wm": 13.160600890100364,
  "size_x": 176,
  "size_y": 224,
  "size_z": 256,
  "snr_csf": 2.734470621350765,
  "snr_gm": 14.009348497689118,
  "snr_total": 14.515482802660921,
  "snr_wm": 26.802629288942885,
  "snrd_csf": 31.37932790319365,
  "snrd_gm": 73.50730570828044,
  "snrd_total": 67.88537452805222,
  "snrd_wm": 98.76948997268259,
  "spacing_x": 1.0,
  "spacing_y": 0.9765625,
  "spacing_z": 0.9765625,
  "summary_bg_k": 5.836373115203534,
  "summary_bg_mad": 0.0,
  "summary_bg_mean": 4.629203850357195,
  "summary_bg_median": 0.0,
  "summary_bg_n": 3196083.0,
  "summary_bg_p05": 0.0,
  "summary_bg_p95": 18.223894212394953,
  "summary_bg_stdv": 6.633196958861691,
  "summary_csf_k": 0.37051219442744454,
  "summary_csf_mad": 102.54749109093608,
  "summary_csf_mean": 330.53725124088055,
  "summary_csf_median": 317.7128647081554,
  "summary_csf_n": 28300.0,
  "summary_csf_p05": 148.87346667088568,
  "summary_csf_p95": 539.0062228064984,
  "summary_csf_stdv": 116.18601746034865,
  "summary_gm_k": 0.008117817458923149,
  "summary_gm_mad": 52.989224020966965,
  "summary_gm_mean": 743.4407854374036,
  "summary_gm_median": 744.2548401802778,
  "summary_gm_n": 58358.0,
  "summary_gm_p05": 654.3245826736093,
  "summary_gm_p95": 829.2353980243206,
  "summary_gm_stdv": 53.125130240348355,
  "summary_wm_k": 0.2301429773013841,
  "summary_wm_mad": 36.406265424477304,
  "summary_wm_mean": 1001.373956355626,
  "summary_wm_median": 1000.0321772918105,
  "summary_wm_n": 254141.0,
  "summary_wm_p05": 942.3392494060099,
  "summary_wm_p95": 1064.988950137049,
  "summary_wm_stdv": 37.310899577577224,
  "tpm_overlap_csf": 0.16256450875103787,
  "tpm_overlap_gm": 0.46847240894061465,
  "tpm_overlap_wm": 0.5144879262388048,
  "wm2max": 0.5816788184707422
}