{
  "bids_meta": {
    "AcquisitionNumber": 1,
    "AcquisitionTime": "19:41:25.255000",
    "ConversionSoftware": "dcm2niix",
    "ConversionSoftwareVersion": "v1.0.20170724 (OpenJPEG build) GCC6.1.0",
    "DeviceSerialNumber": "35002",
    "EchoTime": 0.00226,
    "FlipAngle": 9,
    "ImageType": [
      "ORIGINAL",
      "PRIMARY",
      "M",
      "ND",
      "NORM"
    ],
    "InstitutionAddress": "University_Pkwy_1700_North_685_Provo_UT_US_84601",
    "InstitutionName": "Brigham_Young_University",
    "InversionTime": 0.9,
    "MagneticFieldStrength": 3,
    "Manufacturer": "Siemens",
    "ManufacturersModelName": "TrioTim",
    "PhaseEncodingDirection": "i-",
    "PhaseEncodingLines": 215,
    "ProcedureStepDescription": "Research_KIRWAN",
    "ProtocolName": "t1_mpr_sag_iso_mprage",
    "RepetitionTime": 1.9,
    "ScanningSequence": "GR_IR",
    "SequenceName": "_tfl3d1_ns",
    "SequenceVariant": "SP_MP_OSP",
    "SeriesDescription": "t1_mpr_sag_iso_mprage",
    "SoftwareVersions": "syngo_MR_B17",
    "dataset": "ds001353",
    "modality": "T1w",
    "run_id": 1,
    "subject_id": "8131"
  },
  "cjv": 0.3258146631682491,
  "cnr": 4.218977548119857,
  "efc": 0.5633057516856335,
  "fber": 15384.158976800554,
  "fwhm_avg": 4.5080334933333335,
  "fwhm_x": 4.18648,
  "fwhm_y": 4.92949504,
  "fwhm_z": 4.40812544,
  "icvs_csf": 0.13298825500027128,
  "icvs_gm": 0.4929147719681258,
  "icvs_wm": 0.37409697303160294,
  "inu_med": 0.44905421137809753,
  "inu_range": 0.1971001923084259,
  "provenance": {
    "md5sum": "6d7db42fd5a73b7560cb23f398e442e2",
    "settings": {
      "testing": false
    },
    "software": "mriqc",
    "version": "22.0.6",
    "warnings": {
      "large_rot_frame": true,
      "small_air_mask": false
    },
    "webapi_port": null,
    "webapi_url": "https://mriqc.nimh.nih.gov/api/v1"
  },
  "qi_1": 0.0,
  "qi_2": 0.01749737319191132,
  "rpve_csf": 28.33974253784128,
  "rpve_gm": 9.281883498326664,
  "rpve_wm": 13.273011950550362,
  "size_x": 176,
  "size_y": 224,
  "size_z": 256,
  "snr_csf": 2.577288601998081,
  "snr_gm": 14.764300557066969,
  "snr_total": 13.698949659413593,
  "snr_wm": 23.75525981917573,
  "snrd_csf": 24.278092674689535,
  "snrd_gm": 55.207133022470416,
  "snrd_total": 51.885723315269736,
  "snrd_wm": 76.17194424864927,
  "spacing_x": 1.0,
  "spacing_y": 0.9765625,
  "spacing_z": 0.9765625,
  "summary_bg_k": 7.8797561485176,
  "summary_bg_mad": 0.0,
  "summary_bg_mean": 5.423531971549424,
  "summary_bg_median": 0.0,
  "summary_bg_n": 2839060.0,
  "summary_bg_p05": 0.0,
  "summary_bg_p95": 22.088835686445236,
  "summary_bg_stdv": 8.600757286389966,
  "summary_csf_k": 11.083640097117737,
  "summary_csf_mad": 98.12821473823416,
  "summary_csf_mean": 326.85872012167687,
  "summary_csf_median": 318.72749319300056,
  "summary_csf_n": 13428.0,
  "summary_csf_p05": 126.41056509688497,
  "summary_csf_p95": 530.048022860661,
  "summary_csf_stdv": 123.66314921304517,
  "summary_gm_k": -0.09390937963372714,
  "summary_gm_mad": 49.98368858341129,
  "summary_gm_mean": 726.3902983263804,
  "summary_gm_median": 724.7699129581451,
  "summary_gm_n": 70016.0,
  "summary_gm_p05": 648.1392601691186,
  "summary_gm_p95": 808.7635109759867,
  "summary_gm_stdv": 49.088999129581644,
  "summary_wm_k": 0.5866448028690803,
  "summary_wm_mad": 39.69031176534381,
  "summary_wm_mean": 1001.8587996794545,
  "summary_wm_median": 1000.000006891787,
  "summary_wm_n": 212596.0,
  "summary_wm_p05": 936.2945242598653,
  "summary_wm_p95": 1074.1896832734346,
  "summary_wm_stdv": 42.09584162085679,
  "tpm_overlap_csf": 0.1475630017703215,
  "tpm_overlap_gm": 0.4707492988508876,
  "tpm_overlap_wm": 0.49509497664932495,
  "wm2max": 0.5017092193144445
}