{
  "bids_meta": {
    "AcquisitionNumber": 1,
    "AcquisitionTime": "11:26:14.342500",
    "ConversionSoftware": "dcm2niix",
    "ConversionSoftwareVersion": "v1.0.20170724 (OpenJPEG build) GCC6.1.0",
    "DeviceSerialNumber": "35002",
    "EchoTime": 0.00226,
    "FlipAngle": 9,
    "ImageType": [
      "ORIGINAL",
      "PRIMARY",
      "M",
      "ND",
      "NORM"
    ],
    "InstitutionAddress": "University_Pkwy_1700_North_685_Provo_UT_US_84601",
    "InstitutionName": "Brigham_Young_University",
    "InversionTime": 0.9,
    "MagneticFieldStrength": 3,
    "Manufacturer": "Siemens",
    "ManufacturersModelName": "TrioTim",
    "PhaseEncodingDirection": "i-",
    "PhaseEncodingLines": 215,
    "ProcedureStepDescription": "Research_KIRWAN",
    "ProtocolName": "t1_mpr_sag_iso_mprage",
    "RepetitionTime": 1.9,
    "ScanningSequence": "GR_IR",
    "SequenceName": "_tfl3d1_ns",
    "SequenceVariant": "SP_MP_OSP",
    "SeriesDescription": "t1_mpr_sag_iso_mprage",
    "SoftwareVersions": "syngo_MR_B17",
    "dataset": "ds001353",
    "modality": "T1w",
    "run_id": 1,
    "subject_id": "8118"
  },
  "cjv": 0.33871494990197265,
  "cnr": 4.084736646411759,
  "efc": 0.5472438756700647,
  "fber": -1.0,
  "fwhm_avg": 4.661879653333334,
  "fwhm_x": 4.47827,
  "fwhm_y": 4.864901120000001,
  "fwhm_z": 4.64246784,
  "icvs_csf": 0.16489216791668793,
  "icvs_gm": 0.4584022811197133,
  "icvs_wm": 0.3767055509635987,
  "inu_med": 0.37872815132141113,
  "inu_range": 0.14516230225563048,
  "provenance": {
    "md5sum": "f501b775282312f9a7a7a04029423a6c",
    "settings": {
      "testing": false
    },
    "software": "mriqc",
    "version": "22.0.6",
    "warnings": {
      "large_rot_frame": true,
      "small_air_mask": false
    },
    "webapi_port": null,
    "webapi_url": "https://mriqc.nimh.nih.gov/api/v1"
  },
  "qi_1": 0.0,
  "qi_2": 0.014550811367582083,
  "rpve_csf": 25.650492097011583,
  "rpve_gm": 10.370682906155988,
  "rpve_wm": 14.114015588548087,
  "size_x": 176,
  "size_y": 224,
  "size_z": 256,
  "snr_csf": 2.836378805714136,
  "snr_gm": 14.716736932362775,
  "snr_total": 14.69294547526448,
  "snr_wm": 26.525720687716525,
  "snrd_csf": 30.437182440638857,
  "snrd_gm": 68.15732151245903,
  "snrd_total": 63.51042342991875,
  "snrd_wm": 91.93676633665837,
  "spacing_x": 1.0,
  "spacing_y": 0.9765625,
  "spacing_z": 0.9765625,
  "summary_bg_k": 10.785880024716697,
  "summary_bg_mad": 0.0,
  "summary_bg_mean": 3.9314012970270777,
  "summary_bg_median": 0.0,
  "summary_bg_n": 3394020.0,
  "summary_bg_p05": 0.0,
  "summary_bg_p95": 17.829242914915085,
  "summary_bg_stdv": 7.126272809279789,
  "summary_csf_k": 0.9201328020751429,
  "summary_csf_mad": 91.76845453506067,
  "summary_csf_mean": 332.27765309800907,
  "summary_csf_median": 331.0816886648536,
  "summary_csf_n": 23891.0,
  "summary_csf_p05": 101.64506527781487,
  "summary_csf_p95": 524.9057778790593,
  "summary_csf_stdv": 116.72445123372005,
  "summary_gm_k": -0.03807045034897616,
  "summary_gm_mad": 51.57291765630359,
  "summary_gm_mean": 741.2139394307883,
  "summary_gm_median": 741.3840339928865,
  "summary_gm_n": 53066.0,
  "summary_gm_p05": 659.0386646538973,
  "summary_gm_p95": 823.1779834479094,
  "summary_gm_stdv": 50.37645585955724,
  "summary_wm_k": 0.5096786950408476,
  "summary_wm_mad": 36.03972713366525,
  "summary_wm_mean": 1002.2357179142726,
  "summary_wm_median": 1000.0459112301469,
  "summary_wm_n": 227181.0,
  "summary_wm_p05": 944.0767930075526,
  "summary_wm_p95": 1067.273185417056,
  "summary_wm_stdv": 37.7009063019162,
  "tpm_overlap_csf": 0.14386655047565047,
  "tpm_overlap_gm": 0.4801846773106162,
  "tpm_overlap_wm": 0.5190641189054231,
  "wm2max": 0.46359760281928764
}