{
  "aor": 0.0005730555555555556,
  "aqi": 0.007601973518518518,
  "bids_meta": {
    "AcquisitionNumber": 1,
    "AcquisitionTime": "21:16:30.070000",
    "BandwidthPerPixelPhaseEncode": 31.888,
    "ConversionSoftware": "dcm2niix",
    "ConversionSoftwareVersion": "v1.0.20170724 (OpenJPEG build) GCC6.1.0",
    "DeviceSerialNumber": "35002",
    "EchoTime": 0.028,
    "EffectiveEchoSpacing": 0.000489996,
    "FlipAngle": 90,
    "ImageType": [
      "ORIGINAL",
      "PRIMARY",
      "M",
      "ND",
      "MOSAIC"
    ],
    "InstitutionAddress": "University_Pkwy_1700_North_685_Provo_UT_US_84601",
    "InstitutionName": "Brigham_Young_University",
    "MagneticFieldStrength": 3,
    "Manufacturer": "Siemens",
    "ManufacturersModelName": "TrioTim",
    "PhaseEncodingDirection": "j-",
    "PhaseEncodingLines": 64,
    "ProcedureStepDescription": "Research_KIRWAN",
    "ProtocolName": "EPI_Run2",
    "RepetitionTime": 2.5,
    "ScanningSequence": "EP",
    "SequenceName": "epfid2d1_64",
    "SequenceVariant": "SK",
    "SeriesDescription": "EPI_Run2",
    "SliceTiming": [
      0,
      1.285,
      0.06,
      1.3425,
      0.1175,
      1.4025,
      0.175,
      1.46,
      0.235,
      1.5175,
      0.2925,
      1.5775,
      0.35,
      1.635,
      0.41,
      1.6925,
      0.4675,
      1.7525,
      0.5275,
      1.81,
      0.585,
      1.8675,
      0.6425,
      1.9275,
      0.7025,
      1.985,
      0.76,
      2.0425,
      0.8175,
      2.1025,
      0.8775,
      2.16,
      0.935,
      2.22,
      0.9925,
      2.2775,
      1.0525,
      2.335,
      1.11,
      2.395,
      1.1675,
      2.4525,
      1.2275
    ],
    "SoftwareVersions": "syngo_MR_B17",
    "TaskName": "knowfilt",
    "TotalReadoutTime": 0.0308698,
    "dataset": "ds001353",
    "modality": "bold",
    "run_id": 2,
    "subject_id": "8132",
    "task_id": "knowfilt"
  },
  "dummy_trs": 0,
  "dvars_nstd": 25.767189852693495,
  "dvars_std": 1.0970981428482967,
  "dvars_vstd": 0.9893825171207421,
  "efc": 0.6119084838624156,
  "fber": 456.8174133300781,
  "fd_mean": 0.07638063818323544,
  "fd_num": 18,
  "fd_perc": 5.555555555555555,
  "fwhm_avg": 1.8251434330477618,
  "fwhm_x": 1.7113366666666667,
  "fwhm_y": 1.9903468248452207,
  "fwhm_z": 1.773746807631398,
  "gcor": 0.0482448,
  "gsr_x": -0.008208280429244041,
  "gsr_y": 0.061145223677158356,
  "provenance": {
    "md5sum": "c5f9f8733c95e74f6b412e1b16dd2425",
    "settings": {
      "fd_thres": 0.2,
      "testing": false
    },
    "software": "mriqc",
    "version": "22.0.6",
    "webapi_port": null,
    "webapi_url": "https://mriqc.nimh.nih.gov/api/v1"
  },
  "size_t": 324,
  "size_x": 64,
  "size_y": 64,
  "size_z": 43,
  "snr": 5.939152765607648,
  "spacing_tr": 2.5,
  "spacing_x": 3.0,
  "spacing_y": 2.999999761581421,
  "spacing_z": 2.999999761581421,
  "summary_bg_k": 17.76435075448609,
  "summary_bg_mad": 15.173795519628346,
  "summary_bg_mean": 72.14433288574219,
  "summary_bg_median": 38.61111068725586,
  "summary_bg_n": 94740.0,
  "summary_bg_p05": 27.08024787902832,
  "summary_bg_p95": 231.17901611328125,
  "summary_bg_stdv": 87.00678253173828,
  "summary_fg_k": 1.0823602260407839,
  "summary_fg_mad": 133.22598020110104,
  "summary_fg_mean": 860.3584594726562,
  "summary_fg_median": 852.5802612304688,
  "summary_fg_n": 42758.0,
  "summary_fg_p05": 637.1353363037109,
  "summary_fg_p95": 1097.1614379882812,
  "summary_fg_stdv": 143.5508270263672,
  "tsnr": 55.93466038524639
}