{
  "aor": 0.00047743827160493836,
  "aqi": 0.006595550092592594,
  "bids_meta": {
    "AcquisitionMatrixPE": 64,
    "AcquisitionNumber": 1,
    "AcquisitionTime": "12:44:45.860000",
    "BandwidthPerPixelPhaseEncode": 31.888,
    "BaseResolution": 64,
    "ConversionSoftware": "dcm2niix",
    "ConversionSoftwareVersion": "v1.0.20180404 Clang8.0.0",
    "DerivedVendorReportedEchoSpacing": 0.000489996,
    "DeviceSerialNumber": "35002",
    "DwellTime": 2.7e-06,
    "EchoTime": 0.028,
    "EffectiveEchoSpacing": 0.000489996,
    "FlipAngle": 90,
    "ImageOrientationPatientDICOM": [
      1,
      -1e-16,
      0,
      1e-16,
      0.994338,
      -0.106264
    ],
    "ImageType": [
      "ORIGINAL",
      "PRIMARY",
      "M",
      "ND",
      "MOSAIC"
    ],
    "InPlanePhaseEncodingDirectionDICOM": "COL",
    "InstitutionAddress": "University_Pkwy_1700_North_685_Provo_UT_US_84601",
    "InstitutionName": "Brigham_Young_University",
    "InstitutionalDepartmentName": "MRI",
    "MRAcquisitionType": "2D",
    "MagneticFieldStrength": 3,
    "Manufacturer": "Siemens",
    "ManufacturersModelName": "TrioTim",
    "Modality": "MR",
    "PartialFourier": 1,
    "PatientPosition": "HFS",
    "PercentPhaseFOV": 100,
    "PhaseEncodingDirection": "j-",
    "PhaseEncodingSteps": 64,
    "PhaseResolution": 1,
    "PixelBandwidth": 2894,
    "ProcedureStepDescription": "Research_KIRWAN",
    "ProtocolName": "EPI_Run1",
    "PulseSequenceDetails": "%CustomerSeq%_ep2d_bold_PMU",
    "ReceiveCoilName": "HeadMatrix",
    "ReconMatrixPE": 64,
    "RepetitionTime": 2.5,
    "SAR": 0.175691,
    "ScanOptions": "FS",
    "ScanningSequence": "EP",
    "SequenceName": "epfid2d1_64",
    "SequenceVariant": "SK",
    "SeriesDescription": "EPI_Run1",
    "SeriesNumber": 3,
    "ShimSetting": [
      -2817,
      -22881,
      2301,
      553,
      -64,
      438,
      -424,
      258
    ],
    "SliceThickness": 3,
    "SliceTiming": [
      0,
      1.285,
      0.0575,
      1.3425,
      0.1175,
      1.4,
      0.175,
      1.46,
      0.2325,
      1.5175,
      0.2925,
      1.575,
      0.35,
      1.635,
      0.4075,
      1.6925,
      0.4675,
      1.75,
      0.525,
      1.81,
      0.5825,
      1.8675,
      0.6425,
      1.925,
      0.7,
      1.985,
      0.7575,
      2.0425,
      0.8175,
      2.1,
      0.875,
      2.16,
      0.9325,
      2.2175,
      0.9925,
      2.275,
      1.05,
      2.335,
      1.1075,
      2.3925,
      1.1675,
      2.45,
      1.225
    ],
    "SoftwareVersions": "syngo_MR_B17",
    "SpacingBetweenSlices": 3,
    "StationName": "MININT-E41B04",
    "TaskName": "knowfilt",
    "TotalReadoutTime": 0.0308698,
    "TxRefAmp": 325.565,
    "dataset": "ds001353",
    "modality": "bold",
    "run_id": 1,
    "subject_id": "8119",
    "task_id": "knowfilt"
  },
  "dummy_trs": 0,
  "dvars_nstd": 28.277329205820426,
  "dvars_std": 1.1538814301547986,
  "dvars_vstd": 0.9908250331578957,
  "efc": 0.6172510871158063,
  "fber": 450.8396911621094,
  "fd_mean": 0.05841260687361532,
  "fd_num": 9,
  "fd_perc": 2.7777777777777777,
  "fwhm_avg": 1.8976412149819704,
  "fwhm_x": 1.77193,
  "fwhm_y": 2.068520164391213,
  "fwhm_z": 1.8524734805546983,
  "gcor": 0.0450304,
  "gsr_x": -0.008508587256073952,
  "gsr_y": 0.07357056438922882,
  "provenance": {
    "md5sum": "837c1055be57e74051042d764e640623",
    "settings": {
      "fd_thres": 0.2,
      "testing": false
    },
    "software": "mriqc",
    "version": "22.0.6",
    "webapi_port": null,
    "webapi_url": "https://mriqc.nimh.nih.gov/api/v1"
  },
  "size_t": 324,
  "size_x": 64,
  "size_y": 64,
  "size_z": 43,
  "snr": 5.228493701629803,
  "spacing_tr": 2.5,
  "spacing_x": 3.0,
  "spacing_y": 2.999999761581421,
  "spacing_z": 2.999999761581421,
  "summary_bg_k": 16.042349990448702,
  "summary_bg_mad": 13.906261792345555,
  "summary_bg_mean": 74.40690612792969,
  "summary_bg_median": 36.12345886230469,
  "summary_bg_n": 94390.0,
  "summary_bg_p05": 25.990741729736328,
  "summary_bg_p95": 261.6257720947266,
  "summary_bg_stdv": 93.73529815673828,
  "summary_fg_k": 1.3166204479552563,
  "summary_fg_mad": 136.29877826834922,
  "summary_fg_mean": 811.0911254882812,
  "summary_fg_median": 793.456787109375,
  "summary_fg_n": 42510.0,
  "summary_fg_p05": 590.7055541992188,
  "summary_fg_p95": 1067.7320800781238,
  "summary_fg_stdv": 151.75450134277344,
  "tsnr": 56.27009473973885
}