{
  "aor": 0.0008921296296296295,
  "aqi": 0.006964269691358025,
  "bids_meta": {
    "AcquisitionMatrixPE": 64,
    "AcquisitionNumber": 1,
    "AcquisitionTime": "12:58:51.547500",
    "BandwidthPerPixelPhaseEncode": 31.888,
    "BaseResolution": 64,
    "ConversionSoftware": "dcm2niix",
    "ConversionSoftwareVersion": "v1.0.20180404 Clang8.0.0",
    "DerivedVendorReportedEchoSpacing": 0.000489996,
    "DeviceSerialNumber": "35002",
    "DwellTime": 2.7e-06,
    "EchoTime": 0.028,
    "EffectiveEchoSpacing": 0.000489996,
    "FlipAngle": 90,
    "ImageOrientationPatientDICOM": [
      1,
      -1e-16,
      0,
      1e-16,
      0.994338,
      -0.106264
    ],
    "ImageType": [
      "ORIGINAL",
      "PRIMARY",
      "M",
      "ND",
      "MOSAIC"
    ],
    "InPlanePhaseEncodingDirectionDICOM": "COL",
    "InstitutionAddress": "University_Pkwy_1700_North_685_Provo_UT_US_84601",
    "InstitutionName": "Brigham_Young_University",
    "InstitutionalDepartmentName": "MRI",
    "MRAcquisitionType": "2D",
    "MagneticFieldStrength": 3,
    "Manufacturer": "Siemens",
    "ManufacturersModelName": "TrioTim",
    "Modality": "MR",
    "PartialFourier": 1,
    "PatientPosition": "HFS",
    "PercentPhaseFOV": 100,
    "PhaseEncodingDirection": "j-",
    "PhaseEncodingSteps": 64,
    "PhaseResolution": 1,
    "PixelBandwidth": 2894,
    "ProcedureStepDescription": "Research_KIRWAN",
    "ProtocolName": "EPI_Run2",
    "PulseSequenceDetails": "%CustomerSeq%_ep2d_bold_PMU",
    "ReceiveCoilName": "HeadMatrix",
    "ReconMatrixPE": 64,
    "RepetitionTime": 2.5,
    "SAR": 0.175691,
    "ScanOptions": "FS",
    "ScanningSequence": "EP",
    "SequenceName": "epfid2d1_64",
    "SequenceVariant": "SK",
    "SeriesDescription": "EPI_Run2",
    "SeriesNumber": 4,
    "ShimSetting": [
      -2817,
      -22881,
      2301,
      553,
      -64,
      438,
      -424,
      258
    ],
    "SliceThickness": 3,
    "SliceTiming": [
      0,
      1.285,
      0.0575,
      1.3425,
      0.1175,
      1.4,
      0.175,
      1.46,
      0.2325,
      1.5175,
      0.2925,
      1.575,
      0.35,
      1.635,
      0.4075,
      1.6925,
      0.4675,
      1.75,
      0.525,
      1.81,
      0.585,
      1.8675,
      0.6425,
      1.925,
      0.7,
      1.985,
      0.76,
      2.0425,
      0.8175,
      2.1,
      0.875,
      2.16,
      0.935,
      2.2175,
      0.9925,
      2.2775,
      1.05,
      2.335,
      1.11,
      2.3925,
      1.1675,
      2.4525,
      1.225
    ],
    "SoftwareVersions": "syngo_MR_B17",
    "SpacingBetweenSlices": 3,
    "StationName": "MININT-E41B04",
    "TaskName": "knowfilt",
    "TotalReadoutTime": 0.0308698,
    "TxRefAmp": 325.565,
    "dataset": "ds001353",
    "modality": "bold",
    "run_id": 2,
    "subject_id": "8119",
    "task_id": "knowfilt"
  },
  "dummy_trs": 0,
  "dvars_nstd": 28.61126824145512,
  "dvars_std": 1.1598429508359145,
  "dvars_vstd": 0.9952596842105257,
  "efc": 0.6177661697050953,
  "fber": 446.5549621582031,
  "fd_mean": 0.07267078423376798,
  "fd_num": 12,
  "fd_perc": 3.7037037037037037,
  "fwhm_avg": 1.8812334362005387,
  "fwhm_x": 1.7605933333333335,
  "fwhm_y": 2.068633497733553,
  "fwhm_z": 1.8144734775347293,
  "gcor": 0.0376461,
  "gsr_x": -0.008852921426296234,
  "gsr_y": 0.07560165971517563,
  "provenance": {
    "md5sum": "00ae1c5597c22cd6b8013fba72e1b9ce",
    "settings": {
      "fd_thres": 0.2,
      "testing": false
    },
    "software": "mriqc",
    "version": "22.0.6",
    "webapi_port": null,
    "webapi_url": "https://mriqc.nimh.nih.gov/api/v1"
  },
  "size_t": 324,
  "size_x": 64,
  "size_y": 64,
  "size_z": 43,
  "snr": 5.268960318908521,
  "spacing_tr": 2.5,
  "spacing_x": 3.0,
  "spacing_y": 2.999999761581421,
  "spacing_z": 2.999999761581421,
  "summary_bg_k": 16.304433054106976,
  "summary_bg_mad": 14.729929377310965,
  "summary_bg_mean": 75.92203521728516,
  "summary_bg_median": 36.52469253540039,
  "summary_bg_n": 94519.0,
  "summary_bg_p05": 25.505863571166994,
  "summary_bg_p95": 268.8293151855464,
  "summary_bg_stdv": 96.28148651123047,
  "summary_fg_k": 1.3627586642380454,
  "summary_fg_mad": 135.44300622364662,
  "summary_fg_mean": 814.2017211914062,
  "summary_fg_median": 796.947509765625,
  "summary_fg_n": 42470.0,
  "summary_fg_p05": 594.7101745605469,
  "summary_fg_p95": 1068.5518493652341,
  "summary_fg_stdv": 151.25149536132812,
  "tsnr": 55.71539841371123
}