{
  "bids_meta": {
    "AcquisitionNumber": 1,
    "AcquisitionTime": "14:56:54.335000",
    "ConversionSoftware": "dcm2niix",
    "ConversionSoftwareVersion": "v1.0.20170724 (OpenJPEG build) GCC6.1.0",
    "DeviceSerialNumber": "35002",
    "EchoTime": 0.00226,
    "FlipAngle": 9,
    "ImageType": [
      "ORIGINAL",
      "PRIMARY",
      "M",
      "ND",
      "NORM"
    ],
    "InstitutionAddress": "University_Pkwy_1700_North_685_Provo_UT_US_84601",
    "InstitutionName": "Brigham_Young_University",
    "InversionTime": 0.9,
    "MagneticFieldStrength": 3,
    "Manufacturer": "Siemens",
    "ManufacturersModelName": "TrioTim",
    "PhaseEncodingDirection": "i-",
    "PhaseEncodingLines": 215,
    "ProcedureStepDescription": "Research_KIRWAN",
    "ProtocolName": "t1_mpr_sag_iso_mprage",
    "RepetitionTime": 1.9,
    "ScanningSequence": "GR_IR",
    "SequenceName": "_tfl3d1_ns",
    "SequenceVariant": "SP_MP_OSP",
    "SeriesDescription": "t1_mpr_sag_iso_mprage",
    "SoftwareVersions": "syngo_MR_B17",
    "dataset": "ds001353",
    "modality": "T1w",
    "run_id": 1,
    "subject_id": "8121"
  },
  "cjv": 0.331365529958644,
  "cnr": 4.145233521008956,
  "efc": 0.6129479516902843,
  "fber": 15099.76937747567,
  "fwhm_avg": 4.9406528,
  "fwhm_x": 4.56368,
  "fwhm_y": 5.494015999999999,
  "fwhm_z": 4.7642624,
  "icvs_csf": 0.2257644490456984,
  "icvs_gm": 0.4172956468962713,
  "icvs_wm": 0.35693990405803033,
  "inu_med": 0.4820061922073364,
  "inu_range": 0.2290141969919205,
  "provenance": {
    "md5sum": "22450a71d021977d8db45c4bbc8b221c",
    "settings": {
      "testing": false
    },
    "software": "mriqc",
    "version": "22.0.6",
    "warnings": {
      "large_rot_frame": true,
      "small_air_mask": false
    },
    "webapi_port": null,
    "webapi_url": "https://mriqc.nimh.nih.gov/api/v1"
  },
  "qi_1": 0.0,
  "qi_2": 0.005752680363684639,
  "rpve_csf": 16.24545905545751,
  "rpve_gm": 8.902020804036207,
  "rpve_wm": 12.17840000780056,
  "size_x": 176,
  "size_y": 224,
  "size_z": 256,
  "snr_csf": 3.15622956783197,
  "snr_gm": 13.693721139664886,
  "snr_total": 14.518383624429921,
  "snr_wm": 26.705200165792906,
  "snrd_csf": 26.4194602228781,
  "snrd_gm": 67.18470631265139,
  "snrd_total": 61.934952838356594,
  "snrd_wm": 92.20069197954028,
  "spacing_x": 1.0,
  "spacing_y": 0.9765625,
  "spacing_z": 0.9765625,
  "summary_bg_k": 8.361240585761395,
  "summary_bg_mad": 0.0,
  "summary_bg_mean": 3.7904856232033857,
  "summary_bg_median": 0.0,
  "summary_bg_n": 2100542.0,
  "summary_bg_p05": 0.0,
  "summary_bg_p95": 19.00765299797058,
  "summary_bg_stdv": 7.1058400880681,
  "summary_csf_k": 1.2212190882397334,
  "summary_csf_mad": 79.17459627138926,
  "summary_csf_mean": 298.3549294761463,
  "summary_csf_median": 286.5547686815262,
  "summary_csf_n": 62110.0,
  "summary_csf_p05": 174.4013875722885,
  "summary_csf_p95": 468.05522665381415,
  "summary_csf_stdv": 90.78948653164323,
  "summary_gm_k": 0.08866704498777711,
  "summary_gm_mad": 53.31170812110494,
  "summary_gm_mean": 728.4486767198509,
  "summary_gm_median": 728.7089824676514,
  "summary_gm_n": 39735.0,
  "summary_gm_p05": 640.8294439315796,
  "summary_gm_p95": 814.8605525493622,
  "summary_gm_stdv": 53.21415598921987,
  "summary_wm_k": 0.210896736105457,
  "summary_wm_mad": 36.59842662776083,
  "summary_wm_mean": 1000.9574517759643,
  "summary_wm_median": 1000.0411719083786,
  "summary_wm_n": 266734.0,
  "summary_wm_p05": 941.0845339298248,
  "summary_wm_p95": 1063.8937205076218,
  "summary_wm_stdv": 37.44736197797638,
  "tpm_overlap_csf": 0.17555868236777197,
  "tpm_overlap_gm": 0.4649048790832327,
  "tpm_overlap_wm": 0.5146159582350646,
  "wm2max": 0.49242603001634033
}