{
  "bids_meta": {
    "AcquisitionNumber": 1,
    "AcquisitionTime": "18:14:12.185000",
    "ConversionSoftware": "dcm2niix",
    "ConversionSoftwareVersion": "v1.0.20170724 (OpenJPEG build) GCC6.1.0",
    "DeviceSerialNumber": "35002",
    "EchoTime": 0.00226,
    "FlipAngle": 9,
    "ImageType": [
      "ORIGINAL",
      "PRIMARY",
      "M",
      "ND",
      "NORM"
    ],
    "InstitutionAddress": "University_Pkwy_1700_North_685_Provo_UT_US_84601",
    "InstitutionName": "Brigham_Young_University",
    "InversionTime": 0.9,
    "MagneticFieldStrength": 3,
    "Manufacturer": "Siemens",
    "ManufacturersModelName": "TrioTim",
    "PhaseEncodingDirection": "i-",
    "PhaseEncodingLines": 215,
    "ProcedureStepDescription": "Research_KIRWAN",
    "ProtocolName": "t1_mpr_sag_iso_mprage",
    "RepetitionTime": 1.9,
    "ScanningSequence": "GR_IR",
    "SequenceName": "_tfl3d1_ns",
    "SequenceVariant": "SP_MP_OSP",
    "SeriesDescription": "t1_mpr_sag_iso_mprage",
    "SoftwareVersions": "syngo_MR_B17",
    "dataset": "ds001353",
    "modality": "T1w",
    "run_id": 1,
    "subject_id": "8134"
  },
  "cjv": 0.3219677533881744,
  "cnr": 4.235953708640508,
  "efc": 0.5714022689878893,
  "fber": 13583.673971549406,
  "fwhm_avg": 4.598592319999999,
  "fwhm_x": 4.27484,
  "fwhm_y": 4.99908608,
  "fwhm_z": 4.52185088,
  "icvs_csf": 0.19464158306895127,
  "icvs_gm": 0.45030470313626525,
  "icvs_wm": 0.35505371379478345,
  "inu_med": 0.42431962490081787,
  "inu_range": 0.18259100466966627,
  "provenance": {
    "md5sum": "de4b8a149afed16e136e4880b809f43a",
    "settings": {
      "testing": false
    },
    "software": "mriqc",
    "version": "22.0.6",
    "warnings": {
      "large_rot_frame": true,
      "small_air_mask": false
    },
    "webapi_port": null,
    "webapi_url": "https://mriqc.nimh.nih.gov/api/v1"
  },
  "qi_1": 0.0,
  "qi_2": 0.008222321676215913,
  "rpve_csf": 18.336140837627163,
  "rpve_gm": 8.672408476221515,
  "rpve_wm": 12.586034432404125,
  "size_x": 176,
  "size_y": 224,
  "size_z": 256,
  "snr_csf": 3.521808004866203,
  "snr_gm": 14.177167503650697,
  "snr_total": 15.551261297844135,
  "snr_wm": 28.95480838501551,
  "snrd_csf": 27.95728819922367,
  "snrd_gm": 67.31677920169113,
  "snrd_total": 62.30734407885697,
  "snrd_wm": 91.64796483565611,
  "spacing_x": 1.0,
  "spacing_y": 0.9765625,
  "spacing_z": 0.9765625,
  "summary_bg_k": 4.172159143966587,
  "summary_bg_mad": 0.0,
  "summary_bg_mean": 4.7621964547339735,
  "summary_bg_median": 0.0,
  "summary_bg_n": 2393148.0,
  "summary_bg_p05": 0.0,
  "summary_bg_p95": 18.946508586406708,
  "summary_bg_stdv": 7.148692779942035,
  "summary_csf_k": 2.278557390529423,
  "summary_csf_mad": 64.1714306097641,
  "summary_csf_mean": 315.17707552629395,
  "summary_csf_median": 305.06328803673387,
  "summary_csf_n": 39867.0,
  "summary_csf_p05": 201.23723764307798,
  "summary_csf_p95": 479.3834169294682,
  "summary_csf_stdv": 86.62012851882834,
  "summary_gm_k": 0.030614804531907236,
  "summary_gm_mad": 51.57930082973492,
  "summary_gm_mean": 733.7402052661589,
  "summary_gm_median": 734.544704657048,
  "summary_gm_n": 52322.0,
  "summary_gm_p05": 647.3683070136234,
  "summary_gm_p95": 817.313180744648,
  "summary_gm_stdv": 51.81131456415281,
  "summary_wm_k": 0.23580730774623415,
  "summary_wm_mad": 33.901887869309334,
  "summary_wm_mean": 1000.7337773721991,
  "summary_wm_median": 1000.0408228226006,
  "summary_wm_n": 255222.0,
  "summary_wm_p05": 945.4062786661088,
  "summary_wm_p95": 1058.4320023022592,
  "summary_wm_stdv": 34.537920277845,
  "tpm_overlap_csf": 0.15829571036063106,
  "tpm_overlap_gm": 0.4582624592886695,
  "tpm_overlap_wm": 0.4969710371246051,
  "wm2max": 0.4889816068064069
}