{
  "aor": 0.0003245061728395062,
  "aqi": 0.005287518981481482,
  "bids_meta": {
    "AcquisitionNumber": 1,
    "AcquisitionTime": "20:06:31.972500",
    "BandwidthPerPixelPhaseEncode": 31.888,
    "ConversionSoftware": "dcm2niix",
    "ConversionSoftwareVersion": "v1.0.20170724 (OpenJPEG build) GCC6.1.0",
    "DeviceSerialNumber": "35002",
    "EchoTime": 0.028,
    "EffectiveEchoSpacing": 0.000489996,
    "FlipAngle": 90,
    "ImageType": [
      "ORIGINAL",
      "PRIMARY",
      "M",
      "ND",
      "MOSAIC"
    ],
    "InstitutionAddress": "University_Pkwy_1700_North_685_Provo_UT_US_84601",
    "InstitutionName": "Brigham_Young_University",
    "MagneticFieldStrength": 3,
    "Manufacturer": "Siemens",
    "ManufacturersModelName": "TrioTim",
    "PhaseEncodingDirection": "j-",
    "PhaseEncodingLines": 64,
    "ProcedureStepDescription": "Research_KIRWAN",
    "ProtocolName": "EPI_Run2",
    "RepetitionTime": 2.5,
    "ScanningSequence": "EP",
    "SequenceName": "epfid2d1_64",
    "SequenceVariant": "SK",
    "SeriesDescription": "EPI_Run2",
    "SliceTiming": [
      0,
      1.285,
      0.0575,
      1.3425,
      0.1175,
      1.4,
      0.175,
      1.46,
      0.2325,
      1.5175,
      0.2925,
      1.575,
      0.35,
      1.635,
      0.4075,
      1.6925,
      0.4675,
      1.75,
      0.525,
      1.81,
      0.585,
      1.8675,
      0.6425,
      1.925,
      0.7,
      1.985,
      0.76,
      2.0425,
      0.8175,
      2.1025,
      0.875,
      2.16,
      0.935,
      2.2175,
      0.9925,
      2.2775,
      1.05,
      2.335,
      1.11,
      2.3925,
      1.1675,
      2.4525,
      1.225
    ],
    "SoftwareVersions": "syngo_MR_B17",
    "TaskName": "knowfilt",
    "TotalReadoutTime": 0.0308698,
    "dataset": "ds001353",
    "modality": "bold",
    "run_id": 2,
    "subject_id": "8131",
    "task_id": "knowfilt"
  },
  "dummy_trs": 0,
  "dvars_nstd": 24.174428520402476,
  "dvars_std": 1.1083913200309599,
  "dvars_vstd": 0.9987391299071204,
  "efc": 0.6012653701263718,
  "fber": 552.0889282226562,
  "fd_mean": 0.06856713771776489,
  "fd_num": 5,
  "fd_perc": 1.5432098765432098,
  "fwhm_avg": 1.916171111111111,
  "fwhm_x": 1.7693433333333333,
  "fwhm_y": 2.102883333333333,
  "fwhm_z": 1.8762866666666669,
  "gcor": 0.085894,
  "gsr_x": -0.009367008693516254,
  "gsr_y": 0.07012711465358734,
  "provenance": {
    "md5sum": "7396ff15265175c1ee326eff153c5a38",
    "settings": {
      "fd_thres": 0.2,
      "testing": false
    },
    "software": "mriqc",
    "version": "22.0.6",
    "webapi_port": null,
    "webapi_url": "https://mriqc.nimh.nih.gov/api/v1"
  },
  "size_t": 324,
  "size_x": 64,
  "size_y": 64,
  "size_z": 43,
  "snr": 5.452115468870464,
  "spacing_tr": 2.5,
  "spacing_x": 3.0,
  "spacing_y": 3.0,
  "spacing_z": 3.0,
  "summary_bg_k": 18.5180654107311,
  "summary_bg_mad": 12.904129268243851,
  "summary_bg_mean": 74.49716186523438,
  "summary_bg_median": 36.0,
  "summary_bg_n": 97929.0,
  "summary_bg_p05": 26.592592239379883,
  "summary_bg_p95": 266.82345581054653,
  "summary_bg_stdv": 92.6791763305664,
  "summary_fg_k": 0.9583041486567008,
  "summary_fg_mad": 149.83888011489975,
  "summary_fg_mean": 874.5437622070312,
  "summary_fg_median": 867.4969482421875,
  "summary_fg_n": 40276.0,
  "summary_fg_p05": 626.6882781982422,
  "summary_fg_p95": 1135.4768371582031,
  "summary_fg_stdv": 159.11001586914062,
  "tsnr": 59.23935030819848
}